{
  "AcquisitionMatrixPE": 72,
  "AcquisitionNumber": 1,
  "AcquisitionTime": "18:11:10.252500",
  "BodyPartExamined": "BRAIN",
  "ConversionSoftware": "dcm2niix",
  "ConversionSoftwareVersion": "v1.0.20220720",
  "DeviceSerialNumber": "67041",
  "EchoNumber": 2,
  "EchoTime": 0.00738,
  "EchoTime1": 0.00492,
  "EchoTime2": 0.00738,
  "FlipAngle": 60,
  "HeudiconvVersion": "1.1.6",
  "ImageOrientationPatientDICOM": [1, 7.8e-14, -1.086e-12, 0, 0.997441, 0.0714974],
  "ImageType": [
    "ORIGINAL",
    "PRIMARY",
    "P",
    "ND",
    "PHASE"
],
  "ImagingFrequency": 123.262,
  "InPlanePhaseEncodingDirectionDICOM": "ROW",
  "MRAcquisitionType": "2D",
  "MagneticFieldStrength": 3,
  "Manufacturer": "Siemens",
  "ManufacturersModelName": "Prisma_fit",
  "Modality": "MR",
  "NonlinearGradientCorrection": false,
  "PatientPosition": "HFS",
  "PercentPhaseFOV": 100,
  "PercentSampling": 100,
  "PhaseEncodingAxis": "i",
  "PhaseEncodingSteps": 72,
  "PixelBandwidth": 290,
  "ProcedureStepDescription": "MRI BRAIN WITHOUT IV CONTRAST",
  "ProtocolName": "gre_fm_bold",
  "ReconMatrixPE": 72,
  "RepetitionTime": 0.444,
  "SAR": 0.148724,
  "ScanningSequence": "GR",
  "SequenceName": "*fm2d2r",
  "SequenceVariant": "SP",
  "SeriesDescription": "gre_fm_bold",
  "SeriesNumber": 5,
  "SliceThickness": 3,
  "SliceTiming": [0.21875, 0, 0.23438, 0.01562, 0.25, 0.01562, 0.25, 0.03125, 0.26562, 0.04688, 0.28125, 0.0625, 0.29688, 0.0625, 0.29688, 0.07812, 0.3125, 0.09375, 0.32812, 0.10938, 0.34375, 0.10938, 0.34375, 0.125, 0.35938, 0.14062, 0.375, 0.15625, 0.39062, 0.15625, 0.39062, 0.17188, 0.40625, 0.1875, 0.42188, 0.20312, 0.4375, 0.20312],
  "SoftwareVersions": "syngo MR E11",
  "SpacingBetweenSlices": 3,
  "dcmmeta_affine": [
    [-3.0, 0.0, 0.0, 108.75994110107422],
    [-2.339999938608117e-13, 2.9923224449157715, 0.2144908905029297, -87.95886993408203],
    [-3.2579999895837597e-12, -0.2144923359155655, 2.9923171997070312, -6.833199501037598],
    [0.0, 0.0, 0.0, 1.0]
],
  "dcmmeta_reorient_transform": [
    [0.0, -1.0, 0.0, 71.0],
    [1.0, 0.0, 0.0, 0.0],
    [0.0, 0.0, -1.0, 37.0],
    [0.0, 0.0, 0.0, 1.0]
],
  "dcmmeta_shape": [72, 72, 38],
  "dcmmeta_slice_dim": 2,
  "dcmmeta_version": 0.6,
  "global": {
    "const": {
      "AccessionNumber": "b731306e",
      "AcquisitionMatrix": [0, 72, 72, 0],
      "AcquisitionNumber": 1,
      "AngioFlag": "N",
      "BitsAllocated": 16,
      "BitsStored": 12,
      "BodyPartExamined": "BRAIN",
      "Columns": 72,
      "CountryOfResidence": "United States of America [1]",
      "EchoNumbers": 2,
      "EchoTime": 7.38,
      "EchoTrainLength": 0,
      "FlipAngle": 60.0,
      "HighBit": 11,
      "ImageOrientationPatient": [1.0, 7.8e-14, -1.086e-12, 0.0, 0.99744078287459, 0.07149744511881],
      "ImageType": [
        "ORIGINAL",
        "PRIMARY",
        "P",
        "ND"
],
      "ImagedNucleus": "1H",
      "ImagingFrequency": 123.261746,
      "InPlanePhaseEncodingDirection": "ROW",
      "MRAcquisitionType": "2D",
      "MagneticFieldStrength": 3.0,
      "Manufacturer": "SIEMENS",
      "ManufacturerModelName": "Prisma_fit",
      "Modality": "MR",
      "NumberOfAverages": 1.0,
      "NumberOfPhaseEncodingSteps": 72,
      "PercentPhaseFieldOfView": 100.0,
      "PercentSampling": 100.0,
      "PerformedProcedureStepStartTime": "175936.192000",
      "PhotometricInterpretation": "MONOCHROME2",
      "PixelBandwidth": 290.0,
      "PixelRepresentation": 0,
      "PixelSpacing": [3.0, 3.0],
      "PregnancyStatus": 4,
      "ProcedureCodeSequence": [
        {
          "CodeMeaning": "MRI BRAIN WITHOUT IV CONTRAST",
          "CodeValue": "IMG269",
          "CodingSchemeDesignator": "L"
        }
],
      "ProtocolName": "gre_fm_bold",
      "RepetitionTime": 444.0,
      "RequestAttributesSequence": [
        {
          "ScheduledProcedureStepDescription": "MRI BRAIN WITHOUT IV CONTRAST",
          "ScheduledProcedureStepID": "E19964796",
          "ScheduledProtocolCodeSequence": [
            {
              "CodeMeaning": "MRI BRAIN WITHOUT IV CONTRAST",
              "CodeValue": "651061",
              "CodingSchemeDesignator": "L"
            }
]
        }
],
      "RequestedProcedureCodeSequence": [
        {
          "CodeMeaning": "MRI BRAIN WITHOUT IV CONTRAST",
          "CodeValue": "IMG269",
          "CodingSchemeDesignator": "L"
        }
],
      "RescaleIntercept": -4096.0,
      "RescaleSlope": 2.0,
      "RescaleType": "US",
      "RetrieveAETitle": "EVEN",
      "Rows": 72,
      "SAR": 0.148724351243,
      "SamplesPerPixel": 1,
      "ScanningSequence": "GR",
      "SequenceName": "*fm2d2r",
      "SequenceVariant": "SP",
      "SeriesDescription": "gre_fm_bold",
      "SeriesNumber": 5,
      "SeriesTime": "181214.187000",
      "SliceThickness": 3.0,
      "SmokingStatus": "UNKNOWN",
      "SoftwareVersions": "syngo MR E11",
      "SpacingBetweenSlices": 3.0,
      "SpecificCharacterSet": "ISO_IR 100",
      "StudyID": "4ca2c2b6",
      "StudyTime": "175936.031000",
      "TransmitCoilName": "Body",
      "VariableFlipAngleFlag": "N",
      "WindowCenter": -32.0,
      "WindowWidth": 5208.0,
      "dBdt": 0.0},
    "slices": {
      "AcquisitionTime": ["181110.252500", "181110.030000", "181110.262500", "181110.042500", "181110.275000", "181110.052500", "181110.287500", "181110.065000", "181110.297500", "181110.077500", "181110.310000", "181110.087500", "181110.322500", "181110.100000", "181110.332500", "181110.112500", "181110.345000", "181110.122500", "181110.357500", "181110.135000", "181110.367500", "181110.147500", "181110.380000", "181110.157500", "181110.392500", "181110.170000", "181110.402500", "181110.182500", "181110.415000", "181110.192500", "181110.427500", "181110.205000", "181110.437500", "181110.217500", "181110.450000", "181110.227500", "181110.462500", "181110.240000"],
      "ContentTime": ["181214.246000", "181214.190000", "181214.249000", "181214.195000", "181214.251000", "181214.204000", "181214.254000", "181214.207000", "181214.259000", "181214.209000", "181214.263000", "181214.211000", "181214.265000", "181214.213000", "181214.268000", "181214.215000", "181214.279000", "181214.218000", "181214.285000", "181214.220000", "181214.291000", "181214.223000", "181214.297000", "181214.226000", "181214.303000", "181214.228000", "181214.308000", "181214.230000", "181214.313000", "181214.233000", "181214.328000", "181214.235000", "181214.331000", "181214.238000", "181214.333000", "181214.241000", "181214.336000", "181214.243000"],
      "ImagePositionPatient": [
        [-108.75993871689, -124.49596058379, -22.062344113608],
        [-108.75993871689, -124.71045338164, -19.070021191855],
        [-108.75993871689, -124.92494617949, -16.077699223776],
        [-108.75993871689, -125.13943897734, -13.08537677886],
        [-108.75993871689, -125.35392986785, -10.093054572363],
        [-108.75993871689, -125.5684226657, -7.1007322466567],
        [-108.75993871689, -125.78291546355, -4.1084099209502],
        [-108.75993871689, -125.9974082614, -1.1160874760344],
        [-108.75993871689, -126.2118991519, 1.8762344920442],
        [-108.75993871689, -126.42639194976, 4.8685574137971],
        [-108.75993871689, -126.64088474761, 7.8608793818758],
        [-108.75993871689, -126.85537754546, 10.853202303629],
        [-108.75993871689, -127.06986843596, 13.845523318033],
        [-108.75993871689, -127.28436123381, 16.837846239786],
        [-108.75993871689, -127.49885403167, 19.830169161539],
        [-108.75993871689, -127.71334682952, 22.822492083292],
        [-108.75993871689, -127.92783772002, 25.814813097696],
        [-108.75993871689, -128.14233051787, 28.8071341121],
        [-108.75993871689, -128.35682331572, 31.799458941202],
        [-108.75993871689, -128.57131611357, 34.791779955606],
        [-108.75993871689, -128.78580700408, 37.784104784708],
        [-108.75993871689, -129.00029980193, 40.776425799112],
        [-108.75993871689, -129.21479259978, 43.768746813516],
        [-108.75993871689, -129.42928539763, 46.761071642618],
        [-108.75993871689, -129.64377628814, 49.753392657022],
        [-108.75993871689, -129.85826908599, 52.745713671427],
        [-108.75993871689, -130.07276188384, 55.738038500528],
        [-108.75993871689, -130.28725468169, 58.730355700235],
        [-108.75993871689, -130.50174747954, 61.722680529337],
        [-108.75993871689, -130.71623837004, 64.715005358438],
        [-108.75993871689, -130.9307311679, 67.70733018754],
        [-108.75993871689, -131.14522396575, 70.699647387247],
        [-108.75993871689, -131.3597167636, 73.691972216348],
        [-108.75993871689, -131.5742076541, 76.68429704545],
        [-108.75993871689, -131.78870045195, 79.676614245157],
        [-108.75993871689, -132.0031932498, 82.668939074259],
        [-108.75993871689, -132.21768604766, 85.66126390336],
        [-108.75993871689, -132.43217693816, 88.653581103067]
],
      "InstanceCreationTime": ["181214.246000", "181214.190000", "181214.249000", "181214.195000", "181214.251000", "181214.204000", "181214.254000", "181214.207000", "181214.259000", "181214.209000", "181214.263000", "181214.211000", "181214.265000", "181214.213000", "181214.268000", "181214.215000", "181214.279000", "181214.218000", "181214.285000", "181214.220000", "181214.291000", "181214.223000", "181214.297000", "181214.226000", "181214.303000", "181214.228000", "181214.308000", "181214.230000", "181214.313000", "181214.233000", "181214.328000", "181214.235000", "181214.331000", "181214.238000", "181214.333000", "181214.241000", "181214.336000", "181214.243000"],
      "InstanceNumber": [1, 2, 3, 4, 5, 6, 7, 8, 9, 10, 11, 12, 13, 14, 15, 16, 17, 18, 19, 20, 21, 22, 23, 24, 25, 26, 27, 28, 29, 30, 31, 32, 33, 34, 35, 36, 37, 38],
      "LargestImagePixelValue": [4094, 4093, 4080, 4085, 4083, 4089, 4094, 4091, 4094, 4089, 4084, 4078, 4077, 4093, 4095, 4060, 4076, 4081, 4086, 4089, 4068, 4087, 4081, 4090, 4094, 4088, 4063, 4084, 4093, 4084, 4088, 4095, 4087, 4082, 4083, 4091, 4094, 4092],
      "SliceLocation": [-13.104738675491, -10.104738070761, -7.1047384172654, -4.1047382881527, -1.1047385332188, 1.8952614769897, 4.8952614871983, 7.8952616163111, 10.895261133436, 13.895261738166, 16.895261391662, 19.895261996392, 22.895260562283, 25.895261167013, 28.895261771743, 31.895262376472, 34.895260942364, 37.895259644626, 40.895262151823, 43.895260854085, 46.895263224912, 49.895261927174, 52.895260629436, 55.895263136633, 58.895261702525, 61.895260404787, 64.895262911984, 67.895257809312, 70.895260316509, 73.895262687335, 76.895265194532, 79.89526009186, 82.895262599057, 85.895264969883, 88.895259867211, 91.895262374408, 94.895264881605, 97.895259642562],
      "SmallestImagePixelValue": [0, 1, 3, 18, 3, 1, 1, 0, 9, 0, 10, 9, 2, 6, 1, 38, 3, 0, 22, 2, 3, 2, 2, 6, 7, 7, 1, 29, 1, 24, 1, 14, 2, 9, 0, 1, 0, 0],
      "WindowCenterWidthExplanation": [
        "WINDOW1",
        "WINDOW1",
        "WINDOW1",
        "WINDOW1",
        "WINDOW1",
        "WINDOW1",
        "WINDOW1",
        "WINDOW1",
        "WINDOW1",
        "WINDOW1",
        "WINDOW1",
        "WINDOW1",
        "WINDOW1",
        "WINDOW1",
        "WINDOW1",
        "WINDOW1",
        "WINDOW1",
        "WINDOW1",
        "Algo1",
        "WINDOW1",
        "WINDOW1",
        "WINDOW1",
        "WINDOW1",
        "WINDOW1",
        "WINDOW1",
        "WINDOW1",
        "WINDOW1",
        "WINDOW1",
        "WINDOW1",
        "WINDOW1",
        "WINDOW1",
        "WINDOW1",
        "WINDOW1",
        "WINDOW1",
        "WINDOW1",
        "WINDOW1",
        "WINDOW1",
        "WINDOW1"
]
    }
  }
}