{
  "AcquisitionMatrixPE": 72,
  "AcquisitionNumber": 1,
  "AcquisitionTime": "19:42:7.222500",
  "BodyPartExamined": "BRAIN",
  "ConversionSoftware": "dcm2niix",
  "ConversionSoftwareVersion": "v1.0.20220720",
  "DeviceSerialNumber": "67041",
  "EchoNumber": 2,
  "EchoTime": 0.00738,
  "EchoTime1": 0.00492,
  "EchoTime2": 0.00738,
  "FlipAngle": 60,
  "HeudiconvVersion": "1.1.6",
  "ImageOrientationPatientDICOM": [0.99808, 0.0532952, 0.0315426, -0.0523072, 0.998139, -0.03136],
  "ImageType": [
    "ORIGINAL",
    "PRIMARY",
    "P",
    "ND",
    "PHASE"
],
  "ImagingFrequency": 123.262,
  "InPlanePhaseEncodingDirectionDICOM": "ROW",
  "MRAcquisitionType": "2D",
  "MagneticFieldStrength": 3,
  "Manufacturer": "Siemens",
  "ManufacturersModelName": "Prisma_fit",
  "Modality": "MR",
  "NonlinearGradientCorrection": false,
  "PatientPosition": "HFS",
  "PercentPhaseFOV": 100,
  "PercentSampling": 100,
  "PhaseEncodingAxis": "i",
  "PhaseEncodingSteps": 72,
  "PixelBandwidth": 290,
  "ProcedureStepDescription": "MRI BRAIN WITHOUT IV CONTRAST",
  "ProtocolName": "gre_fm_bold",
  "ReconMatrixPE": 72,
  "RepetitionTime": 0.444,
  "SAR": 0.132137,
  "ScanningSequence": "GR",
  "SequenceName": "*fm2d2r",
  "SequenceVariant": "SP",
  "SeriesDescription": "gre_fm_bold",
  "SeriesNumber": 4,
  "SliceThickness": 3,
  "SliceTiming": [0.21875, 0, 0.23438, 0.01562, 0.25, 0.03125, 0.25, 0.03125, 0.26562, 0.04688, 0.28125, 0.0625, 0.29688, 0.0625, 0.3125, 0.07812, 0.3125, 0.09375, 0.32812, 0.10938, 0.34375, 0.125, 0.34375, 0.125, 0.35938, 0.14062, 0.375, 0.15625, 0.39062, 0.17188, 0.39062, 0.17188, 0.40625, 0.1875, 0.42188, 0.20312, 0.4375, 0.20312],
  "SoftwareVersions": "syngo MR E11",
  "SpacingBetweenSlices": 3,
  "dcmmeta_affine": [
    [-2.99424147605896, -0.15692155063152313, 0.09946548938751221, 111.32620239257812],
    [-0.1598854959011078, 2.994415521621704, -0.08894920349121094, -81.11582946777344],
    [0.09462767094373703, 0.09408009797334671, 2.9970321655273438, -34.04239273071289],
    [0.0, 0.0, 0.0, 1.0]
],
  "dcmmeta_reorient_transform": [
    [0.0, -1.0, 0.0, 71.0],
    [1.0, 0.0, 0.0, 0.0],
    [0.0, 0.0, -1.0, 37.0],
    [0.0, 0.0, 0.0, 1.0]
],
  "dcmmeta_shape": [72, 72, 38],
  "dcmmeta_slice_dim": 2,
  "dcmmeta_version": 0.6,
  "global": {
    "const": {
      "AccessionNumber": "e15dda32",
      "AcquisitionMatrix": [0, 72, 72, 0],
      "AcquisitionNumber": 1,
      "AngioFlag": "N",
      "BitsAllocated": 16,
      "BitsStored": 12,
      "BodyPartExamined": "BRAIN",
      "Columns": 72,
      "CountryOfResidence": "United States of America [1]",
      "EchoNumbers": 2,
      "EchoTime": 7.38,
      "EchoTrainLength": 0,
      "FlipAngle": 60.0,
      "HighBit": 11,
      "ImageOrientationPatient": [0.99808050402988, 0.05329516461111, 0.03154255703867, -0.0523071845996, 0.99813852085774, -0.0313600321936],
      "ImageType": [
        "ORIGINAL",
        "PRIMARY",
        "P",
        "ND"
],
      "ImagedNucleus": "1H",
      "ImagingFrequency": 123.262172,
      "InPlanePhaseEncodingDirection": "ROW",
      "MRAcquisitionType": "2D",
      "MagneticFieldStrength": 3.0,
      "Manufacturer": "SIEMENS",
      "ManufacturerModelName": "Prisma_fit",
      "Modality": "MR",
      "NumberOfAverages": 1.0,
      "NumberOfPhaseEncodingSteps": 72,
      "PercentPhaseFieldOfView": 100.0,
      "PercentSampling": 100.0,
      "PerformedProcedureStepStartTime": "193404.317000",
      "PhotometricInterpretation": "MONOCHROME2",
      "PixelBandwidth": 290.0,
      "PixelRepresentation": 0,
      "PixelSpacing": [3.0, 3.0],
      "PregnancyStatus": 4,
      "ProcedureCodeSequence": [
        {
          "CodeMeaning": "MRI BRAIN WITHOUT IV CONTRAST",
          "CodeValue": "IMG269",
          "CodingSchemeDesignator": "L"
        }
],
      "ProtocolName": "gre_fm_bold",
      "RepetitionTime": 444.0,
      "RequestAttributesSequence": [
        {
          "ScheduledProcedureStepDescription": "MRI BRAIN WITHOUT IV CONTRAST",
          "ScheduledProcedureStepID": "E17796094",
          "ScheduledProtocolCodeSequence": [
            {
              "CodeMeaning": "MRI BRAIN WITHOUT IV CONTRAST",
              "CodeValue": "651061",
              "CodingSchemeDesignator": "L"
            }
]
        }
],
      "RequestedProcedureCodeSequence": [
        {
          "CodeMeaning": "MRI BRAIN WITHOUT IV CONTRAST",
          "CodeValue": "IMG269",
          "CodingSchemeDesignator": "L"
        }
],
      "RescaleIntercept": -4096.0,
      "RescaleSlope": 2.0,
      "RescaleType": "US",
      "RetrieveAETitle": "ODD",
      "Rows": 72,
      "SAR": 0.13213734045185,
      "SamplesPerPixel": 1,
      "ScanningSequence": "GR",
      "SequenceName": "*fm2d2r",
      "SequenceVariant": "SP",
      "SeriesDescription": "gre_fm_bold",
      "SeriesNumber": 4,
      "SeriesTime": "194310.965000",
      "SliceThickness": 3.0,
      "SmokingStatus": "UNKNOWN",
      "SoftwareVersions": "syngo MR E11",
      "SpacingBetweenSlices": 3.0,
      "SpecificCharacterSet": "ISO_IR 100",
      "StudyID": "8b7cc478",
      "StudyTime": "193404.162000",
      "TransmitCoilName": "Body",
      "VariableFlipAngleFlag": "N",
      "WindowCenterWidthExplanation": "Algo1",
      "dBdt": 0.0},
    "slices": {
      "AcquisitionTime": ["194207.222500", "194207.000000", "194207.235000", "194207.012500", "194207.245000", "194207.025000", "194207.257500", "194207.035000", "194207.270000", "194207.047500", "194207.280000", "194207.060000", "194207.292500", "194207.070000", "194207.305000", "194207.082500", "194207.315000", "194207.095000", "194207.327500", "194207.105000", "194207.340000", "194207.117500", "194207.350000", "194207.130000", "194207.362500", "194207.140000", "194207.375000", "194207.152500", "194207.385000", "194207.165000", "194207.397500", "194207.175000", "194207.410000", "194207.187500", "194207.420000", "194207.200000", "194207.432500", "194207.210000"],
      "ContentTime": ["194311.008000", "194310.967000", "194311.010000", "194310.970000", "194311.012000", "194310.972000", "194311.014000", "194310.974000", "194311.017000", "194310.976000", "194311.019000", "194310.978000", "194311.021000", "194310.980000", "194311.023000", "194310.982000", "194311.025000", "194310.985000", "194311.027000", "194310.987000", "194311.029000", "194310.989000", "194311.032000", "194310.991000", "194311.034000", "194310.993000", "194311.036000", "194310.995000", "194311.038000", "194310.997000", "194311.040000", "194311.000000", "194311.042000", "194311.002000", "194311.044000", "194311.004000", "194311.053000", "194311.006000"],
      "ImagePositionPatient": [
        [-100.18476777367, -131.48769935876, -27.36266541154],
        [-100.28423326306, -131.39875015527, -24.365635153362],
        [-100.38369887166, -131.30979904443, -21.368602987834],
        [-100.48316436104, -131.22084984094, -18.371572729655],
        [-100.58262996964, -131.13190063745, -15.374541517802],
        [-100.68209545903, -131.04294952661, -12.377510305949],
        [-100.78156094842, -130.95400032312, -9.3804800477707],
        [-100.88102655701, -130.86505111963, -6.3834488359177],
        [-100.9804920464, -130.77610000879, -3.3864178624832],
        [-101.079957655, -130.68715080529, -0.3893869188511],
        [-101.17942314438, -130.5982016018, 2.6076440843857],
        [-101.27888869338, -130.50925239831, 5.6046750578201],
        [-101.37835418276, -130.42030128747, 8.6017062696731],
        [-101.47781973176, -130.33135208398, 11.598736527852],
        [-101.57728528075, -130.24240288049, 14.595767739705],
        [-101.67675079994, -130.15345176965, 17.592797997884],
        [-101.77621634893, -130.06450256616, 20.589830163411],
        [-101.87568186812, -129.97555336267, 23.58686042159],
        [-101.97514741711, -129.88660225183, 26.583892587117],
        [-102.0746129512, -129.79765304834, 29.580922845296],
        [-102.17407848343, -129.70870384484, 32.577955010823],
        [-102.27354401939, -129.619752734, 35.574983361653],
        [-102.37300955348, -129.53080353051, 38.57201552718],
        [-102.47247510247, -129.44185432702, 41.569047692708],
        [-102.57194062166, -129.35290416986, 44.566076043538],
        [-102.67140614085, -129.26395401269, 47.563108209065],
        [-102.77087168984, -129.1750048092, 50.560140374593],
        [-102.87033723883, -129.08605465203, 53.557168725423],
        [-102.96980278783, -128.99710449487, 56.55420089095],
        [-103.06926827721, -128.90815529138, 59.551233056477],
        [-103.16873388581, -128.81920513421, 62.548261407307],
        [-103.2681993752, -128.73025593072, 65.545297387532],
        [-103.36766486458, -128.64130577356, 68.542321923665],
        [-103.46713047318, -128.55235561639, 71.539354089192],
        [-103.56659596257, -128.4634064129, 74.53638625472],
        [-103.66606157117, -128.37445625573, 77.533418420247],
        [-103.76552706055, -128.28550609857, 80.530450585774],
        [-103.86499254994, -128.19655689508, 83.527482751302]
],
      "InstanceCreationTime": ["194311.008000", "194310.967000", "194311.010000", "194310.970000", "194311.012000", "194310.972000", "194311.014000", "194310.974000", "194311.017000", "194310.976000", "194311.019000", "194310.978000", "194311.021000", "194310.980000", "194311.023000", "194310.982000", "194311.025000", "194310.985000", "194311.027000", "194310.987000", "194311.029000", "194310.989000", "194311.032000", "194310.991000", "194311.034000", "194310.993000", "194311.036000", "194310.995000", "194311.038000", "194310.997000", "194311.040000", "194311.000000", "194311.042000", "194311.002000", "194311.044000", "194311.004000", "194311.053000", "194311.006000"],
      "InstanceNumber": [1, 2, 3, 4, 5, 6, 7, 8, 9, 10, 11, 12, 13, 14, 15, 16, 17, 18, 19, 20, 21, 22, 23, 24, 25, 26, 27, 28, 29, 30, 31, 32, 33, 34, 35, 36, 37, 38],
      "LargestImagePixelValue": [4094, 4094, 4092, 4094, 4090, 4090, 4089, 4091, 4091, 4094, 4087, 4092, 4090, 4089, 4090, 4095, 4077, 4095, 4073, 4093, 4089, 4091, 4095, 4094, 4081, 4094, 4088, 4094, 4089, 4093, 4094, 4094, 4090, 4092, 4093, 4089, 4093, 4094],
      "SliceLocation": [-27.912542793406, -24.912543507936, -21.912542256501, -18.912542971031, -15.912542728878, -12.912542434125, -9.9125431486552, -6.9125429065026, -3.9125428499321, -0.9125428757349, 2.0874571540556, 5.0874571560494, 8.0874574508024, 11.087456738248, 14.087456978425, 17.087456321436, 20.087457514343, 23.0874568008, 26.08745805026, 29.087457337212, 32.087458529563, 35.087455967669, 38.087457160082, 41.087458352989, 44.087455762262, 47.087456982457, 50.087458175364, 53.087455585625, 56.087456806809, 59.08745799774, 62.087455409977, 65.08746041183, 68.087454009193, 71.087455232353, 74.087456423283, 77.087457646443, 80.08745886565, 83.087460056581],
      "SmallestImagePixelValue": [2, 0, 4, 2, 0, 9, 3, 19, 3, 2, 1, 0, 2, 0, 1, 0, 0, 3, 11, 0, 0, 4, 10, 5, 0, 6, 1, 18, 8, 1, 0, 0, 5, 2, 0, 2, 0, 0],
      "WindowCenter": [-320.0, -320.0, -332.0, -304.0, -278.0, -242.0, -184.0, -160.0, -168.0, -180.0, -262.0, -398.0, -336.0, -334.0, -356.0, -608.0, -596.0, -422.0, -312.0, -256.0, -202.0, -196.0, -210.0, -192.0, -214.0, -218.0, -238.0, -282.0, -348.0, -380.0, -398.0, -442.0, -456.0, -464.0, -390.0, -340.0, -246.0, -232.0],
      "WindowWidth": [6198.0, 6262.0, 6112.0, 6096.0, 5962.0, 5934.0, 5876.0, 5876.0, 5794.0, 5574.0, 5430.0, 4790.0, 5382.0, 5482.0, 5580.0, 4734.0, 4688.0, 4646.0, 4584.0, 4574.0, 4546.0, 4550.0, 4560.0, 4558.0, 4582.0, 4598.0, 4618.0, 4670.0, 4724.0, 4800.0, 4842.0, 4910.0, 4932.0, 4994.0, 5564.0, 5992.0, 6202.0, 6270.0]
    }
  }
}