{
  "AcquisitionMatrixPE": 240,
  "AcquisitionNumber": 1,
  "AcquisitionTime": "19:23:0.327500",
  "BaseResolution": 256,
  "BodyPartExamined": "BRAIN",
  "CoilCombinationMethod": "Adaptive Combine",
  "ConsistencyInfo": "N4_VE11C_LATEST_20160120",
  "ConversionSoftware": "dcm2niix",
  "ConversionSoftwareVersion": "v1.0.20220720",
  "DeviceSerialNumber": "45219",
  "DwellTime": 8.2e-06,
  "EchoTime": 0.00298,
  "FlipAngle": 9,
  "HeudiconvVersion": "1.1.6",
  "ImageOrientationPatientDICOM": [-0.0139563, 0.999903, 2.32305e-09, -0.00696512, -9.72145e-05, -0.999976],
  "ImageOrientationText": "Sag>Cor(-0.8)>Tra(0.4)",
  "ImageType": [
    "ORIGINAL",
    "PRIMARY",
    "M",
    "ND",
    "NORM"
],
  "ImagingFrequency": 123.182,
  "InPlanePhaseEncodingDirectionDICOM": "ROW",
  "InstitutionAddress": "First Avenue 660,New York,NYC,US,10016",
  "InstitutionName": "NYU LANGONE CBI",
  "InstitutionalDepartmentName": "Department",
  "InversionTime": 0.9,
  "MRAcquisitionType": "3D",
  "MagneticFieldStrength": 3,
  "Manufacturer": "Siemens",
  "ManufacturersModelName": "Skyra",
  "MatrixCoilMode": "GRAPPA",
  "Modality": "MR",
  "NonlinearGradientCorrection": false,
  "ParallelReductionFactorInPlane": 2,
  "PartialFourier": 1,
  "PatientPosition": "HFS",
  "PercentPhaseFOV": 93.75,
  "PercentSampling": 100,
  "PhaseEncodingSteps": 239,
  "PhaseResolution": 1,
  "PixelBandwidth": 240,
  "ProcedureStepDescription": "MRI BRAIN WITHOUT IV CONTRAST",
  "ProtocolName": "MPRAGE",
  "PulseSequenceDetails": "%SiemensSeq%\\tfl",
  "ReceiveCoilActiveElements": "HE1-4",
  "ReceiveCoilName": "HeadNeck_20",
  "ReconMatrixPE": 240,
  "RefLinesPE": 24,
  "RepetitionTime": 2.3,
  "SAR": 0.0709159,
  "ScanOptions": "IR",
  "ScanningSequence": "GR\\IR",
  "SequenceName": "*tfl3d1_16ns",
  "SequenceVariant": "SK\\SP\\MP",
  "SeriesDescription": "MPRAGE",
  "SeriesNumber": 3,
  "ShimSetting": [-894, -6967, 4932, -38, -259, -658, 683, -344],
  "SliceThickness": 1,
  "SoftwareVersions": "syngo MR E11",
  "SpoilingState": true,
  "StationName": "MRC45219",
  "TxRefAmp": 446.594,
  "dcmmeta_affine": [
    [0.9998783469200134, -0.013956321403384209, -0.006965116132050753, -86.00383758544922],
    [0.013955982401967049, 0.999902606010437, -9.721454262034968e-05, -110.42066192626953],
    [0.006965794134885073, -2.3230450896249977e-09, 0.9999757409095764, -149.3995819091797],
    [0.0, 0.0, 0.0, 1.0]
],
  "dcmmeta_reorient_transform": [
    [0.0, 0.0, -1.0, 255.0],
    [0.0, -1.0, 0.0, 239.0],
    [-1.0, 0.0, 0.0, 175.0],
    [0.0, 0.0, 0.0, 1.0]
],
  "dcmmeta_shape": [176, 240, 256],
  "dcmmeta_slice_dim": 0,
  "dcmmeta_version": 0.6,
  "global": {
    "const": {
      "AccessionNumber": "123344233",
      "AcquisitionMatrix": [0, 256, 240, 0],
      "AcquisitionNumber": 1,
      "AcquisitionTime": "192300.327500",
      "AngioFlag": "N",
      "BitsAllocated": 16,
      "BitsStored": 12,
      "BodyPartExamined": "BRAIN",
      "Columns": 240,
      "CountryOfResidence": "United States of America [1]",
      "EchoNumbers": 1,
      "EchoTime": 2.98,
      "EchoTrainLength": 1,
      "FlipAngle": 9.0,
      "HighBit": 11,
      "ImageOrientationPatient": [-0.0139563213903, 0.99990260580381, 2.323045e-09, -0.0069651159517, -9.72145419e-05, -0.9999757385603],
      "ImageType": [
        "ORIGINAL",
        "PRIMARY",
        "M",
        "ND",
        "NORM"
],
      "ImagedNucleus": "1H",
      "ImagingFrequency": 123.182123,
      "InPlanePhaseEncodingDirection": "ROW",
      "InversionTime": 900.0,
      "MRAcquisitionType": "3D",
      "MagneticFieldStrength": 3.0,
      "Manufacturer": "SIEMENS",
      "ManufacturerModelName": "Skyra",
      "Modality": "MR",
      "NumberOfAverages": 1.0,
      "NumberOfPhaseEncodingSteps": 239,
      "PercentPhaseFieldOfView": 93.75,
      "PercentSampling": 100.0,
      "PerformedProcedureStepStartTime": "191717.650000",
      "PhotometricInterpretation": "MONOCHROME2",
      "PixelBandwidth": 240.0,
      "PixelRepresentation": 0,
      "PixelSpacing": [1.0, 1.0],
      "PregnancyStatus": 4,
      "ProcedureCodeSequence": [
        {
          "CodeMeaning": "MRI BRAIN WITHOUT IV CONTRAST",
          "CodeValue": "IMG269",
          "CodingSchemeDesignator": "L"
        }
],
      "ProtocolName": "MPRAGE",
      "RepetitionTime": 2300.0,
      "RequestAttributesSequence": [
        {
          "RequestedProcedureID": "125739972",
          "ScheduledProcedureStepDescription": "MRI BRAIN WITHOUT IV CONTRAST",
          "ScheduledProcedureStepID": "E9534232",
          "ScheduledProtocolCodeSequence": [
            {
              "CodeMeaning": "MRI BRAIN WITHOUT IV CONTRAST",
              "CodeValue": "651061",
              "CodingSchemeDesignator": "L"
            }
]
        }
],
      "RequestedProcedureCodeSequence": [
        {
          "CodeMeaning": "MRI BRAIN WITHOUT IV CONTRAST",
          "CodeValue": "IMG269",
          "CodingSchemeDesignator": "L"
        }
],
      "Rows": 256,
      "SAR": 0.07091585989499,
      "SamplesPerPixel": 1,
      "ScanOptions": "IR",
      "ScanningSequence": [
        "GR",
        "IR"
],
      "SequenceName": "*tfl3d1_16ns",
      "SequenceVariant": [
        "SK",
        "SP",
        "MP"
],
      "SeriesDescription": "MPRAGE",
      "SeriesNumber": 3,
      "SeriesTime": "192804.405000",
      "SliceThickness": 1.0,
      "SmallestImagePixelValue": 0,
      "SmokingStatus": "UNKNOWN",
      "SoftwareVersions": "syngo MR E11",
      "SpecificCharacterSet": "ISO_IR 100",
      "StudyID": "CM",
      "StudyTime": "191717.501000",
      "TransmitCoilName": "Body",
      "VariableFlipAngleFlag": "N",
      "WindowCenterWidthExplanation": "Algo1",
      "dBdt": 0.0},
