{
  "AcquisitionMatrixPE": 72,
  "AcquisitionNumber": 1,
  "AcquisitionTime": "20:09:8.275000",
  "BodyPartExamined": "BRAIN",
  "ConversionSoftware": "dcm2niix",
  "ConversionSoftwareVersion": "v1.0.20220720",
  "DeviceSerialNumber": "45219",
  "EchoNumber": 2,
  "EchoTime": 0.00738,
  "EchoTime1": 0.00492,
  "EchoTime2": 0.00738,
  "FlipAngle": 60,
  "HeudiconvVersion": "1.1.6",
  "ImageOrientationPatientDICOM": [1, 4.895e-12, -1.11e-13, -4.897e-12, 0.999743, -0.0226873],
  "ImageType": [
    "ORIGINAL",
    "PRIMARY",
    "P",
    "ND",
    "PHASE"
],
  "ImagingFrequency": 123.187,
  "InPlanePhaseEncodingDirectionDICOM": "ROW",
  "MRAcquisitionType": "2D",
  "MagneticFieldStrength": 3,
  "Manufacturer": "Siemens",
  "ManufacturersModelName": "Skyra",
  "Modality": "MR",
  "MultibandAccelerationFactor": 2,
  "NonlinearGradientCorrection": false,
  "PatientPosition": "HFS",
  "PercentPhaseFOV": 100,
  "PercentSampling": 100,
  "PhaseEncodingAxis": "i",
  "PhaseEncodingSteps": 72,
  "PixelBandwidth": 290,
  "ProcedureStepDescription": "MRI BRAIN WITHOUT IV CONTRAST",
  "ProtocolName": "gre_fm_bold",
  "ReconMatrixPE": 72,
  "RepetitionTime": 0.444,
  "SAR": 0.192674,
  "ScanningSequence": "GR",
  "SequenceName": "*fm2d2r",
  "SequenceVariant": "SP",
  "SeriesDescription": "gre_fm_bold",
  "SeriesNumber": 5,
  "SliceThickness": 3,
  "SliceTiming": [0.23438, 0, 0.23438, 0.01562, 0.25, 0.03125, 0.26562, 0.04688, 0.28125, 0.04688, 0.28125, 0.0625, 0.29688, 0.07812, 0.3125, 0.09375, 0.32812, 0.09375, 0.32812, 0.10938, 0.34375, 0.125, 0.35938, 0.14062, 0.375, 0.14062, 0.375, 0.15625, 0.39062, 0.17188, 0.40625, 0.1875, 0.42188, 0.1875, 0.42188, 0.20312, 0.4375, 0.21875],
  "SoftwareVersions": "syngo MR E11",
  "SpacingBetweenSlices": 3,
  "dcmmeta_affine": [
    [-3.0, -1.4691000152500244e-11, 0.0, 108.0],
    [-1.468499974399684e-11, 2.99922776222229, -0.06806199252605438, -102.6838607788086],
    [-3.330000121135046e-13, 0.06806199997663498, 2.9992294311523438, -29.98573875427246],
    [0.0, 0.0, 0.0, 1.0]
],
  "dcmmeta_reorient_transform": [
    [0.0, -1.0, 0.0, 71.0],
    [1.0, 0.0, 0.0, 0.0],
    [0.0, 0.0, -1.0, 37.0],
    [0.0, 0.0, 0.0, 1.0]
],
  "dcmmeta_shape": [72, 72, 38],
  "dcmmeta_slice_dim": 2,
  "dcmmeta_version": 0.6,
  "global": {
    "const": {
      "AccessionNumber": "9ca3069a",
      "AcquisitionMatrix": [0, 72, 72, 0],
      "AcquisitionNumber": 1,
      "AngioFlag": "N",
      "BitsAllocated": 16,
      "BitsStored": 12,
      "BodyPartExamined": "BRAIN",
      "Columns": 72,
      "CountryOfResidence": "United States of America [1]",
      "EchoNumbers": 2,
      "EchoTime": 7.38,
      "EchoTrainLength": 0,
      "FlipAngle": 60.0,
      "HighBit": 11,
      "ImageOrientationPatient": [1.0, 4.895e-12, -1.11e-13, -4.897e-12, 0.9997426093237, -0.0226873335287],
      "ImageType": [
        "ORIGINAL",
        "PRIMARY",
        "P",
        "ND"
],
      "ImagedNucleus": "1H",
      "ImagingFrequency": 123.186985,
      "InPlanePhaseEncodingDirection": "ROW",
      "MRAcquisitionType": "2D",
      "MagneticFieldStrength": 3.0,
      "Manufacturer": "SIEMENS",
      "ManufacturerModelName": "Skyra",
      "Modality": "MR",
      "NumberOfAverages": 1.0,
      "NumberOfPhaseEncodingSteps": 72,
      "PercentPhaseFieldOfView": 100.0,
      "PercentSampling": 100.0,
      "PerformedProcedureStepStartTime": "200137.625000",
      "PhotometricInterpretation": "MONOCHROME2",
      "PixelBandwidth": 290.0,
      "PixelRepresentation": 0,
      "PixelSpacing": [3.0, 3.0],
      "PregnancyStatus": 4,
      "ProcedureCodeSequence": [
        {
          "CodeMeaning": "MRI BRAIN WITHOUT IV CONTRAST",
          "CodeValue": "IMG269",
          "CodingSchemeDesignator": "L"
        }
],
      "ProtocolName": "gre_fm_bold",
      "RepetitionTime": 444.0,
      "RequestAttributesSequence": [
        {
          "ScheduledProcedureStepDescription": "MRI BRAIN WITHOUT IV CONTRAST",
          "ScheduledProcedureStepID": "E12295623",
          "ScheduledProtocolCodeSequence": [
            {
              "CodeMeaning": "MRI BRAIN WITHOUT IV CONTRAST",
              "CodeValue": "651061",
              "CodingSchemeDesignator": "L"
            }
]
        }
],
      "RequestedProcedureCodeSequence": [
        {
          "CodeMeaning": "MRI BRAIN WITHOUT IV CONTRAST",
          "CodeValue": "IMG269",
          "CodingSchemeDesignator": "L"
        }
],
      "RescaleIntercept": -4096.0,
      "RescaleSlope": 2.0,
      "RescaleType": "US",
      "Rows": 72,
      "SAR": 0.1926744226581,
      "SamplesPerPixel": 1,
      "ScanningSequence": "GR",
      "SequenceName": "*fm2d2r",
      "SequenceVariant": "SP",
      "SeriesDescription": "gre_fm_bold",
      "SeriesNumber": 5,
      "SeriesTime": "201012.710000",
      "SliceThickness": 3.0,
      "SmokingStatus": "UNKNOWN",
      "SoftwareVersions": "syngo MR E11",
      "SpacingBetweenSlices": 3.0,
      "SpecificCharacterSet": "ISO_IR 100",
      "StudyID": "4acb7d14",
      "StudyTime": "200137.474000",
      "TransmitCoilName": "Body",
      "VariableFlipAngleFlag": "N",
      "WindowCenterWidthExplanation": "Algo1",
      "dBdt": 0.0},
    "slices": {
      "AcquisitionTime": ["200908.275000", "200908.052500", "200908.287500", "200908.065000", "200908.297500", "200908.075000", "200908.310000", "200908.087500", "200908.322500", "200908.100000", "200908.332500", "200908.110000", "200908.345000", "200908.122500", "200908.357500", "200908.135000", "200908.367500", "200908.145000", "200908.380000", "200908.157500", "200908.392500", "200908.170000", "200908.402500", "200908.180000", "200908.415000", "200908.192500", "200908.427500", "200908.205000", "200908.437500", "200908.217500", "200908.450000", "200908.227500", "200908.462500", "200908.240000", "200908.472500", "200908.252500", "200908.485000", "200908.262500"],
      "ContentTime": ["201012.757000", "201012.712000", "201012.759000", "201012.714000", "201012.761000", "201012.721000", "201012.764000", "201012.723000", "201012.766000", "201012.725000", "201012.769000", "201012.727000", "201012.771000", "201012.729000", "201012.774000", "201012.731000", "201012.779000", "201012.734000", "201012.782000", "201012.736000", "201012.786000", "201012.738000", "201012.788000", "201012.740000", "201012.790000", "201012.742000", "201012.792000", "201012.744000", "201012.795000", "201012.747000", "201012.797000", "201012.749000", "201012.799000", "201012.751000", "201012.801000", "201012.753000", "201012.803000", "201012.755000"],
      "ImagePositionPatient": [
        [-107.99999999947, -110.26131842851, -25.153277881847],
        [-107.99999999947, -110.19325636147, -22.154050358043],
        [-107.99999999947, -110.12519453286, -19.154822834239],
        [-107.99999999947, -110.05713246583, -16.155595310435],
        [-107.99999999947, -109.9890703988, -13.156366832957],
        [-107.99999999947, -109.92100845097, -10.157139309154],
        [-107.99999999947, -109.85294650315, -7.1579108316756],
        [-107.99999999947, -109.78488443612, -4.1586833078719],
        [-107.99999999947, -109.7168224883, -1.1594555456496],
        [-107.99999999947, -109.64876042127, 1.8397723953866],
        [-107.99999999947, -109.58069847344, 4.8390002172135],
        [-107.99999999947, -109.51263640641, 7.8382282178544],
        [-107.99999999947, -109.44457445859, 10.837456218495],
        [-107.99999999947, -109.37651251077, 13.836683742299],
        [-107.99999999947, -109.30845044373, 16.835911266103],
        [-107.99999999947, -109.24038849591, 19.835138789906],
        [-107.99999999947, -109.17232642888, 22.83436631371],
        [-107.99999999947, -109.10426448106, 25.833595744862],
        [-107.99999999947, -109.03620241403, 28.832823268666],
        [-107.99999999947, -108.9681404662, 31.83205079247],
        [-107.99999999947, -108.90007845878, 34.831278316274],
        [-107.99999999947, -108.83201645135, 37.830507747426],
        [-107.99999999947, -108.76395444392, 40.829733363881],
        [-107.99999999947, -108.69589243649, 43.828962795033],
        [-107.99999999947, -108.62783042907, 46.828188411488],
        [-107.99999999947, -108.55976848124, 49.827417842641],
        [-107.99999999947, -108.49170647382, 52.826647273793],
        [-107.99999999947, -108.42364446639, 55.825872890248],
        [-107.99999999947, -108.35558245896, 58.825102321401],
        [-107.99999999947, -108.28752045154, 61.824327937856],
        [-107.99999999947, -108.21945845901, 64.823557369008],
        [-107.99999999947, -108.15139645158, 67.822782985463],
        [-107.99999999947, -108.08333445161, 70.822012416615],
        [-107.99999999947, -108.01527245163, 73.821241847768],
        [-107.99999999947, -107.94721044979, 76.82047127892],
        [-107.99999999947, -107.87914845168, 79.819693080678],
        [-107.99999999947, -107.81108644425, 82.81892251183],
        [-107.99999999947, -107.74302445172, 85.818151942983]
],
      "InstanceCreationTime": ["201012.757000", "201012.712000", "201012.759000", "201012.714000", "201012.761000", "201012.721000", "201012.764000", "201012.723000", "201012.766000", "201012.725000", "201012.769000", "201012.727000", "201012.771000", "201012.729000", "201012.774000", "201012.731000", "201012.779000", "201012.734000", "201012.782000", "201012.736000", "201012.786000", "201012.738000", "201012.788000", "201012.740000", "201012.790000", "201012.742000", "201012.792000", "201012.744000", "201012.795000", "201012.747000", "201012.797000", "201012.749000", "201012.799000", "201012.751000", "201012.801000", "201012.753000", "201012.803000", "201012.755000"],
      "InstanceNumber": [1, 2, 3, 4, 5, 6, 7, 8, 9, 10, 11, 12, 13, 14, 15, 16, 17, 18, 19, 20, 21, 22, 23, 24, 25, 26, 27, 28, 29, 30, 31, 32, 33, 34, 35, 36, 37, 38],
      "LargestImagePixelValue": [4094, 4095, 4095, 4093, 4093, 4088, 4092, 4094, 4093, 4094, 4094, 4076, 4083, 4091, 4091, 4084, 4091, 4058, 4094, 4093, 4094, 4092, 4093, 4067, 4090, 4094, 4095, 4091, 4094, 4074, 4083, 4094, 4090, 4091, 4095, 4094, 4094, 4095],
      "SliceLocation": [-27.648338969139, -24.648339271721, -21.648339579711, -18.648339882293, -15.648339231446, -12.648339536732, -9.6483388885891, -6.6483391911707, -3.6483392580997, -0.6483391435562, 2.3516608491042, 5.351661023237, 8.3516611946653, 11.351660889379, 14.351660586797, 17.351660281511, 20.35165997893, 23.351661580501, 26.35166127792, 29.351660972633, 32.3516606687, 35.351662271623, 38.351660060832, 41.351661663756, 44.351659452964, 47.351661054536, 50.351662657459, 53.351660446668, 56.351662049592, 59.3516598388, 62.351661441386, 65.351659230594, 68.351660833349, 71.351662436104, 74.351664038901, 77.351658014182, 80.351659617106, 83.351661219692],
      "SmallestImagePixelValue": [4, 0, 0, 2, 7, 0, 1, 2, 0, 7, 6, 3, 0, 37, 15, 3, 7, 14, 1, 26, 12, 18, 0, 7, 2, 4, 0, 0, 5, 1, 0, 5, 2, 1, 2, 0, 0, 2],
      "WindowCenter": [-182.0, -156.0, -130.0, -174.0, -192.0, -222.0, -306.0, -182.0, -334.0, -202.0, -346.0, -302.0, -294.0, -136.0, -246.0, -126.0, -218.0, -204.0, -248.0, -244.0, -158.0, -272.0, -350.0, -310.0, -328.0, -300.0, -296.0, -240.0, -232.0, -252.0, -296.0, -330.0, -350.0, -418.0, -274.0, -276.0, -250.0, -206.0],
      "WindowWidth": [6162.0, 6178.0, 6144.0, 5932.0, 5750.0, 5676.0, 5224.0, 5476.0, 4662.0, 5242.0, 4672.0, 4638.0, 4622.0, 5202.0, 4568.0, 4854.0, 4528.0, 4526.0, 4530.0, 4548.0, 5010.0, 4550.0, 4574.0, 4538.0, 4538.0, 4540.0, 4562.0, 4580.0, 4614.0, 4628.0, 4682.0, 4720.0, 4734.0, 4818.0, 5456.0, 5658.0, 5882.0, 6186.0]
    }
  }
}