{
  "AcquisitionMatrixPE": 72,
  "AcquisitionNumber": 1,
  "AcquisitionTime": "20:18:34.217500",
  "BandwidthPerPixelPhaseEncode": 24.366,
  "BaseResolution": 72,
  "BodyPartExamined": "BRAIN",
  "CoilCombinationMethod": "Sum of Squares",
  "ConsistencyInfo": "N4_VE11C_LATEST_20160120",
  "ConversionSoftware": "dcm2niix",
  "ConversionSoftwareVersion": "v1.0.20220720",
  "DerivedVendorReportedEchoSpacing": 0.000570011,
  "DeviceSerialNumber": "45219",
  "DwellTime": 3.5e-06,
  "EchoTime": 0.03,
  "EchoTrainLength": 72,
  "EffectiveEchoSpacing": 0.000570011,
  "FlipAngle": 80,
  "HeudiconvVersion": "1.1.6",
  "ImageComments": "Reference volume for motion correction.",
  "ImageOrientationPatientDICOM": [0.999903, 0.000438571, 0.013955, -2.85378e-08, 0.999507, -0.0314101],
  "ImageOrientationText": "Tra>Cor(-1.8)>Sag(0.8)",
  "ImageType": [
    "ORIGINAL",
    "PRIMARY",
    "M",
    "ND",
    "NORM",
    "MOCO",
    "MOSAIC"
],
  "ImagingFrequency": 123.182,
  "InPlanePhaseEncodingDirectionDICOM": "COL",
  "InstitutionAddress": "First Avenue 660,New York,NYC,US,10016",
  "InstitutionName": "NYU LANGONE CBI",
  "InstitutionalDepartmentName": "Department",
  "MRAcquisitionType": "2D",
  "MagneticFieldStrength": 3,
  "Manufacturer": "Siemens",
  "ManufacturersModelName": "Skyra",
  "MatrixCoilMode": "SENSE",
  "Modality": "MR",
  "NonlinearGradientCorrection": false,
  "PartialFourier": 1,
  "PatientPosition": "HFS",
  "PercentPhaseFOV": 100,
  "PercentSampling": 100,
  "PhaseEncodingDirection": "j-",
  "PhaseEncodingSteps": 72,
  "PhaseResolution": 1,
  "PixelBandwidth": 1985,
  "ProcedureStepDescription": "MRI BRAIN WITHOUT IV CONTRAST",
  "ProtocolName": "TASK_AB_MoCo",
  "PulseSequenceDetails": "%SiemensSeq%\\ep2d_bold",
  "ReceiveCoilActiveElements": "HE1-4",
  "ReceiveCoilName": "HeadNeck_20",
  "ReconMatrixPE": 72,
  "RepetitionTime": 2.5,
  "SAR": 0.0952368,
  "ScanOptions": "FS",
  "ScanningSequence": "EP",
  "SequenceName": "*epfid2d1_72",
  "SequenceVariant": "SK",
  "SeriesDescription": "MoCoSeries",
  "SeriesNumber": 11,
  "ShimSetting": [-912, -6935, 5043, 405, -164, 128, 335, -183],
  "SliceThickness": 3,
  "SliceTiming": [1.24, 0, 1.305, 0.065, 1.37, 0.13, 1.435, 0.195, 1.5, 0.26, 1.565, 0.325, 1.63, 0.39, 1.695, 0.455, 1.76, 0.52, 1.825, 0.585, 1.8925, 0.6525, 1.9575, 0.7175, 2.0225, 0.7825, 2.0875, 0.8475, 2.1525, 0.9125, 2.2175, 0.9775, 2.2825, 1.0425, 2.3475, 1.1075, 2.4125, 1.1725],
  "SoftwareVersions": "syngo MR E11",
  "SpacingBetweenSlices": 3,
  "StationName": "MRC45219",
  "TaskName": "ab",
  "TotalReadoutTime": 0.0404708,
  "TxRefAmp": 453.568,
  "dcmmeta_affine": [
    [-2.9997076988220215, -8.561339370771748e-08, 0.04188552498817444, 106.54517364501953],
    [-0.0013157131616026163, 2.9985196590423584, -0.09422105550765991, -106.02365112304688],
    [0.04186485335230827, 0.09423023462295532, 2.998227596282959, -55.10213851928711],
    [0.0, 0.0, 0.0, 1.0]
],
  "dcmmeta_reorient_transform": [
    [0.0, -1.0, 0.0, 71.0],
    [1.0, 0.0, 0.0, 0.0],
    [0.0, 0.0, 1.0, 0.0],
    [0.0, 0.0, 0.0, 1.0]
],
  "dcmmeta_shape": [72, 72, 38, 132],
  "dcmmeta_slice_dim": 2,
  "dcmmeta_version": 0.6,
  "global": {
    "const": {
      "AcquisitionMatrix": [72, 0, 0, 72],
      "AngioFlag": "N",
      "BitsAllocated": 16,
      "BitsStored": 12,
      "BodyPartExamined": "BRAIN",
      "Columns": 504,
      "CountryOfResidence": "United States of America [1]",
      "EchoNumbers": 1,
      "EchoTime": 30.0,
      "EchoTrainLength": 72,
      "FlipAngle": 80.0,
      "HighBit": 11,
      "ImageOrientationPatient": [0.99990252874876, 0.0004385710467, 0.01395495099525, -2.8537797e-08, 0.99950658173891, -0.0314100789653],
      "ImagePositionPatient": [-754.48198605087, -754.83570678392, -37.100866919173],
      "ImageType": [
        "ORIGINAL",
        "PRIMARY",
        "M",
        "ND",
        "NORM",
        "MOCO",
        "MOSAIC"
],
      "ImagedNucleus": "1H",
      "ImagingFrequency": 123.181919,
      "InPlanePhaseEncodingDirection": "COL",
      "MRAcquisitionType": "2D",
      "MagneticFieldStrength": 3.0,
      "Manufacturer": "SIEMENS",
      "ManufacturerModelName": "Skyra",
      "Modality": "MR",
      "NumberOfAverages": 1.0,
      "NumberOfPhaseEncodingSteps": 72,
      "PercentPhaseFieldOfView": 100.0,
      "PercentSampling": 100.0,
      "PerformedProcedureStepStartTime": "195856.088000",
      "PhotometricInterpretation": "MONOCHROME2",
      "PixelBandwidth": 1985.0,
      "PixelRepresentation": 0,
      "PixelSpacing": [3.0, 3.0],
      "PregnancyStatus": 4,
      "ProcedureCodeSequence": [
        {
          "CodeMeaning": "MRI BRAIN WITHOUT IV CONTRAST",
          "CodeValue": "IMG269",
          "CodingSchemeDesignator": "L"
        }
],
      "ProtocolName": "TASK_AB",
      "RepetitionTime": 2500.0,
      "RequestAttributesSequence": [
        {
          "RequestedProcedureID": "353073278",
          "ScheduledProcedureStepDescription": "MRI BRAIN WITHOUT IV CONTRAST",
          "ScheduledProcedureStepID": "E10569656",
          "ScheduledProtocolCodeSequence": [
            {
              "CodeMeaning": "MRI BRAIN WITHOUT IV CONTRAST",
              "CodeValue": "651061",
              "CodingSchemeDesignator": "L"
            }
]
        }
],
      "RequestedProcedureCodeSequence": [
        {
          "CodeMeaning": "MRI BRAIN WITHOUT IV CONTRAST",
          "CodeValue": "IMG269",
          "CodingSchemeDesignator": "L"
        }
],
      "Rows": 504,
      "SAR": 0.09523677552932,
      "SamplesPerPixel": 1,
      "ScanOptions": "FS",
      "ScanningSequence": "EP",
      "SequenceName": "*epfid2d1_72",
      "SequenceVariant": "SK",
      "SeriesDescription": "MoCoSeries",
      "SeriesNumber": 11,
      "SeriesTime": "201942.209000",
      "SliceLocation": -50.252126591109,
      "SliceThickness": 3.0,
      "SmallestImagePixelValue": 0,
      "SmokingStatus": "UNKNOWN",
      "SoftwareVersions": "syngo MR E11",
      "SpacingBetweenSlices": 3.0000000304297,
      "SpecificCharacterSet": "ISO_IR 100",
      "StudyTime": "195855.923000",
      "TransmitCoilName": "Body",
      "VariableFlipAngleFlag": "N",
      "WindowCenterWidthExplanation": "Algo1",
      "dBdt": 0.0},
