{
  "AcquisitionMatrixPE": 72,
  "AcquisitionNumber": 1,
  "AcquisitionTime": "16:32:13.312500",
  "BodyPartExamined": "BRAIN",
  "ConversionSoftware": "dcm2niix",
  "ConversionSoftwareVersion": "v1.0.20220720",
  "DeviceSerialNumber": "45219",
  "EchoNumber": 2,
  "EchoTime": 0.00738,
  "EchoTime1": 0.00492,
  "EchoTime2": 0.00738,
  "FlipAngle": 60,
  "HeudiconvVersion": "1.1.6",
  "ImageOrientationPatientDICOM": [0.996045, -0.0646351, 0.06096, 0.059176, 0.994409, 0.0874624],
  "ImageType": [
    "ORIGINAL",
    "PRIMARY",
    "P",
    "ND",
    "PHASE"
],
  "ImagingFrequency": 123.182,
  "InPlanePhaseEncodingDirectionDICOM": "ROW",
  "MRAcquisitionType": "2D",
  "MagneticFieldStrength": 3,
  "Manufacturer": "Siemens",
  "ManufacturersModelName": "DicomCleaner",
  "Modality": "MR",
  "NonlinearGradientCorrection": false,
  "PatientPosition": "HFS",
  "PercentPhaseFOV": 100,
  "PercentSampling": 100,
  "PhaseEncodingAxis": "i",
  "PhaseEncodingSteps": 72,
  "PixelBandwidth": 290,
  "ProtocolName": "gre_fm_bold",
  "ReconMatrixPE": 72,
  "RepetitionTime": 0.444,
  "SAR": 0.169455,
  "ScanningSequence": "GR",
  "SequenceName": "*fm2d2r",
  "SequenceVariant": "SP",
  "SeriesDescription": "gre_fm_bold",
  "SeriesNumber": 5,
  "SliceThickness": 3,
  "SliceTiming": [0.21875, 0, 0.23438, 0.01562, 0.23438, 0.01562, 0.25, 0.03125, 0.26562, 0.04688, 0.28125, 0.0625, 0.28125, 0.0625, 0.29688, 0.07812, 0.3125, 0.09375, 0.32812, 0.09375, 0.34375, 0.10938, 0.34375, 0.125, 0.35938, 0.14062, 0.375, 0.15625, 0.375, 0.15625, 0.39062, 0.17188, 0.40625, 0.1875, 0.42188, 0.20312, 0.42188, 0.20312],
  "SoftwareVersions": "Tue Feb 12 18:07:17 EST 2019",
  "SpacingBetweenSlices": 3,
  "StationName": "PIERRJ03PC",
  "dcmmeta_affine": [
    [-2.988135814666748, 0.17752797901630402, 0.19881725311279297, 102.84324645996094],
    [0.19390523433685303, 2.9832258224487305, 0.25052762031555176, -117.61840057373047],
    [0.1828799843788147, -0.26238730549812317, 2.9829025268554688, -40.77674865722656],
    [0.0, 0.0, 0.0, 1.0]
],
  "dcmmeta_reorient_transform": [
    [0.0, -1.0, 0.0, 71.0],
    [1.0, 0.0, 0.0, 0.0],
    [0.0, 0.0, -1.0, 37.0],
    [0.0, 0.0, 0.0, 1.0]
],
  "dcmmeta_shape": [72, 72, 38],
  "dcmmeta_slice_dim": 2,
  "dcmmeta_version": 0.6,
  "global": {
    "const": {
      "AcquisitionMatrix": [0, 72, 72, 0],
      "AcquisitionNumber": 1,
      "AngioFlag": "N",
      "BitsAllocated": 16,
      "BitsStored": 12,
      "BodyPartExamined": "BRAIN",
      "Columns": 72,
      "DeidentificationMethod": [
        "Deidentified",
        "Descriptors removed except series except protocol",
        "Patient Characteristics removed",
        "Device identity retained",
        "Institution identity removed",
        "Dates retained",
        "Structured content modified",
        "Unsafe private removed",
        "UIDs remapped"
],
      "DeidentificationMethodCodeSequence": [
        {
          "CodeMeaning": "Basic Application Confidentiality Profile",
          "CodeValue": "113100",
          "CodingSchemeDesignator": "DCM"
        },
        {
          "CodeMeaning": "Remove all descriptors except Series Description & Protocol Name",
          "CodeValue": "210008",
          "CodingSchemeDesignator": "99PMP"
        },
        {
          "CodeMeaning": "Retain Device Identity Option",
          "CodeValue": "113109",
          "CodingSchemeDesignator": "DCM"
        },
        {
          "CodeMeaning": "Retain Longitudinal Temporal Information Full Dates Option",
          "CodeValue": "113106",
          "CodingSchemeDesignator": "DCM"
        },
        {
          "CodeMeaning": "Clean Structured Content Option",
          "CodeValue": "113104",
          "CodingSchemeDesignator": "DCM"
        },
        {
          "CodeMeaning": "Retain Safe Private Option",
          "CodeValue": "113111",
          "CodingSchemeDesignator": "DCM"
        },
        {
          "CodeMeaning": "Remap UIDs",
          "CodeValue": "210001",
          "CodingSchemeDesignator": "99PMP"
        }
],
      "EchoNumbers": 2,
      "EchoTime": 7.38,
      "EchoTrainLength": 0,
      "FlipAngle": 60.0,
      "HighBit": 11,
      "ImageOrientationPatient": [0.99604527290732, -0.064635076979, 0.06095999625078, 0.05917599373211, 0.99440863062051, 0.08746243258261],
      "ImageType": [
        "ORIGINAL",
        "PRIMARY",
        "P",
        "ND"
],
      "ImagedNucleus": "1H",
      "ImagingFrequency": 123.181722,
      "InPlanePhaseEncodingDirection": "ROW",
      "MRAcquisitionType": "2D",
      "MagneticFieldStrength": 3.0,
      "Manufacturer": "SIEMENS",
      "ManufacturerModelName": "Skyra",
      "Modality": "MR",
      "NumberOfAverages": 1.0,
      "NumberOfPhaseEncodingSteps": 72,
      "PercentPhaseFieldOfView": 100.0,
      "PercentSampling": 100.0,
      "PerformedProcedureStepStartTime": "162506.450000",
      "PhotometricInterpretation": "MONOCHROME2",
      "PixelBandwidth": 290.0,
      "PixelRepresentation": 0,
      "PixelSpacing": [3.0, 3.0],
      "ProcedureCodeSequence": [
        {
          "CodeMeaning": "MRI BRAIN WITHOUT IV CONTRAST",
          "CodeValue": "IMG269",
          "CodingSchemeDesignator": "L"
        }
],
      "ProtocolName": "gre_fm_bold",
      "RepetitionTime": 444.0,
      "RequestedProcedureCodeSequence": [
        {
          "CodeMeaning": "MRI BRAIN WITHOUT IV CONTRAST",
          "CodeValue": "IMG269",
          "CodingSchemeDesignator": "L"
        }
],
      "RescaleIntercept": -4096.0,
      "RescaleSlope": 2.0,
      "RescaleType": "US",
      "Rows": 72,
      "SAR": 0.16945541150349,
      "SamplesPerPixel": 1,
      "ScanningSequence": "GR",
      "SequenceName": "*fm2d2r",
      "SequenceVariant": "SP",
      "SeriesDescription": "gre_fm_bold",
      "SeriesNumber": 5,
      "SeriesTime": "163317.060000",
      "SliceThickness": 3.0,
      "SoftwareVersions": "syngo MR E11",
      "SpacingBetweenSlices": 3.0,
      "StudyTime": "162506.291000",
      "TransmitCoilName": "Body",
      "VariableFlipAngleFlag": "N",
      "WindowCenterWidthExplanation": "Algo1",
      "dBdt": 0.0},
