{
  "AcquisitionMatrixPE": 72,
  "AcquisitionNumber": 1,
  "AcquisitionTime": "20:20:9.227500",
  "BodyPartExamined": "BRAIN",
  "ConversionSoftware": "dcm2niix",
  "ConversionSoftwareVersion": "v1.0.20220720",
  "DeviceSerialNumber": "67041",
  "EchoNumber": 2,
  "EchoTime": 0.00738,
  "EchoTime1": 0.00492,
  "EchoTime2": 0.00738,
  "FlipAngle": 60,
  "HeudiconvVersion": "1.1.6",
  "ImageOrientationPatientDICOM": [0.996968, -0.00855124, 0.0773398, 0.0208835, 0.986882, -0.160087],
  "ImageType": [
    "ORIGINAL",
    "PRIMARY",
    "P",
    "ND",
    "PHASE"
],
  "ImagingFrequency": 123.262,
  "InPlanePhaseEncodingDirectionDICOM": "ROW",
  "MRAcquisitionType": "2D",
  "MagneticFieldStrength": 3,
  "Manufacturer": "Siemens",
  "ManufacturersModelName": "Prisma_fit",
  "Modality": "MR",
  "MultibandAccelerationFactor": 2,
  "NonlinearGradientCorrection": false,
  "PatientPosition": "HFS",
  "PercentPhaseFOV": 100,
  "PercentSampling": 100,
  "PhaseEncodingAxis": "i",
  "PhaseEncodingSteps": 72,
  "PixelBandwidth": 290,
  "ProcedureStepDescription": "MRI BRAIN WITHOUT IV CONTRAST",
  "ProtocolName": "gre_fm_bold",
  "ReconMatrixPE": 72,
  "RepetitionTime": 0.444,
  "SAR": 0.132041,
  "ScanningSequence": "GR",
  "SequenceName": "*fm2d2r",
  "SequenceVariant": "SP",
  "SeriesDescription": "gre_fm_bold",
  "SeriesNumber": 4,
  "SliceThickness": 3,
  "SliceTiming": [0.23438, 0, 0.23438, 0.01562, 0.25, 0.03125, 0.26562, 0.04688, 0.28125, 0.04688, 0.28125, 0.0625, 0.29688, 0.07812, 0.3125, 0.09375, 0.32812, 0.09375, 0.32812, 0.10938, 0.34375, 0.125, 0.35938, 0.14062, 0.375, 0.14062, 0.375, 0.15625, 0.39062, 0.17188, 0.40625, 0.1875, 0.42188, 0.1875, 0.42188, 0.20312, 0.4375, 0.21875],
  "SoftwareVersions": "syngo MR E11",
  "SpacingBetweenSlices": 3,
  "dcmmeta_affine": [
    [-2.9909043312072754, 0.06265051662921906, 0.2248687744140625, 111.57317352294922],
    [0.025653719902038574, 2.9606456756591797, -0.48365116119384766, -84.17061614990234],
    [0.23201951384544373, 0.4802618622779846, 2.9522018432617188, -64.11500549316406],
    [0.0, 0.0, 0.0, 1.0]
],
  "dcmmeta_reorient_transform": [
    [0.0, -1.0, 0.0, 71.0],
    [1.0, 0.0, 0.0, 0.0],
    [0.0, 0.0, -1.0, 37.0],
    [0.0, 0.0, 0.0, 1.0]
],
  "dcmmeta_shape": [72, 72, 38],
  "dcmmeta_slice_dim": 2,
  "dcmmeta_version": 0.6,
  "global": {
    "const": {
      "AccessionNumber": "e5e33c28",
      "AcquisitionMatrix": [0, 72, 72, 0],
      "AcquisitionNumber": 1,
      "AngioFlag": "N",
      "BitsAllocated": 16,
      "BitsStored": 12,
      "BodyPartExamined": "BRAIN",
      "Columns": 72,
      "CountryOfResidence": "United States of America [1]",
      "EchoNumbers": 2,
      "EchoTime": 7.38,
      "EchoTrainLength": 0,
      "FlipAngle": 60.0,
      "HighBit": 11,
      "ImageOrientationPatient": [0.99696811675059, -0.0085512397002, 0.07733983761542, 0.02088350488053, 0.98688192834053, -0.1600872847505],
      "ImageType": [
        "ORIGINAL",
        "PRIMARY",
        "P",
        "ND"
],
      "ImagedNucleus": "1H",
      "ImagingFrequency": 123.261972,
      "InPlanePhaseEncodingDirection": "ROW",
      "MRAcquisitionType": "2D",
      "MagneticFieldStrength": 3.0,
      "Manufacturer": "SIEMENS",
      "ManufacturerModelName": "Prisma_fit",
      "Modality": "MR",
      "NumberOfAverages": 1.0,
      "NumberOfPhaseEncodingSteps": 72,
      "PercentPhaseFieldOfView": 100.0,
      "PercentSampling": 100.0,
      "PerformedProcedureStepStartTime": "201315.296000",
      "PhotometricInterpretation": "MONOCHROME2",
      "PixelBandwidth": 290.0,
      "PixelRepresentation": 0,
      "PixelSpacing": [3.0, 3.0],
      "PregnancyStatus": 4,
      "ProcedureCodeSequence": [
        {
          "CodeMeaning": "MRI BRAIN WITHOUT IV CONTRAST",
          "CodeValue": "IMG269",
          "CodingSchemeDesignator": "L"
        }
],
      "ProtocolName": "gre_fm_bold",
      "RepetitionTime": 444.0,
      "RequestAttributesSequence": [
        {
          "ScheduledProcedureStepDescription": "MRI BRAIN WITHOUT IV CONTRAST",
          "ScheduledProcedureStepID": "E17883480",
          "ScheduledProtocolCodeSequence": [
            {
              "CodeMeaning": "MRI BRAIN WITHOUT IV CONTRAST",
              "CodeValue": "651061",
              "CodingSchemeDesignator": "L"
            }
]
        }
],
      "RequestedProcedureCodeSequence": [
        {
          "CodeMeaning": "MRI BRAIN WITHOUT IV CONTRAST",
          "CodeValue": "IMG269",
          "CodingSchemeDesignator": "L"
        }
],
      "RescaleIntercept": -4096.0,
      "RescaleSlope": 2.0,
      "RescaleType": "US",
      "RetrieveAETitle": "ODD",
      "Rows": 72,
      "SAR": 0.13204111068486,
      "SamplesPerPixel": 1,
      "ScanningSequence": "GR",
      "SequenceName": "*fm2d2r",
      "SequenceVariant": "SP",
      "SeriesDescription": "gre_fm_bold",
      "SeriesNumber": 4,
      "SeriesTime": "202113.115000",
      "SliceThickness": 3.0,
      "SmokingStatus": "UNKNOWN",
      "SoftwareVersions": "syngo MR E11",
      "SpacingBetweenSlices": 3.0,
      "SpecificCharacterSet": "ISO_IR 100",
      "StudyID": "24271ca9",
      "StudyTime": "201315.121000",
      "TransmitCoilName": "Body",
      "VariableFlipAngleFlag": "N",
      "WindowCenterWidthExplanation": "Algo1",
      "dBdt": 0.0},
    "slices": {
      "AcquisitionTime": ["202009.227500", "202009.007500", "202009.240000", "202009.017500", "202009.252500", "202009.030000", "202009.262500", "202009.042500", "202009.275000", "202009.052500", "202009.287500", "202009.065000", "202009.297500", "202009.077500", "202009.310000", "202009.087500", "202009.322500", "202009.100000", "202009.332500", "202009.112500", "202009.345000", "202009.122500", "202009.357500", "202009.135000", "202009.367500", "202009.147500", "202009.380000", "202009.157500", "202009.392500", "202009.170000", "202009.402500", "202009.182500", "202009.415000", "202009.192500", "202009.427500", "202009.205000", "202009.437500", "202009.217500"],
      "ContentTime": ["202113.166000", "202113.117000", "202113.168000", "202113.120000", "202113.170000", "202113.129000", "202113.172000", "202113.132000", "202113.174000", "202113.134000", "202113.176000", "202113.136000", "202113.179000", "202113.138000", "202113.181000", "202113.140000", "202113.183000", "202113.142000", "202113.185000", "202113.144000", "202113.188000", "202113.146000", "202113.190000", "202113.148000", "202113.198000", "202113.150000", "202113.201000", "202113.152000", "202113.203000", "202113.155000", "202113.205000", "202113.157000", "202113.208000", "202113.159000", "202113.210000", "202113.161000", "202113.212000", "202113.164000"],
      "ImagePositionPatient": [
        [-116.02135415685, -126.03523317199, -30.016538038514],
        [-116.24622293127, -125.55158105712, -27.064332380555],
        [-116.47109218252, -125.0679308496, -24.112126722596],
        [-116.69596143377, -124.58428064208, -21.159922971986],
        [-116.92083020818, -124.10062852721, -18.207717314027],
        [-117.14569945943, -123.61697831969, -15.255511656068],
        [-117.37056823385, -123.13332620482, -12.303305998109],
        [-117.5954374851, -122.64967599731, -9.35110034015],
        [-117.82030625951, -122.16602388244, -6.3988956358653],
        [-118.04517503393, -121.68237367492, -3.4466909315806],
        [-118.27004476202, -121.19872156005, -0.4944852736216],
        [-118.49491353643, -120.71507039886, 2.457719430663],
        [-118.71978231084, -120.23141923766, 5.4099246117849],
        [-118.94465108526, -119.74776807647, 8.3621298525113],
        [-119.16952081335, -119.26411691527, 11.314334974029],
        [-119.39438958776, -118.78046575408, 14.26654015515],
        [-119.61925836217, -118.29681459289, 17.218745813109],
        [-119.84412809026, -117.81316343169, 20.170950517394],
        [-120.06899686468, -117.3295122705, 23.123156175353],
        [-120.29386563909, -116.8458611093, 26.075361833312],
        [-120.5187344135, -116.36220994811, 29.027565583922],
        [-120.74360414159, -115.87855878692, 31.979771241881],
        [-120.96847291601, -115.39490762572, 34.93197689984],
        [-121.19334169042, -114.91125646453, 37.884182557799],
        [-121.41821046484, -114.42760530334, 40.83638630841],
        [-121.64308019292, -113.94395414214, 43.788591966369],
        [-121.86794896734, -113.46030345778, 46.740797624328],
        [-122.09281774175, -112.97665229659, 49.693003282287],
        [-122.31768746984, -112.4930011354, 52.645208940246],
        [-122.54255624425, -112.0093499742, 55.597414598205],
        [-122.76742501867, -111.52569881301, 58.549616441466],
        [-122.99229379308, -111.04204765182, 61.501822099425],
        [-123.21716352117, -110.55839649062, 64.454027757384],
        [-123.44203229558, -110.07474532943, 67.406233415343],
        [-123.66690107, -109.59109416823, 70.358439073302],
        [-123.89176984441, -109.10744300704, 73.310640916564],
        [-124.1166395725, -108.62379184585, 76.26285038922],
        [-124.34150834692, -108.14014068465, 79.215052232482]
],
      "InstanceCreationTime": ["202113.166000", "202113.117000", "202113.168000", "202113.120000", "202113.170000", "202113.129000", "202113.172000", "202113.132000", "202113.174000", "202113.134000", "202113.176000", "202113.136000", "202113.179000", "202113.138000", "202113.181000", "202113.140000", "202113.183000", "202113.142000", "202113.185000", "202113.144000", "202113.188000", "202113.146000", "202113.190000", "202113.148000", "202113.198000", "202113.150000", "202113.201000", "202113.152000", "202113.203000", "202113.155000", "202113.205000", "202113.157000", "202113.208000", "202113.159000", "202113.210000", "202113.161000", "202113.212000", "202113.164000"],
      "InstanceNumber": [1, 2, 3, 4, 5, 6, 7, 8, 9, 10, 11, 12, 13, 14, 15, 16, 17, 18, 19, 20, 21, 22, 23, 24, 25, 26, 27, 28, 29, 30, 31, 32, 33, 34, 35, 36, 37, 38],
      "LargestImagePixelValue": [4093, 4088, 4088, 4085, 4094, 4094, 4093, 4094, 4093, 4088, 4093, 4087, 4079, 4092, 4077, 4092, 4084, 4093, 4084, 4066, 4085, 4092, 4093, 4090, 4092, 4081, 4094, 4095, 4093, 4092, 4092, 4095, 4094, 4092, 4089, 4095, 4095, 4095],
      "SliceLocation": [-41.160817968813, -38.160817372012, -35.160817046966, -32.160818598882, -29.160818002081, -26.160817677035, -23.160817080234, -20.160816755188, -17.160817096867, -14.160817746044, -11.160817077759, -8.1608175731871, -5.160817599375, -2.1608175669077, 0.83918241973337, 3.8391823935456, 6.8391828365981, 9.8391824126539, 12.839182855706, 15.839183298759, 18.83918186485, 21.839182379387, 24.839182822439, 27.839183265492, 30.839181831583, 33.839182346119, 36.839182712298, 39.83918315535, 42.839183669887, 45.839184112939, 48.839180802069, 51.839181245121, 54.839181759658, 57.83918220271, 60.839182645763, 63.839179334892, 66.839183603352, 69.839180292482],
      "SmallestImagePixelValue": [0, 2, 7, 3, 6, 6, 7, 1, 5, 10, 8, 10, 0, 0, 5, 8, 22, 2, 0, 0, 0, 16, 0, 4, 5, 0, 1, 1, 1, 0, 0, 0, 0, 0, 1, 0, 0, 1],
      "WindowCenter": [-472.0, -414.0, -514.0, -302.0, -222.0, -178.0, -132.0, -114.0, -192.0, -228.0, -258.0, -286.0, -286.0, -408.0, -370.0, -330.0, -294.0, -126.0, -120.0, -228.0, -100.0, -242.0, -240.0, -112.0, -108.0, -116.0, -110.0, -268.0, -296.0, -172.0, -200.0, -346.0, -188.0, -276.0, -286.0, -316.0, -260.0, -296.0],
      "WindowWidth": [6124.0, 5950.0, 4804.0, 5510.0, 5332.0, 5526.0, 5400.0, 5532.0, 5394.0, 5546.0, 5528.0, 5280.0, 5230.0, 4626.0, 4648.0, 4634.0, 4636.0, 5272.0, 5208.0, 4604.0, 5180.0, 4614.0, 4622.0, 5304.0, 5212.0, 5280.0, 5386.0, 4734.0, 4766.0, 5228.0, 5602.0, 4896.0, 5756.0, 5820.0, 5862.0, 6170.0, 6236.0, 6102.0]
    }
  }
}