{
  "AcquisitionMatrixPE": 72,
  "AcquisitionNumber": 1,
  "AcquisitionTime": "20:05:16.525000",
  "BodyPartExamined": "BRAIN",
  "ConversionSoftware": "dcm2niix",
  "ConversionSoftwareVersion": "v1.0.20220720",
  "DeviceSerialNumber": "45219",
  "EchoNumber": 2,
  "EchoTime": 0.00738,
  "EchoTime1": 0.00492,
  "EchoTime2": 0.00738,
  "FlipAngle": 60,
  "HeudiconvVersion": "1.1.6",
  "ImageOrientationPatientDICOM": [0.998592, -0.0366439, 0.0383609, 0.0366167, 0.999328, 0.00141178],
  "ImageType": [
    "ORIGINAL",
    "PRIMARY",
    "P",
    "ND",
    "PHASE"
],
  "ImagingFrequency": 123.182,
  "InPlanePhaseEncodingDirectionDICOM": "ROW",
  "MRAcquisitionType": "2D",
  "MagneticFieldStrength": 3,
  "Manufacturer": "Siemens",
  "ManufacturersModelName": "DicomCleaner",
  "Modality": "MR",
  "MultibandAccelerationFactor": 2,
  "NonlinearGradientCorrection": false,
  "PatientPosition": "HFS",
  "PercentPhaseFOV": 100,
  "PercentSampling": 100,
  "PhaseEncodingAxis": "i",
  "PhaseEncodingSteps": 72,
  "PixelBandwidth": 290,
  "ProtocolName": "gre_fm_bold",
  "ReconMatrixPE": 72,
  "RepetitionTime": 0.444,
  "SAR": 0.164345,
  "ScanningSequence": "GR",
  "SequenceName": "*fm2d2r",
  "SequenceVariant": "SP",
  "SeriesDescription": "gre_fm_bold",
  "SeriesNumber": 5,
  "SliceThickness": 3,
  "SliceTiming": [0.23438, 0, 0.23438, 0.01562, 0.25, 0.03125, 0.26562, 0.04688, 0.26562, 0.04688, 0.28125, 0.0625, 0.29688, 0.07812, 0.3125, 0.09375, 0.32812, 0.09375, 0.32812, 0.10938, 0.34375, 0.125, 0.35938, 0.14062, 0.375, 0.14062, 0.375, 0.15625, 0.39062, 0.17188, 0.40625, 0.1875, 0.40625, 0.1875, 0.42188, 0.20312, 0.4375, 0.21875],
  "SoftwareVersions": "Tue Feb 12 18:07:17 EST 2019",
  "SpacingBetweenSlices": 3,
  "StationName": "PIERRJ03PC",
  "dcmmeta_affine": [
    [-2.9957754611968994, 0.10985009372234344, 0.11516046524047852, 105.64032745361328],
    [0.10993171483278275, 2.9979851245880127, 1.52587890625e-05, -116.56798553466797],
    [0.11508270353078842, -0.00423535006120801, 2.9977874755859375, -14.169560432434082],
    [0.0, 0.0, 0.0, 1.0]
],
  "dcmmeta_reorient_transform": [
    [0.0, -1.0, 0.0, 71.0],
    [1.0, 0.0, 0.0, 0.0],
    [0.0, 0.0, -1.0, 37.0],
    [0.0, 0.0, 0.0, 1.0]
],
  "dcmmeta_shape": [72, 72, 38],
  "dcmmeta_slice_dim": 2,
  "dcmmeta_version": 0.6,
  "global": {
    "const": {
      "AcquisitionMatrix": [0, 72, 72, 0],
      "AcquisitionNumber": 1,
      "AngioFlag": "N",
      "BitsAllocated": 16,
      "BitsStored": 12,
      "BodyPartExamined": "BRAIN",
      "Columns": 72,
      "DeidentificationMethod": [
        "Deidentified",
        "Descriptors removed except series except protocol",
        "Patient Characteristics removed",
        "Device identity retained",
        "Institution identity removed",
        "Dates retained",
        "Structured content modified",
        "Unsafe private removed",
        "UIDs remapped"
],
      "DeidentificationMethodCodeSequence": [
        {
          "CodeMeaning": "Basic Application Confidentiality Profile",
          "CodeValue": "113100",
          "CodingSchemeDesignator": "DCM"
        },
        {
          "CodeMeaning": "Remove all descriptors except Series Description & Protocol Name",
          "CodeValue": "210008",
          "CodingSchemeDesignator": "99PMP"
        },
        {
          "CodeMeaning": "Retain Device Identity Option",
          "CodeValue": "113109",
          "CodingSchemeDesignator": "DCM"
        },
        {
          "CodeMeaning": "Retain Longitudinal Temporal Information Full Dates Option",
          "CodeValue": "113106",
          "CodingSchemeDesignator": "DCM"
        },
        {
          "CodeMeaning": "Clean Structured Content Option",
          "CodeValue": "113104",
          "CodingSchemeDesignator": "DCM"
        },
        {
          "CodeMeaning": "Retain Safe Private Option",
          "CodeValue": "113111",
          "CodingSchemeDesignator": "DCM"
        },
        {
          "CodeMeaning": "Remap UIDs",
          "CodeValue": "210001",
          "CodingSchemeDesignator": "99PMP"
        }
],
      "EchoNumbers": 2,
      "EchoTime": 7.38,
      "EchoTrainLength": 0,
      "FlipAngle": 60.0,
      "HighBit": 11,
      "ImageOrientationPatient": [0.99859184125131, -0.0366439047437, 0.03836090238055, 0.03661669904738, 0.99932838657703, 0.00141178334561],
      "ImageType": [
        "ORIGINAL",
        "PRIMARY",
        "P",
        "ND"
],
      "ImagedNucleus": "1H",
      "ImagingFrequency": 123.181714,
      "InPlanePhaseEncodingDirection": "ROW",
      "MRAcquisitionType": "2D",
      "MagneticFieldStrength": 3.0,
      "Manufacturer": "SIEMENS",
      "ManufacturerModelName": "Skyra",
      "Modality": "MR",
      "NumberOfAverages": 1.0,
      "NumberOfPhaseEncodingSteps": 72,
      "PercentPhaseFieldOfView": 100.0,
      "PercentSampling": 100.0,
      "PerformedProcedureStepStartTime": "195545.191000",
      "PhotometricInterpretation": "MONOCHROME2",
      "PixelBandwidth": 290.0,
      "PixelRepresentation": 0,
      "PixelSpacing": [3.0, 3.0],
      "ProcedureCodeSequence": [
        {
          "CodeMeaning": "MRI BRAIN WITHOUT IV CONTRAST",
          "CodeValue": "IMG269",
          "CodingSchemeDesignator": "L"
        }
],
      "ProtocolName": "gre_fm_bold",
      "RepetitionTime": 444.0,
      "RequestedProcedureCodeSequence": [
        {
          "CodeMeaning": "MRI BRAIN WITHOUT IV CONTRAST",
          "CodeValue": "IMG269",
          "CodingSchemeDesignator": "L"
        }
],
      "RescaleIntercept": -4096.0,
      "RescaleSlope": 2.0,
      "RescaleType": "US",
      "Rows": 72,
      "SAR": 0.16434495402796,
      "SamplesPerPixel": 1,
      "ScanningSequence": "GR",
      "SequenceName": "*fm2d2r",
      "SequenceVariant": "SP",
      "SeriesDescription": "gre_fm_bold",
      "SeriesNumber": 5,
      "SeriesTime": "200620.425000",
      "SliceThickness": 3.0,
      "SoftwareVersions": "syngo MR E11",
      "SpacingBetweenSlices": 3.0,
      "StudyTime": "195545.046000",
      "TransmitCoilName": "Body",
      "VariableFlipAngleFlag": "N",
      "WindowCenterWidthExplanation": "Algo1",
      "dBdt": 0.0},
