{
  "AcquisitionMatrixPE": 72,
  "AcquisitionNumber": 1,
  "AcquisitionTime": "15:47:34.897500",
  "BodyPartExamined": "BRAIN",
  "ConversionSoftware": "dcm2niix",
  "ConversionSoftwareVersion": "v1.0.20220720",
  "DeviceSerialNumber": "67041",
  "EchoTime": 0.03,
  "EchoTrainLength": 72,
  "FlipAngle": 80,
  "HeudiconvVersion": "1.1.6",
  "ImageOrientationPatientDICOM": [0.994187, 0.103566, 0.0294467, -0.106248, 0.987962, 0.112441],
  "ImageType": [
    "ORIGINAL",
    "PRIMARY",
    "M",
    "ND",
    "NORM",
    "MOSAIC"
],
  "ImagingFrequency": 123.262,
  "InPlanePhaseEncodingDirectionDICOM": "COL",
  "InstitutionAddress": "First Ave. 660,New York,New York,US,10021",
  "InstitutionName": "NYU Langone CBI",
  "InstitutionalDepartmentName": "Department",
  "MRAcquisitionType": "2D",
  "MagneticFieldStrength": 3,
  "Manufacturer": "Siemens",
  "ManufacturersModelName": "DicomCleaner",
  "Modality": "MR",
  "NonlinearGradientCorrection": false,
  "PatientPosition": "HFS",
  "PercentPhaseFOV": 100,
  "PercentSampling": 100,
  "PhaseEncodingAxis": "j",
  "PhaseEncodingSteps": 72,
  "PixelBandwidth": 1985,
  "ProcedureStepDescription": "MRI BRAIN WITHOUT IV CONTRAST",
  "ProtocolName": "REST_1",
  "ReconMatrixPE": 72,
  "RepetitionTime": 2.5,
  "SAR": 0.140937,
  "ScanOptions": "FS",
  "ScanningSequence": "EP",
  "SequenceName": "*epfid2d1_72",
  "SequenceVariant": "SK",
  "SeriesDescription": "REST_1",
  "SeriesNumber": 5,
  "SliceThickness": 3,
  "SoftwareVersions": "Tue Oct 22 14:01:57 EDT 2019",
  "SpacingBetweenSlices": 3,
  "StationName": "CBIMRIMGRPC1_111",
  "TaskName": "rest",
  "dcmmeta_affine": [
    [-2.9825596809387207, -0.3187437057495117, 0.05234159156680107, 830.2312622070312],
    [-0.31069791316986084, 2.9638853073120117, 0.3447478711605072, -647.68603515625],
    [0.08834022283554077, -0.3373229205608368, 2.979665994644165, 31.355371475219727],
    [0.0, 0.0, 0.0, 1.0]
],
  "dcmmeta_reorient_transform": [
    [0.0, -1.0, 0.0, 503.0],
    [1.0, 0.0, 0.0, 0.0],
    [0.0, 0.0, -1.0, 0.0],
    [0.0, 0.0, 0.0, 1.0]
],
  "dcmmeta_shape": [504, 504, 1, 122],
  "dcmmeta_slice_dim": 2,
  "dcmmeta_version": 0.6,
  "global": {
    "const": {
      "AcquisitionMatrix": [72, 0, 0, 72],
      "AngioFlag": "N",
      "BitsAllocated": 16,
      "BitsStored": 12,
      "BodyPartExamined": "BRAIN",
      "Columns": 504,
      "DeidentificationMethod": [
        "Deidentified",
        "Descriptors retained",
        "Patient Characteristics retained",
        "Device identity retained",
        "Institution identity retained",
        "Dates retained",
        "Structured content retained",
        "Unsafe private removed",
        "UIDs remapped"
],
      "DeidentificationMethodCodeSequence": [
        {
          "CodeMeaning": "Basic Application Confidentiality Profile",
          "CodeValue": "113100",
          "CodingSchemeDesignator": "DCM"
        },
        {
          "CodeMeaning": "Retain all descriptors unchanged",
          "CodeValue": "210005",
          "CodingSchemeDesignator": "99PMP"
        },
        {
          "CodeMeaning": "Retain Patient Characteristics Option",
          "CodeValue": "113108",
          "CodingSchemeDesignator": "DCM"
        },
        {
          "CodeMeaning": "Retain Device Identity Option",
          "CodeValue": "113109",
          "CodingSchemeDesignator": "DCM"
        },
        {
          "CodeMeaning": "Retain Institution Identity Option",
          "CodeValue": "113112",
          "CodingSchemeDesignator": "DCM"
        },
        {
          "CodeMeaning": "Retain Longitudinal Temporal Information Full Dates Option",
          "CodeValue": "113106",
          "CodingSchemeDesignator": "DCM"
        },
        {
          "CodeMeaning": "Retain all structured content unchanged",
          "CodeValue": "210011",
          "CodingSchemeDesignator": "99PMP"
        },
        {
          "CodeMeaning": "Retain Safe Private Option",
          "CodeValue": "113111",
          "CodingSchemeDesignator": "DCM"
        },
        {
          "CodeMeaning": "Remap UIDs",
          "CodeValue": "210001",
          "CodingSchemeDesignator": "99PMP"
        }
],
      "EchoNumbers": 1,
      "EchoTime": 30.0,
      "EchoTrainLength": 72,
      "FlipAngle": 80.0,
      "HighBit": 11,
      "ImageOrientationPatient": [0.99418659192248, 0.10356596851326, 0.02944674188219, -0.1062478977125, 0.98796174662027, 0.11244096872012],
      "ImagePositionPatient": [-669.90316595106, -843.14823022884, -138.31805068263],
      "ImageType": [
        "ORIGINAL",
        "PRIMARY",
        "M",
        "ND",
        "NORM",
        "MOSAIC"
],
      "ImagedNucleus": "1H",
      "ImagingFrequency": 123.261827,
      "InPlanePhaseEncodingDirection": "COL",
      "MRAcquisitionType": "2D",
      "MagneticFieldStrength": 3.0,
      "Manufacturer": "SIEMENS",
      "ManufacturerModelName": "Prisma_fit",
      "Modality": "MR",
      "NumberOfAverages": 1.0,
      "NumberOfPhaseEncodingSteps": 72,
      "PercentPhaseFieldOfView": 100.0,
      "PercentSampling": 100.0,
      "PerformedProcedureStepStartTime": "153735.478000",
      "PhotometricInterpretation": "MONOCHROME2",
      "PixelBandwidth": 1985.0,
      "PixelRepresentation": 0,
      "PixelSpacing": [3.0, 3.0],
      "PregnancyStatus": 4,
      "ProcedureCodeSequence": [
        {
          "CodeMeaning": "MRI BRAIN WITHOUT IV CONTRAST",
          "CodeValue": "IMG269",
          "CodingSchemeDesignator": "L"
        }
],
      "ProtocolName": "REST_1",
      "RepetitionTime": 2500.0,
      "RequestedProcedureCodeSequence": [
        {
          "CodeMeaning": "MRI BRAIN WITHOUT IV CONTRAST",
          "CodeValue": "IMG269",
          "CodingSchemeDesignator": "L"
        }
],
      "Rows": 504,
      "SAR": 0.14093662654636,
      "SamplesPerPixel": 1,
      "ScanOptions": "FS",
      "ScanningSequence": "EP",
      "SequenceName": "*epfid2d1_72",
      "SequenceVariant": "SK",
      "SeriesDescription": "REST_1",
      "SeriesNumber": 5,
      "SeriesTime": "154839.219000",
      "SliceLocation": -28.801410461307,
      "SliceThickness": 3.0,
      "SmallestImagePixelValue": 0,
      "SmokingStatus": "UNKNOWN",
      "SoftwareVersions": "syngo MR E11",
      "SpacingBetweenSlices": 3.0000000523882,
      "StudyTime": "153735.319000",
      "TransmitCoilName": "Body",
      "VariableFlipAngleFlag": "N",
      "WindowCenterWidthExplanation": "Algo1",
      "dBdt": 0.0},
