{
  "AcquisitionMatrixPE": 72,
  "AcquisitionNumber": 1,
  "AcquisitionTime": "19:50:51.672500",
  "BodyPartExamined": "BRAIN",
  "ConversionSoftware": "dcm2niix",
  "ConversionSoftwareVersion": "v1.0.20220720",
  "DeviceSerialNumber": "67041",
  "EchoNumber": 2,
  "EchoTime": 0.00738,
  "EchoTime1": 0.00492,
  "EchoTime2": 0.00738,
  "FlipAngle": 60,
  "HeudiconvVersion": "1.1.6",
  "ImageOrientationPatientDICOM": [0.999604, -0.0133611, 0.0247564, 0.013958, 0.999612, -0.0240962],
  "ImageType": [
    "ORIGINAL",
    "PRIMARY",
    "P",
    "ND",
    "PHASE"
],
  "ImagingFrequency": 123.261,
  "InPlanePhaseEncodingDirectionDICOM": "ROW",
  "MRAcquisitionType": "2D",
  "MagneticFieldStrength": 3,
  "Manufacturer": "Siemens",
  "ManufacturersModelName": "Prisma_fit",
  "Modality": "MR",
  "NonlinearGradientCorrection": false,
  "PatientPosition": "HFS",
  "PercentPhaseFOV": 100,
  "PercentSampling": 100,
  "PhaseEncodingAxis": "i",
  "PhaseEncodingSteps": 72,
  "PixelBandwidth": 290,
  "ProcedureStepDescription": "MRI BRAIN WITHOUT IV CONTRAST",
  "ProtocolName": "gre_fm_bold",
  "ReconMatrixPE": 72,
  "RepetitionTime": 0.444,
  "SAR": 0.122479,
  "ScanningSequence": "GR",
  "SequenceName": "*fm2d2r",
  "SequenceVariant": "SP",
  "SeriesDescription": "gre_fm_bold",
  "SeriesNumber": 4,
  "SliceThickness": 3,
  "SliceTiming": [0.21875, 0, 0.23438, 0.01562, 0.23438, 0.01562, 0.25, 0.03125, 0.26562, 0.04688, 0.28125, 0.04688, 0.29688, 0.0625, 0.29688, 0.07812, 0.3125, 0.09375, 0.32812, 0.10938, 0.32812, 0.10938, 0.34375, 0.125, 0.35938, 0.14062, 0.375, 0.15625, 0.375, 0.15625, 0.39062, 0.17188, 0.40625, 0.1875, 0.42188, 0.1875, 0.42188, 0.20312],
  "SoftwareVersions": "syngo MR E11",
  "SpacingBetweenSlices": 3,
  "dcmmeta_affine": [
    [-2.998812675476074, 0.04187404364347458, 0.0732746571302414, 103.97982788085938],
    [0.04008341208100319, 2.9988365173339844, -0.07329750061035156, -83.56472778320312],
    [0.07426931709051132, 0.07228849083185196, 2.998210906982422, -57.11245346069336],
    [0.0, 0.0, 0.0, 1.0]
],
  "dcmmeta_reorient_transform": [
    [0.0, -1.0, 0.0, 71.0],
    [1.0, 0.0, 0.0, 0.0],
    [0.0, 0.0, -1.0, 37.0],
    [0.0, 0.0, 0.0, 1.0]
],
  "dcmmeta_shape": [72, 72, 38],
  "dcmmeta_slice_dim": 2,
  "dcmmeta_version": 0.6,
  "global": {
    "const": {
      "AccessionNumber": "a00fb85d",
      "AcquisitionMatrix": [0, 72, 72, 0],
      "AcquisitionNumber": 1,
      "AngioFlag": "N",
      "BitsAllocated": 16,
      "BitsStored": 12,
      "BodyPartExamined": "BRAIN",
      "Columns": 72,
      "CountryOfResidence": "United States of America [1]",
      "EchoNumbers": 2,
      "EchoTime": 7.38,
      "EchoTrainLength": 0,
      "FlipAngle": 60.0,
      "HighBit": 11,
      "ImageOrientationPatient": [0.99960422107908, -0.013361136986, 0.02475643793707, 0.01395801498261, 0.99961219917397, -0.024096163187],
      "ImageType": [
        "ORIGINAL",
        "PRIMARY",
        "P",
        "ND"
],
      "ImagedNucleus": "1H",
      "ImagingFrequency": 123.261276,
      "InPlanePhaseEncodingDirection": "ROW",
      "MRAcquisitionType": "2D",
      "MagneticFieldStrength": 3.0,
      "Manufacturer": "SIEMENS",
      "ManufacturerModelName": "Prisma_fit",
      "Modality": "MR",
      "NumberOfAverages": 1.0,
      "NumberOfPhaseEncodingSteps": 72,
      "PercentPhaseFieldOfView": 100.0,
      "PercentSampling": 100.0,
      "PerformedProcedureStepStartTime": "194108.071000",
      "PhotometricInterpretation": "MONOCHROME2",
      "PixelBandwidth": 290.0,
      "PixelRepresentation": 0,
      "PixelSpacing": [3.0, 3.0],
      "PregnancyStatus": 4,
      "ProcedureCodeSequence": [
        {
          "CodeMeaning": "MRI BRAIN WITHOUT IV CONTRAST",
          "CodeValue": "IMG269",
          "CodingSchemeDesignator": "L"
        }
],
      "ProtocolName": "gre_fm_bold",
      "RepetitionTime": 444.0,
      "RequestAttributesSequence": [
        {
          "ScheduledProcedureStepDescription": "MRI BRAIN WITHOUT IV CONTRAST",
          "ScheduledProcedureStepID": "E19718078",
          "ScheduledProtocolCodeSequence": [
            {
              "CodeMeaning": "MRI BRAIN WITHOUT IV CONTRAST",
              "CodeValue": "651061",
              "CodingSchemeDesignator": "L"
            }
]
        }
],
      "RequestedProcedureCodeSequence": [
        {
          "CodeMeaning": "MRI BRAIN WITHOUT IV CONTRAST",
          "CodeValue": "IMG269",
          "CodingSchemeDesignator": "L"
        }
],
      "RescaleIntercept": -4096.0,
      "RescaleSlope": 2.0,
      "RescaleType": "US",
      "RetrieveAETitle": "ODD",
      "Rows": 72,
      "SAR": 0.12247884351869,
      "SamplesPerPixel": 1,
      "ScanningSequence": "GR",
      "SequenceName": "*fm2d2r",
      "SequenceVariant": "SP",
      "SeriesDescription": "gre_fm_bold",
      "SeriesNumber": 4,
      "SeriesTime": "195156.255000",
      "SliceThickness": 3.0,
      "SmokingStatus": "UNKNOWN",
      "SoftwareVersions": "syngo MR E11",
      "SpacingBetweenSlices": 3.0,
      "SpecificCharacterSet": "ISO_IR 100",
      "StudyID": "f78bc56b",
      "StudyTime": "194107.903000",
      "TransmitCoilName": "Body",
      "VariableFlipAngleFlag": "N",
      "WindowCenterWidthExplanation": "Algo1",
      "dBdt": 0.0},
    "slices": {
      "AcquisitionTime": ["195051.672500", "195051.450000", "195051.682500", "195051.462500", "195051.695000", "195051.472500", "195051.707500", "195051.485000", "195051.717500", "195051.497500", "195051.730000", "195051.507500", "195051.742500", "195051.520000", "195051.752500", "195051.532500", "195051.765000", "195051.542500", "195051.777500", "195051.555000", "195051.787500", "195051.567500", "195051.800000", "195051.577500", "195051.812500", "195051.590000", "195051.822500", "195051.602500", "195051.835000", "195051.612500", "195051.847500", "195051.625000", "195051.860000", "195051.637500", "195051.870000", "195051.647500", "195051.882500", "195051.660000"],
      "ContentTime": ["195156.306000", "195156.257000", "195156.308000", "195156.268000", "195156.310000", "195156.270000", "195156.312000", "195156.272000", "195156.314000", "195156.274000", "195156.317000", "195156.277000", "195156.319000", "195156.279000", "195156.321000", "195156.281000", "195156.323000", "195156.283000", "195156.325000", "195156.285000", "195156.327000", "195156.287000", "195156.329000", "195156.289000", "195156.331000", "195156.291000", "195156.333000", "195156.294000", "195156.336000", "195156.296000", "195156.338000", "195156.298000", "195156.340000", "195156.300000", "195156.342000", "195156.302000", "195156.344000", "195156.304000"],
      "ImagePositionPatient": [
        [-106.95288687323, -129.35263340832, -51.979909526524],
        [-107.02616148566, -129.27933590771, -48.981698619542],
        [-107.09943609809, -129.20604031445, -45.983491527257],
        [-107.17271071051, -129.13274281384, -42.985280620274],
        [-107.24598532294, -129.05944722057, -39.987073527989],
        [-107.31926017379, -128.98614971996, -36.988862621007],
        [-107.39253478621, -128.9128541267, -33.990651714024],
        [-107.46580939864, -128.83955662609, -30.992444621739],
        [-107.53908401107, -128.76626103283, -27.994235622105],
        [-107.6123587427, -128.69296353222, -24.996026622471],
        [-107.68563335513, -128.61966793896, -21.997815715489],
        [-107.75890796756, -128.54637043835, -18.999606715855],
        [-107.83218269919, -128.47307484509, -16.001397716221],
        [-107.90545731162, -128.39977734447, -13.003188716588],
        [-107.97873192404, -128.32648175121, -10.004979716954],
        [-108.05200665568, -128.2531842506, -7.0067707173201],
        [-108.12528126811, -128.17988865734, -4.0085612408491],
        [-108.19855588053, -128.10659115673, -1.0103520624014],
        [-108.27183061217, -128.03329556347, 1.9878572352556],
        [-108.3451052246, -127.95999806286, 4.9860662348894],
        [-108.41837983702, -127.8867024696, 7.9842752345232],
        [-108.49165456866, -127.81340496899, 10.982485187831],
        [-108.56492918109, -127.74010937572, 13.980694187465],
        [-108.63820385312, -127.66681187511, 16.978903187099],
        [-108.71147852515, -127.59351628185, 19.977112186733],
        [-108.78475313758, -127.52021878124, 22.975321186366],
        [-108.85802780961, -127.44692318798, 25.973530186],
        [-108.93130248164, -127.37362568737, 28.971739185634],
        [-109.00457712387, -127.30033009411, 31.969950092616],
        [-109.0778517959, -127.2270325935, 34.968157184902],
        [-109.15112643813, -127.15373700024, 37.966368091884],
        [-109.22440109526, -127.08043949963, 40.964575184169],
        [-109.29767575239, -127.00714390636, 43.962786091152],
        [-109.37095040207, -126.93384640575, 46.960996998134],
        [-109.44422505734, -126.86055081249, 49.959204090419],
        [-109.5174997126, -126.78725331188, 52.957414997402],
        [-109.59077436601, -126.71395771862, 55.955622089687],
        [-109.66404902314, -126.64066021801, 58.953832996669]
],
      "InstanceCreationTime": ["195156.306000", "195156.257000", "195156.308000", "195156.268000", "195156.310000", "195156.270000", "195156.312000", "195156.272000", "195156.314000", "195156.274000", "195156.317000", "195156.277000", "195156.319000", "195156.279000", "195156.321000", "195156.281000", "195156.323000", "195156.283000", "195156.325000", "195156.285000", "195156.327000", "195156.287000", "195156.329000", "195156.289000", "195156.331000", "195156.291000", "195156.333000", "195156.294000", "195156.336000", "195156.296000", "195156.338000", "195156.298000", "195156.340000", "195156.300000", "195156.342000", "195156.302000", "195156.344000", "195156.304000"],
      "InstanceNumber": [1, 2, 3, 4, 5, 6, 7, 8, 9, 10, 11, 12, 13, 14, 15, 16, 17, 18, 19, 20, 21, 22, 23, 24, 25, 26, 27, 28, 29, 30, 31, 32, 33, 34, 35, 36, 37, 38],
      "LargestImagePixelValue": [4092, 4091, 4094, 4080, 4095, 4090, 4088, 4092, 4077, 4065, 4093, 4051, 4089, 4082, 4094, 4083, 4084, 4091, 4072, 4089, 4091, 4093, 4085, 4090, 4092, 4090, 4086, 4068, 4092, 4091, 4091, 4092, 4092, 4092, 4094, 4095, 4090, 4089],
      "SliceLocation": [-52.49693555988, -49.496933837353, -46.496935973846, -43.496934251318, -40.496936387811, -37.49693465946, -34.496932983533, -31.496935073425, -28.496935303708, -25.496935484479, -22.496933808552, -19.496933992234, -16.496934219606, -13.496934403288, -10.496934633571, -7.4969348143415, -4.496934568072, -1.4969345730471, 1.5030654974269, 4.5030653137446, 7.5030650834616, 10.503065855796, 13.503065625513, 16.503065443286, 19.503065214459, 22.503065030777, 25.50306480195, 28.503064619723, 31.503066296378, 34.503064207942, 37.503065884597, 40.503063795796, 43.503065472815, 46.503067196253, 49.503065060806, 52.50306678438, 55.503064648888, 58.503066372508],
      "SmallestImagePixelValue": [9, 0, 7, 1, 2, 27, 0, 12, 25, 16, 2, 17, 17, 13, 18, 11, 6, 10, 6, 7, 18, 0, 8, 0, 2, 0, 2, 1, 5, 1, 0, 3, 1, 2, 0, 0, 0, 3],
      "WindowCenter": [-196.0, -208.0, -234.0, -184.0, -176.0, -276.0, -268.0, -118.0, -146.0, -124.0, -142.0, -234.0, -94.0, -178.0, -174.0, -52.0, -184.0, -216.0, -232.0, -232.0, -222.0, -182.0, -196.0, -234.0, -234.0, -266.0, -260.0, -132.0, -150.0, -164.0, -158.0, -218.0, -182.0, -216.0, -180.0, -250.0, -164.0, -234.0],
      "WindowWidth": [5600.0, 5632.0, 5444.0, 5400.0, 5350.0, 4608.0, 4586.0, 5174.0, 5110.0, 5318.0, 5030.0, 4536.0, 4964.0, 4500.0, 4492.0, 5090.0, 4498.0, 4506.0, 4514.0, 4514.0, 4514.0, 4502.0, 4516.0, 4554.0, 4580.0, 4612.0, 4626.0, 5238.0, 5332.0, 5486.0, 5740.0, 5626.0, 5924.0, 6054.0, 6232.0, 6412.0, 6624.0, 6698.0]
    }
  }
}