{
  "AcquisitionMatrixPE": 72,
  "AcquisitionNumber": 1,
  "AcquisitionTime": "20:05:1.265000",
  "BodyPartExamined": "BRAIN",
  "ConversionSoftware": "dcm2niix",
  "ConversionSoftwareVersion": "v1.0.20220720",
  "DeviceSerialNumber": "45219",
  "EchoNumber": 2,
  "EchoTime": 0.00738,
  "EchoTime1": 0.00492,
  "EchoTime2": 0.00738,
  "FlipAngle": 60,
  "HeudiconvVersion": "1.1.6",
  "ImageOrientationPatientDICOM": [1, 4.896e-12, 3.4e-14, -4.897e-12, 0.999976, 0.00698126],
  "ImageType": [
    "ORIGINAL",
    "PRIMARY",
    "P",
    "ND",
    "PHASE"
],
  "ImagingFrequency": 123.187,
  "InPlanePhaseEncodingDirectionDICOM": "ROW",
  "MRAcquisitionType": "2D",
  "MagneticFieldStrength": 3,
  "Manufacturer": "Siemens",
  "ManufacturersModelName": "Skyra",
  "Modality": "MR",
  "NonlinearGradientCorrection": false,
  "PatientPosition": "HFS",
  "PercentPhaseFOV": 100,
  "PercentSampling": 100,
  "PhaseEncodingAxis": "i",
  "PhaseEncodingSteps": 72,
  "PixelBandwidth": 290,
  "ProcedureStepDescription": "MRI BRAIN WITHOUT IV CONTRAST",
  "ProtocolName": "gre_fm_bold",
  "ReconMatrixPE": 72,
  "RepetitionTime": 0.444,
  "SAR": 0.217765,
  "ScanningSequence": "GR",
  "SequenceName": "*fm2d2r",
  "SequenceVariant": "SP",
  "SeriesDescription": "gre_fm_bold",
  "SeriesNumber": 4,
  "SliceThickness": 3,
  "SliceTiming": [0.21875, 0, 0.23438, 0.01562, 0.23438, 0.01562, 0.25, 0.03125, 0.26562, 0.04688, 0.28125, 0.0625, 0.28125, 0.0625, 0.29688, 0.07812, 0.3125, 0.09375, 0.32812, 0.09375, 0.32812, 0.10938, 0.34375, 0.125, 0.35938, 0.14062, 0.375, 0.14062, 0.39062, 0.15625, 0.39062, 0.17188, 0.40625, 0.1875, 0.42188, 0.20312, 0.42188, 0.20312],
  "SoftwareVersions": "syngo MR E11",
  "SpacingBetweenSlices": 3,
  "dcmmeta_affine": [
    [-3.0, -1.4691000152500244e-11, 0.0, 101.10843658447266],
    [-1.468800081561028e-11, 2.999926805496216, 0.020943641662597656, -110.95733642578125],
    [1.019999988876967e-13, -0.02094378136098385, 2.9999313354492188, -36.87261962890625],
    [0.0, 0.0, 0.0, 1.0]
],
  "dcmmeta_reorient_transform": [
    [0.0, -1.0, 0.0, 71.0],
    [1.0, 0.0, 0.0, 0.0],
    [0.0, 0.0, -1.0, 37.0],
    [0.0, 0.0, 0.0, 1.0]
],
  "dcmmeta_shape": [72, 72, 38],
  "dcmmeta_slice_dim": 2,
  "dcmmeta_version": 0.6,
  "global": {
    "const": {
      "AccessionNumber": "dc1f7783",
      "AcquisitionMatrix": [0, 72, 72, 0],
      "AcquisitionNumber": 1,
      "AngioFlag": "N",
      "BitsAllocated": 16,
      "BitsStored": 12,
      "BodyPartExamined": "BRAIN",
      "Columns": 72,
      "CountryOfResidence": "United States of America [1]",
      "EchoNumbers": 2,
      "EchoTime": 7.38,
      "EchoTrainLength": 0,
      "FlipAngle": 60.0,
      "HighBit": 11,
      "ImageOrientationPatient": [1.0, 4.896e-12, 3.4e-14, -4.897e-12, 0.99997563070494, 0.00698126036313],
      "ImageType": [
        "ORIGINAL",
        "PRIMARY",
        "P",
        "ND"
],
      "ImagedNucleus": "1H",
      "ImagingFrequency": 123.187053,
      "InPlanePhaseEncodingDirection": "ROW",
      "MRAcquisitionType": "2D",
      "MagneticFieldStrength": 3.0,
      "Manufacturer": "SIEMENS",
      "ManufacturerModelName": "Skyra",
      "Modality": "MR",
      "NumberOfAverages": 1.0,
      "NumberOfPhaseEncodingSteps": 72,
      "PercentPhaseFieldOfView": 100.0,
      "PercentSampling": 100.0,
      "PerformedProcedureStepStartTime": "195345.953000",
      "PhotometricInterpretation": "MONOCHROME2",
      "PixelBandwidth": 290.0,
      "PixelRepresentation": 0,
      "PixelSpacing": [3.0, 3.0],
      "PregnancyStatus": 4,
      "ProcedureCodeSequence": [
        {
          "CodeMeaning": "MRI BRAIN WITHOUT IV CONTRAST",
          "CodeValue": "IMG269",
          "CodingSchemeDesignator": "L"
        }
],
      "ProtocolName": "gre_fm_bold",
      "RepetitionTime": 444.0,
      "RequestAttributesSequence": [
        {
          "ScheduledProcedureStepDescription": "MRI BRAIN WITHOUT IV CONTRAST",
          "ScheduledProcedureStepID": "E12230948",
          "ScheduledProtocolCodeSequence": [
            {
              "CodeMeaning": "MRI BRAIN WITHOUT IV CONTRAST",
              "CodeValue": "651061",
              "CodingSchemeDesignator": "L"
            }
]
        }
],
      "RequestedProcedureCodeSequence": [
        {
          "CodeMeaning": "MRI BRAIN WITHOUT IV CONTRAST",
          "CodeValue": "IMG269",
          "CodingSchemeDesignator": "L"
        }
],
      "RescaleIntercept": -4096.0,
      "RescaleSlope": 2.0,
      "RescaleType": "US",
      "Rows": 72,
      "SAR": 0.21776542123493,
      "SamplesPerPixel": 1,
      "ScanningSequence": "GR",
      "SequenceName": "*fm2d2r",
      "SequenceVariant": "SP",
      "SeriesDescription": "gre_fm_bold",
      "SeriesNumber": 4,
      "SeriesTime": "200605.158000",
      "SliceThickness": 3.0,
      "SmokingStatus": "UNKNOWN",
      "SoftwareVersions": "syngo MR E11",
      "SpacingBetweenSlices": 3.0,
      "SpecificCharacterSet": "ISO_IR 100",
      "StudyID": "d8e5f41b",
      "StudyTime": "195345.788000",
      "TransmitCoilName": "Body",
      "VariableFlipAngleFlag": "N",
      "WindowCenterWidthExplanation": "Algo1",
      "dBdt": 0.0},
    "slices": {
      "AcquisitionTime": ["200501.265000", "200501.042500", "200501.277500", "200501.055000", "200501.287500", "200501.067500", "200501.300000", "200501.077500", "200501.312500", "200501.090000", "200501.322500", "200501.102500", "200501.335000", "200501.112500", "200501.347500", "200501.125000", "200501.360000", "200501.137500", "200501.370000", "200501.147500", "200501.382500", "200501.160000", "200501.395000", "200501.172500", "200501.405000", "200501.182500", "200501.417500", "200501.195000", "200501.430000", "200501.207500", "200501.440000", "200501.217500", "200501.452500", "200501.230000", "200501.465000", "200501.242500", "200501.475000", "200501.252500"],
      "ContentTime": ["200605.238000", "200605.160000", "200605.248000", "200605.163000", "200605.250000", "200605.166000", "200605.252000", "200605.169000", "200605.274000", "200605.185000", "200605.278000", "200605.189000", "200605.282000", "200605.192000", "200605.285000", "200605.195000", "200605.288000", "200605.200000", "200605.291000", "200605.206000", "200605.294000", "200605.208000", "200605.297000", "200605.210000", "200605.299000", "200605.213000", "200605.309000", "200605.216000", "200605.311000", "200605.218000", "200605.313000", "200605.221000", "200605.316000", "200605.231000", "200605.330000", "200605.233000", "200605.333000", "200605.236000"],
      "ImagePositionPatient": [
        [-101.10843372292, -102.03746773748, -38.359467757405],
        [-101.10843372292, -102.05841185598, -35.359540236653],
        [-101.10843372292, -102.07935549764, -32.359612715901],
        [-101.10843372292, -102.10029913931, -29.359685195149],
        [-101.10843372292, -102.12124325781, -26.359759581746],
        [-101.10843372292, -102.14218689947, -23.359832060994],
        [-101.10843372292, -102.16313054113, -20.359904540242],
        [-101.10843372292, -102.18407418279, -17.359978926839],
        [-101.10843372292, -102.20501830129, -14.360051406087],
        [-101.10843372292, -102.22596194296, -11.360123885335],
        [-101.10843372292, -102.24690558462, -8.3601973182571],
        [-101.10843372292, -102.26784970312, -5.3602707511795],
        [-101.10843372292, -102.28879334478, -2.3603435880554],
        [-101.10843372292, -102.30973698644, 0.6395832174408],
        [-101.10843372292, -102.33068110494, 3.6395103805649],
        [-101.10843372292, -102.35162474661, 6.6394369476425],
        [-101.10843372292, -102.37256838827, 9.6393639915573],
        [-101.10843372292, -102.39351202993, 12.639290558635],
        [-101.10843372292, -102.41445614843, 15.639218079387],
        [-101.10843372292, -102.43539979009, 18.63914369279],
        [-101.10843372292, -102.45634343176, 21.639071213542],
        [-101.10843372292, -102.47728755026, 24.638998734294],
        [-101.10843372292, -102.49823119192, 27.638924347697],
        [-101.10843372292, -102.51917483358, 30.638851868449],
        [-101.10843372292, -102.54011847524, 33.638777481853],
        [-101.10843372292, -102.56106259374, 36.638705002605],
        [-101.10843372292, -102.58200623541, 39.638632523357],
        [-101.10843372292, -102.60294987707, 42.638560044109],
        [-101.10843372292, -102.62389399557, 45.638487564861],
        [-101.10843372292, -102.64483763723, 48.638415085612],
        [-101.10843372292, -102.66578127889, 51.638338791667],
        [-101.10843372292, -102.68672539739, 54.638266312419],
        [-101.10843372292, -102.70766903906, 57.638193833171],
        [-101.10843372292, -102.72861268072, 60.638121353923],
        [-101.10843372292, -102.74955632238, 63.638045059978],
        [-101.10843372292, -102.77050044088, 66.637976395427],
        [-101.10843372292, -102.79144408254, 69.637900101482],
        [-101.10843372292, -102.81238772421, 72.637831436931]
],
      "InstanceCreationTime": ["200605.238000", "200605.160000", "200605.248000", "200605.163000", "200605.250000", "200605.166000", "200605.252000", "200605.169000", "200605.274000", "200605.185000", "200605.278000", "200605.189000", "200605.282000", "200605.192000", "200605.285000", "200605.195000", "200605.288000", "200605.200000", "200605.291000", "200605.206000", "200605.294000", "200605.208000", "200605.297000", "200605.210000", "200605.299000", "200605.213000", "200605.309000", "200605.216000", "200605.311000", "200605.218000", "200605.313000", "200605.221000", "200605.316000", "200605.231000", "200605.330000", "200605.233000", "200605.333000", "200605.236000"],
      "InstanceNumber": [1, 2, 3, 4, 5, 6, 7, 8, 9, 10, 11, 12, 13, 14, 15, 16, 17, 18, 19, 20, 21, 22, 23, 24, 25, 26, 27, 28, 29, 30, 31, 32, 33, 34, 35, 36, 37, 38],
      "LargestImagePixelValue": [4088, 4090, 4093, 4092, 4088, 4094, 4094, 4091, 4080, 4069, 4094, 4093, 4094, 4089, 4086, 4060, 4089, 4085, 4089, 4094, 4091, 4090, 4091, 4092, 4088, 4084, 4089, 4085, 4094, 4091, 4095, 4092, 4089, 4093, 4093, 4094, 4088, 4093],
      "SliceLocation": [-37.646182835147, -34.64618220417, -31.646181576522, -28.646180948873, -25.646182225198, -22.646181597549, -19.646180969901, -16.646182249555, -13.646181618577, -10.646180990929, -7.6461813169316, -4.6461816396053, -1.646181369576, 1.3538185428341, 4.3538188161924, 7.3538184901897, 10.353818641013, 13.35381831501, 16.353818945987, 19.353817666334, 22.353818293982, 25.353818924959, 28.353817645306, 31.353818272954, 34.3538169933, 37.353817624278, 40.353818251926, 43.353818879575, 46.353819510552, 49.353820138201, 52.353816951245, 55.353817582222, 58.35381820987, 61.353818837519, 64.353815650563, 67.353820096145, 70.353816909189, 73.353821351442],
      "SmallestImagePixelValue": [0, 4, 0, 0, 0, 1, 0, 0, 13, 3, 13, 2, 2, 0, 15, 14, 5, 6, 25, 8, 0, 20, 51, 1, 4, 0, 7, 4, 12, 0, 4, 9, 0, 4, 0, 0, 2, 0],
      "WindowCenter": [-274.0, -280.0, -226.0, -280.0, -396.0, -366.0, -168.0, -132.0, -258.0, -216.0, -302.0, -310.0, -258.0, -268.0, -222.0, -214.0, -86.0, -130.0, -236.0, -274.0, -246.0, -288.0, -258.0, -304.0, -282.0, -316.0, -290.0, -246.0, -264.0, -130.0, -228.0, -186.0, -212.0, -210.0, -232.0, -242.0, -212.0, -120.0],
      "WindowWidth": [6034.0, 6118.0, 6000.0, 5874.0, 4838.0, 4816.0, 5512.0, 5486.0, 4642.0, 4998.0, 4628.0, 4624.0, 4564.0, 4578.0, 4522.0, 4514.0, 5108.0, 5124.0, 4506.0, 4556.0, 4518.0, 4538.0, 4516.0, 4578.0, 4552.0, 4584.0, 4574.0, 4592.0, 4612.0, 5198.0, 5066.0, 5620.0, 5672.0, 5782.0, 5978.0, 6182.0, 6328.0, 6482.0]
    }
  }
}