{
  "AcquisitionMatrixPE": 72,
  "AcquisitionNumber": 1,
  "AcquisitionTime": "19:46:53.382500",
  "BodyPartExamined": "BRAIN",
  "ConversionSoftware": "dcm2niix",
  "ConversionSoftwareVersion": "v1.0.20220720",
  "DeviceSerialNumber": "67041",
  "EchoTime": 0.03,
  "EchoTrainLength": 72,
  "FlipAngle": 80,
  "HeudiconvVersion": "1.1.6",
  "ImageComments": "Reference volume for motion correction.",
  "ImageOrientationPatientDICOM": [0.999994, 0.0034906, 0, -0.0034906, 0.999994, 0],
  "ImageType": [
    "ORIGINAL",
    "PRIMARY",
    "M",
    "ND",
    "NORM",
    "MOCO",
    "MOSAIC"
],
  "ImagingFrequency": 123.262,
  "InPlanePhaseEncodingDirectionDICOM": "COL",
  "InstitutionAddress": "First Ave. 660,New York,New York,US,10021",
  "InstitutionName": "NYU Langone CBI",
  "InstitutionalDepartmentName": "Department",
  "MRAcquisitionType": "2D",
  "MagneticFieldStrength": 3,
  "Manufacturer": "Siemens",
  "ManufacturersModelName": "DicomCleaner",
  "Modality": "MR",
  "NonlinearGradientCorrection": false,
  "PatientPosition": "HFS",
  "PercentPhaseFOV": 100,
  "PercentSampling": 100,
  "PhaseEncodingAxis": "j",
  "PhaseEncodingSteps": 72,
  "PixelBandwidth": 1985,
  "ProcedureStepDescription": "MRI BRAIN WITHOUT IV CONTRAST",
  "ProtocolName": "REST_2_MoCo",
  "ReconMatrixPE": 72,
  "RepetitionTime": 2.5,
  "SAR": 0.125875,
  "ScanOptions": "FS",
  "ScanningSequence": "EP",
  "SequenceName": "*epfid2d1_72",
  "SequenceVariant": "SK",
  "SeriesDescription": "MoCoSeries",
  "SeriesNumber": 8,
  "SliceThickness": 3,
  "SoftwareVersions": "Tue Oct 22 14:01:57 EDT 2019",
  "SpacingBetweenSlices": 3,
  "StationName": "CBIMRIMGRPC1_111",
  "TaskName": "rest",
  "dcmmeta_affine": [
    [-2.999981641769409, -0.010471790097653866, 0.0, 759.6923828125],
    [-0.010471790097653866, 2.999981641769409, 0.0, -729.7186889648438],
    [0.0, 0.0, 3.0, -33.981300354003906],
    [0.0, 0.0, 0.0, 1.0]
],
  "dcmmeta_reorient_transform": [
    [0.0, -1.0, 0.0, 503.0],
    [1.0, 0.0, 0.0, 0.0],
    [0.0, 0.0, -1.0, 0.0],
    [0.0, 0.0, 0.0, 1.0]
],
  "dcmmeta_shape": [504, 504, 1, 122],
  "dcmmeta_slice_dim": 2,
  "dcmmeta_version": 0.6,
  "global": {
    "const": {
      "AcquisitionMatrix": [72, 0, 0, 72],
      "AngioFlag": "N",
      "BitsAllocated": 16,
      "BitsStored": 12,
      "BodyPartExamined": "BRAIN",
      "Columns": 504,
      "DeidentificationMethod": [
        "Deidentified",
        "Descriptors retained",
        "Patient Characteristics retained",
        "Device identity retained",
        "Institution identity retained",
        "Dates retained",
        "Structured content retained",
        "Unsafe private removed",
        "UIDs remapped"
],
      "DeidentificationMethodCodeSequence": [
        {
          "CodeMeaning": "Basic Application Confidentiality Profile",
          "CodeValue": "113100",
          "CodingSchemeDesignator": "DCM"
        },
        {
          "CodeMeaning": "Retain all descriptors unchanged",
          "CodeValue": "210005",
          "CodingSchemeDesignator": "99PMP"
        },
        {
          "CodeMeaning": "Retain Patient Characteristics Option",
          "CodeValue": "113108",
          "CodingSchemeDesignator": "DCM"
        },
        {
          "CodeMeaning": "Retain Device Identity Option",
          "CodeValue": "113109",
          "CodingSchemeDesignator": "DCM"
        },
        {
          "CodeMeaning": "Retain Institution Identity Option",
          "CodeValue": "113112",
          "CodingSchemeDesignator": "DCM"
        },
        {
          "CodeMeaning": "Retain Longitudinal Temporal Information Full Dates Option",
          "CodeValue": "113106",
          "CodingSchemeDesignator": "DCM"
        },
        {
          "CodeMeaning": "Retain all structured content unchanged",
          "CodeValue": "210011",
          "CodingSchemeDesignator": "99PMP"
        },
        {
          "CodeMeaning": "Retain Safe Private Option",
          "CodeValue": "113111",
          "CodingSchemeDesignator": "DCM"
        },
        {
          "CodeMeaning": "Remap UIDs",
          "CodeValue": "210001",
          "CodingSchemeDesignator": "99PMP"
        }
],
      "EchoNumbers": 1,
      "EchoTime": 30.0,
      "EchoTrainLength": 72,
      "FlipAngle": 80.0,
      "HighBit": 11,
      "ImageOrientationPatient": [0.99999390784872, 0.00349059671701, 0.0, -0.003490596717, 0.99999390784872, 0.0],
      "ImagePositionPatient": [-754.4250784786, -779.27212572269, -33.981300354004],
      "ImageType": [
        "ORIGINAL",
        "PRIMARY",
        "M",
        "ND",
        "NORM",
        "MOCO",
        "MOSAIC"
],
      "ImagedNucleus": "1H",
      "ImagingFrequency": 123.26182,
      "InPlanePhaseEncodingDirection": "COL",
      "MRAcquisitionType": "2D",
      "MagneticFieldStrength": 3.0,
      "Manufacturer": "SIEMENS",
      "ManufacturerModelName": "Prisma_fit",
      "Modality": "MR",
      "NumberOfAverages": 1.0,
      "NumberOfPhaseEncodingSteps": 72,
      "PercentPhaseFieldOfView": 100.0,
      "PercentSampling": 100.0,
      "PerformedProcedureStepStartTime": "193022.595000",
      "PhotometricInterpretation": "MONOCHROME2",
      "PixelBandwidth": 1985.0,
      "PixelRepresentation": 0,
      "PixelSpacing": [3.0, 3.0],
      "PregnancyStatus": 4,
      "ProcedureCodeSequence": [
        {
          "CodeMeaning": "MRI BRAIN WITHOUT IV CONTRAST",
          "CodeValue": "IMG269",
          "CodingSchemeDesignator": "L"
        }
],
      "ProtocolName": "REST_2",
      "RepetitionTime": 2500.0,
      "RequestedProcedureCodeSequence": [
        {
          "CodeMeaning": "MRI BRAIN WITHOUT IV CONTRAST",
          "CodeValue": "IMG269",
          "CodingSchemeDesignator": "L"
        }
],
      "RetrieveAETitle": "ODD",
      "Rows": 504,
      "SAR": 0.12587458195001,
      "SamplesPerPixel": 1,
      "ScanOptions": "FS",
      "ScanningSequence": "EP",
      "SequenceName": "*epfid2d1_72",
      "SequenceVariant": "SK",
      "SeriesDescription": "MoCoSeries",
      "SeriesNumber": 8,
      "SeriesTime": "194746.631000",
      "SliceLocation": -33.981300354004,
      "SliceThickness": 3.0,
      "SmallestImagePixelValue": 0,
      "SmokingStatus": "UNKNOWN",
      "SoftwareVersions": "syngo MR E11",
      "SpacingBetweenSlices": 3.0,
      "StudyTime": "193022.296000",
      "TransmitCoilName": "Body",
      "VariableFlipAngleFlag": "N",
      "WindowCenterWidthExplanation": "Algo1",
      "dBdt": 0.0},
