{
  "AcquisitionMatrixPE": 72,
  "AcquisitionNumber": 1,
  "AcquisitionTime": "20:45:38.297500",
  "BaseResolution": 72,
  "BodyPartExamined": "BRAIN",
  "CoilCombinationMethod": "Sum of Squares",
  "ConsistencyInfo": "N4_VE11C_LATEST_20160120",
  "ConversionSoftware": "dcm2niix",
  "ConversionSoftwareVersion": "v1.0.20220720",
  "DeviceSerialNumber": "45219",
  "DwellTime": 2.39e-05,
  "EchoNumber": 1,
  "EchoTime": 0.00492,
  "FlipAngle": 60,
  "HeudiconvVersion": "1.1.6",
  "ImageOrientationPatientDICOM": [
    0.997588,
    0.0380117,
    -0.0580877,
    -0.0296077,
    0.989816,
    0.139243
  ],
  "ImageOrientationText": "Tra>Cor(7.9)>Sag(-3.6)",
  "ImageType": [
    "ORIGINAL",
    "PRIMARY",
    "M",
    "ND",
    "NORM"
  ],
  "ImagingFrequency": 123.182,
  "InPlanePhaseEncodingDirectionDICOM": "ROW",
  "InstitutionAddress": "First Avenue 660,New York,NYC,US,10016",
  "InstitutionName": "NYU LANGONE CBI",
  "InstitutionalDepartmentName": "Department",
  "MRAcquisitionType": "2D",
  "MagneticFieldStrength": 3,
  "Manufacturer": "Siemens",
  "ManufacturersModelName": "Skyra",
  "MatrixCoilMode": "SENSE",
  "Modality": "MR",
  "NonlinearGradientCorrection": false,
  "PartialFourier": 1,
  "PatientPosition": "HFS",
  "PercentPhaseFOV": 100,
  "PercentSampling": 100,
  "PhaseEncodingDirection": "i",
  "PhaseEncodingSteps": 72,
  "PhaseResolution": 1,
  "PixelBandwidth": 290,
  "ProcedureStepDescription": "MRI BRAIN WITHOUT IV CONTRAST",
  "ProtocolName": "gre_fm_bold",
  "PulseSequenceDetails": "%SiemensSeq%\\gre_field_mapping",
  "ReceiveCoilActiveElements": "HE1-4",
  "ReceiveCoilName": "HeadNeck_20",
  "ReconMatrixPE": 72,
  "RepetitionTime": 0.444,
  "SAR": 0.227861,
  "ScanningSequence": "GR",
  "SequenceName": "*fm2d2r",
  "SequenceVariant": "SP",
  "SeriesDescription": "gre_fm_bold",
  "SeriesNumber": 4,
  "ShimSetting": [
    -888,
    -7051,
    5287,
    593,
    -276,
    326,
    224,
    -53
  ],
  "SliceThickness": 3,
  "SliceTiming": [
    0.21875,
    0,
    0.23438,
    0.01562,
    0.25,
    0.01562,
    0.25,
    0.03125,
    0.26562,
    0.04688,
    0.28125,
    0.0625,
    0.29688,
    0.0625,
    0.29688,
    0.07812,
    0.3125,
    0.09375,
    0.32812,
    0.10938,
    0.34375,
    0.10938,
    0.34375,
    0.125,
    0.35938,
    0.14062,
    0.375,
    0.15625,
    0.39062,
    0.15625,
    0.39062,
    0.17188,
    0.40625,
    0.1875,
    0.42188,
    0.20312,
    0.42188,
    0.20312
  ],
  "SoftwareVersions": "syngo MR E11",
  "SpacingBetweenSlices": 3,
  "StationName": "MRC45219",
  "TxRefAmp": 423.167
}