{
  "AcquisitionMatrixPE": 72,
  "AcquisitionNumber": 1,
  "AcquisitionTime": "18:44:5.237500",
  "BodyPartExamined": "BRAIN",
  "ConversionSoftware": "dcm2niix",
  "ConversionSoftwareVersion": "v1.0.20220720",
  "DeviceSerialNumber": "67041",
  "EchoNumber": 2,
  "EchoTime": 0.00738,
  "EchoTime1": 0.00492,
  "EchoTime2": 0.00738,
  "FlipAngle": 60,
  "HeudiconvVersion": "1.1.6",
  "ImageOrientationPatientDICOM": [0.993956, -0.0476687, 0.0988925, 0.0503516, 0.998423, -0.0248118],
  "ImageType": [
    "ORIGINAL",
    "PRIMARY",
    "P",
    "ND",
    "PHASE"
],
  "ImagingFrequency": 123.262,
  "InPlanePhaseEncodingDirectionDICOM": "ROW",
  "MRAcquisitionType": "2D",
  "MagneticFieldStrength": 3,
  "Manufacturer": "Siemens",
  "ManufacturersModelName": "Prisma_fit",
  "Modality": "MR",
  "NonlinearGradientCorrection": false,
  "PatientPosition": "HFS",
  "PercentPhaseFOV": 100,
  "PercentSampling": 100,
  "PhaseEncodingAxis": "i",
  "PhaseEncodingSteps": 72,
  "PixelBandwidth": 290,
  "ProcedureStepDescription": "MRI BRAIN WITHOUT IV CONTRAST",
  "ProtocolName": "gre_fm_bold",
  "ReconMatrixPE": 72,
  "RepetitionTime": 0.444,
  "SAR": 0.141315,
  "ScanningSequence": "GR",
  "SequenceName": "*fm2d2r",
  "SequenceVariant": "SP",
  "SeriesDescription": "gre_fm_bold",
  "SeriesNumber": 4,
  "SliceThickness": 3,
  "SliceTiming": [0.21875, 0, 0.23438, 0.01562, 0.25, 0.03125, 0.25, 0.03125, 0.26562, 0.04688, 0.28125, 0.0625, 0.29688, 0.0625, 0.29688, 0.07812, 0.3125, 0.09375, 0.32812, 0.10938, 0.34375, 0.10938, 0.34375, 0.125, 0.35938, 0.14062, 0.375, 0.15625, 0.39062, 0.17188, 0.39062, 0.17188, 0.40625, 0.1875, 0.42188, 0.20312, 0.4375, 0.20312],
  "SoftwareVersions": "syngo MR E11",
  "SpacingBetweenSlices": 3,
  "dcmmeta_affine": [
    [-2.9818670749664307, 0.15105487406253815, 0.292661190032959, 98.4062728881836],
    [0.14300622045993805, 2.995270013809204, -0.08892345428466797, -96.56914520263672],
    [0.2966773509979248, 0.0744355097413063, 2.9843673706054688, -49.777896881103516],
    [0.0, 0.0, 0.0, 1.0]
],
  "dcmmeta_reorient_transform": [
    [0.0, -1.0, 0.0, 71.0],
    [1.0, 0.0, 0.0, 0.0],
    [0.0, 0.0, -1.0, 37.0],
    [0.0, 0.0, 0.0, 1.0]
],
  "dcmmeta_shape": [72, 72, 38],
  "dcmmeta_slice_dim": 2,
  "dcmmeta_version": 0.6,
  "global": {
    "const": {
      "AccessionNumber": "029be828",
      "AcquisitionMatrix": [0, 72, 72, 0],
      "AcquisitionNumber": 1,
      "AngioFlag": "N",
      "BitsAllocated": 16,
      "BitsStored": 12,
      "BodyPartExamined": "BRAIN",
      "Columns": 72,
      "CountryOfResidence": "United States of America [1]",
      "EchoNumbers": 2,
      "EchoTime": 7.38,
      "EchoTrainLength": 0,
      "FlipAngle": 60.0,
      "HighBit": 11,
      "ImageOrientationPatient": [0.99395572085085, -0.0476687404536, 0.09889244749441, 0.05035162367201, 0.99842330039188, -0.0248118364532],
      "ImageType": [
        "ORIGINAL",
        "PRIMARY",
        "P",
        "ND"
],
      "ImagedNucleus": "1H",
      "ImagingFrequency": 123.261822,
      "InPlanePhaseEncodingDirection": "ROW",
      "MRAcquisitionType": "2D",
      "MagneticFieldStrength": 3.0,
      "Manufacturer": "SIEMENS",
      "ManufacturerModelName": "Prisma_fit",
      "Modality": "MR",
      "NumberOfAverages": 1.0,
      "NumberOfPhaseEncodingSteps": 72,
      "PercentPhaseFieldOfView": 100.0,
      "PercentSampling": 100.0,
      "PerformedProcedureStepStartTime": "183413.854000",
      "PhotometricInterpretation": "MONOCHROME2",
      "PixelBandwidth": 290.0,
      "PixelRepresentation": 0,
      "PixelSpacing": [3.0, 3.0],
      "PregnancyStatus": 4,
      "ProcedureCodeSequence": [
        {
          "CodeMeaning": "MRI BRAIN WITHOUT IV CONTRAST",
          "CodeValue": "IMG269",
          "CodingSchemeDesignator": "L"
        }
],
      "ProtocolName": "gre_fm_bold",
      "RepetitionTime": 444.0,
      "RequestAttributesSequence": [
        {
          "ScheduledProcedureStepDescription": "MRI BRAIN WITHOUT IV CONTRAST",
          "ScheduledProcedureStepID": "E19622647",
          "ScheduledProtocolCodeSequence": [
            {
              "CodeMeaning": "MRI BRAIN WITHOUT IV CONTRAST",
              "CodeValue": "651061",
              "CodingSchemeDesignator": "L"
            }
]
        }
],
      "RequestedProcedureCodeSequence": [
        {
          "CodeMeaning": "MRI BRAIN WITHOUT IV CONTRAST",
          "CodeValue": "IMG269",
          "CodingSchemeDesignator": "L"
        }
],
      "RescaleIntercept": -4096.0,
      "RescaleSlope": 2.0,
      "RescaleType": "US",
      "RetrieveAETitle": "ODD",
      "Rows": 72,
      "SAR": 0.1413154011086,
      "SamplesPerPixel": 1,
      "ScanningSequence": "GR",
      "SequenceName": "*fm2d2r",
      "SequenceVariant": "SP",
      "SeriesDescription": "gre_fm_bold",
      "SeriesNumber": 4,
      "SeriesTime": "184509.223000",
      "SliceThickness": 3.0,
      "SmokingStatus": "UNKNOWN",
      "SoftwareVersions": "syngo MR E11",
      "SpacingBetweenSlices": 3.0,
      "SpecificCharacterSet": "ISO_IR 100",
      "StudyID": "898073ab",
      "StudyTime": "183413.688000",
      "TransmitCoilName": "Body",
      "VariableFlipAngleFlag": "N",
      "WindowCenterWidthExplanation": "Algo1",
      "dBdt": 0.0},
    "slices": {
      "AcquisitionTime": ["184405.237500", "184405.015000", "184405.250000", "184405.027500", "184405.260000", "184405.040000", "184405.272500", "184405.050000", "184405.285000", "184405.062500", "184405.295000", "184405.075000", "184405.307500", "184405.085000", "184405.320000", "184405.097500", "184405.330000", "184405.110000", "184405.342500", "184405.120000", "184405.355000", "184405.132500", "184405.365000", "184405.145000", "184405.377500", "184405.155000", "184405.390000", "184405.167500", "184405.400000", "184405.180000", "184405.412500", "184405.190000", "184405.425000", "184405.202500", "184405.435000", "184405.215000", "184405.447500", "184405.225000"],
      "ContentTime": ["184509.269000", "184509.225000", "184509.271000", "184509.232000", "184509.273000", "184509.234000", "184509.276000", "184509.236000", "184509.278000", "184509.238000", "184509.289000", "184509.240000", "184509.291000", "184509.242000", "184509.293000", "184509.244000", "184509.295000", "184509.246000", "184509.297000", "184509.248000", "184509.299000", "184509.250000", "184509.301000", "184509.252000", "184509.303000", "184509.254000", "184509.305000", "184509.257000", "184509.307000", "184509.259000", "184509.328000", "184509.261000", "184509.330000", "184509.263000", "184509.332000", "184509.265000", "184509.334000", "184509.267000"],
      "ImagePositionPatient": [
        [-109.1311662233, -116.09503331348, -44.492935454124],
        [-109.42382741333, -116.0061098592, -41.508571898215],
        [-109.71648884178, -115.91718545124, -38.52420452761],
        [-110.00915003182, -115.82826199695, -35.539837157004],
        [-110.30181146027, -115.73933758899, -32.555471693748],
        [-110.5944726503, -115.65041413471, -29.571104323142],
        [-110.88713395954, -115.56149068042, -26.586738859885],
        [-111.17979526879, -115.47256627246, -23.602372442954],
        [-111.47245657803, -115.38364281818, -20.618006026023],
        [-111.76511788727, -115.29471936389, -17.633640562766],
        [-112.05777919651, -115.20579495594, -14.649273668998],
        [-112.35044053556, -115.11687150165, -11.664907728904],
        [-112.6431018299, -115.02794804737, -8.6805413715773],
        [-112.93576315404, -114.93902363941, -5.6961751334601],
        [-113.22842446328, -114.85010018512, -2.7118089549475],
        [-113.52108574272, -114.76117673084, 0.2725569851465],
        [-113.81374705197, -114.67225232288, 3.2569234020777],
        [-114.10640836121, -114.58332886859, 6.2412898190088],
        [-114.39906967045, -114.49440541431, 9.22565623594],
        [-114.69173097969, -114.40548100635, 12.210021699197],
        [-114.98439240815, -114.31655755207, 15.194389069802],
        [-115.27705359818, -114.22763409778, 18.178754533059],
        [-115.56971502663, -114.13870968982, 21.163121903665],
        [-115.86237621666, -114.04978623554, 24.147487366921],
        [-116.15503764511, -113.96086278125, 27.131854737527],
        [-116.44769883515, -113.87193837329, 30.116218293435],
        [-116.7403602636, -113.78301491901, 33.100585664041],
        [-117.03302169205, -113.69409051105, 36.084953034646],
        [-117.32568288208, -113.60516705677, 39.069320405251],
        [-117.61834407212, -113.51624360248, 42.05368396116],
        [-117.91100526215, -113.42731919452, 45.038051331765],
        [-118.20366692902, -113.33839574024, 48.022418702371],
        [-118.49632811905, -113.24947228595, 51.006782258279],
        [-118.78898930909, -113.16054787799, 53.991149628884],
        [-119.08165049912, -113.07162442371, 56.975513184792],
        [-119.37431216599, -112.98270096942, 59.959880555398],
        [-119.66697335602, -112.89377656147, 62.944247926003],
        [-119.95963454605, -112.80485310718, 65.928615296609]
],
      "InstanceCreationTime": ["184509.269000", "184509.225000", "184509.271000", "184509.232000", "184509.273000", "184509.234000", "184509.276000", "184509.236000", "184509.278000", "184509.238000", "184509.289000", "184509.240000", "184509.291000", "184509.242000", "184509.293000", "184509.244000", "184509.295000", "184509.246000", "184509.297000", "184509.248000", "184509.299000", "184509.250000", "184509.301000", "184509.252000", "184509.303000", "184509.254000", "184509.305000", "184509.257000", "184509.307000", "184509.259000", "184509.328000", "184509.261000", "184509.330000", "184509.263000", "184509.332000", "184509.265000", "184509.334000", "184509.267000"],
      "InstanceNumber": [1, 2, 3, 4, 5, 6, 7, 8, 9, 10, 11, 12, 13, 14, 15, 16, 17, 18, 19, 20, 21, 22, 23, 24, 25, 26, 27, 28, 29, 30, 31, 32, 33, 34, 35, 36, 37, 38],
      "LargestImagePixelValue": [4080, 4083, 4092, 4083, 4095, 4083, 4093, 4078, 4091, 4094, 4086, 4083, 4087, 4092, 4086, 4068, 4081, 4081, 4089, 4086, 4093, 4070, 4087, 4086, 4092, 4070, 4095, 4095, 4090, 4088, 4086, 4093, 4094, 4094, 4094, 4095, 4093, 4094],
      "SliceLocation": [-37.056117726498, -34.056120428715, -31.056119284587, -28.056118191986, -25.056118945267, -22.056117852666, -19.056118645844, -16.05611846205, -13.056118306524, -10.056119099703, -7.0561184415565, -4.0561187574755, -1.0561186626972, 1.9438813446684, 4.9438812630182, 7.9438809412846, 10.943881125079, 13.943881280605, 16.943881436131, 19.94388067122, 22.94388178708, 25.943880982272, 28.9438821264, 31.943881321592, 34.943882437452, 37.943879763503, 40.943880879363, 43.943882023491, 46.943883116092, 49.943880413875, 52.943881534744, 55.943882673862, 58.943879971646, 61.943881092515, 64.943878390298, 67.943879529416, 70.943880650286, 73.943881742887],
      "SmallestImagePixelValue": [0, 2, 0, 1, 3, 1, 2, 1, 2, 9, 0, 5, 3, 35, 8, 9, 2, 1, 23, 12, 4, 8, 11, 1, 0, 5, 0, 1, 0, 1, 21, 3, 7, 7, 0, 1, 1, 1],
      "WindowCenter": [-272.0, -244.0, -282.0, -360.0, -332.0, -154.0, -124.0, -288.0, -292.0, -270.0, -266.0, -236.0, -274.0, -116.0, -244.0, -234.0, -240.0, -104.0, -252.0, -234.0, -242.0, -270.0, -254.0, -266.0, -250.0, -246.0, -266.0, -264.0, -286.0, -276.0, -178.0, -194.0, -188.0, -218.0, -208.0, -198.0, -176.0, -192.0],
      "WindowWidth": [5664.0, 5688.0, 5252.0, 4758.0, 4692.0, 5460.0, 5380.0, 4618.0, 4616.0, 4586.0, 4570.0, 4528.0, 4540.0, 5094.0, 4504.0, 4512.0, 4514.0, 4928.0, 4532.0, 4500.0, 4486.0, 4476.0, 4466.0, 4474.0, 4484.0, 4498.0, 4540.0, 4580.0, 4632.0, 4650.0, 5314.0, 5312.0, 5714.0, 5760.0, 5946.0, 6066.0, 6246.0, 6476.0]
    }
  }
}