{
  "AcquisitionMatrixPE": 72,
  "AcquisitionNumber": 1,
  "AcquisitionTime": "20:37:4.277500",
  "BodyPartExamined": "BRAIN",
  "ConversionSoftware": "dcm2niix",
  "ConversionSoftwareVersion": "v1.0.20220720",
  "DeviceSerialNumber": "45219",
  "EchoNumber": 2,
  "EchoTime": 0.00738,
  "EchoTime1": 0.00492,
  "EchoTime2": 0.00738,
  "FlipAngle": 60,
  "HeudiconvVersion": "1.1.6",
  "ImageOrientationPatientDICOM": [0.991824, 0.112304, -0.0606058, -0.114758, 0.992642, -0.0386423],
  "ImageType": [
    "ORIGINAL",
    "PRIMARY",
    "P",
    "ND",
    "PHASE"
],
  "ImagingFrequency": 123.182,
  "InPlanePhaseEncodingDirectionDICOM": "ROW",
  "MRAcquisitionType": "2D",
  "MagneticFieldStrength": 3,
  "Manufacturer": "Siemens",
  "ManufacturersModelName": "DicomCleaner",
  "Modality": "MR",
  "NonlinearGradientCorrection": false,
  "PatientPosition": "HFS",
  "PercentPhaseFOV": 100,
  "PercentSampling": 100,
  "PhaseEncodingAxis": "i",
  "PhaseEncodingSteps": 72,
  "PixelBandwidth": 290,
  "ProtocolName": "gre_fm_bold",
  "ReconMatrixPE": 72,
  "RepetitionTime": 0.444,
  "SAR": 0.167432,
  "ScanningSequence": "GR",
  "SequenceName": "*fm2d2r",
  "SequenceVariant": "SP",
  "SeriesDescription": "gre_fm_bold",
  "SeriesNumber": 5,
  "SliceThickness": 3,
  "SliceTiming": [0.21875, 0, 0.23438, 0, 0.23438, 0.01562, 0.25, 0.03125, 0.26562, 0.04688, 0.28125, 0.04688, 0.28125, 0.0625, 0.29688, 0.07812, 0.3125, 0.09375, 0.3125, 0.09375, 0.32812, 0.10938, 0.34375, 0.125, 0.35938, 0.125, 0.375, 0.14062, 0.375, 0.15625, 0.39062, 0.17188, 0.40625, 0.1875, 0.42188, 0.1875, 0.42188, 0.20312],
  "SoftwareVersions": "Tue Feb 12 18:07:17 EST 2019",
  "SpacingBetweenSlices": 3,
  "StationName": "PIERRJ03PC",
  "dcmmeta_affine": [
    [-2.9754717350006104, -0.34427380561828613, -0.16746044158935547, 122.27125549316406],
    [-0.3369123041629791, 2.9779248237609863, -0.13584423065185547, -93.55499267578125],
    [-0.18181738257408142, 0.11592698842287064, 2.9922409057617188, -37.195865631103516],
    [0.0, 0.0, 0.0, 1.0]
],
  "dcmmeta_reorient_transform": [
    [0.0, -1.0, 0.0, 71.0],
    [1.0, 0.0, 0.0, 0.0],
    [0.0, 0.0, -1.0, 37.0],
    [0.0, 0.0, 0.0, 1.0]
],
  "dcmmeta_shape": [72, 72, 38],
  "dcmmeta_slice_dim": 2,
  "dcmmeta_version": 0.6,
  "global": {
    "const": {
      "AcquisitionMatrix": [0, 72, 72, 0],
      "AcquisitionNumber": 1,
      "AngioFlag": "N",
      "BitsAllocated": 16,
      "BitsStored": 12,
      "BodyPartExamined": "BRAIN",
      "Columns": 72,
      "DeidentificationMethod": [
        "Deidentified",
        "Descriptors removed except series except protocol",
        "Patient Characteristics removed",
        "Device identity retained",
        "Institution identity removed",
        "Dates retained",
        "Structured content modified",
        "Unsafe private removed",
        "UIDs remapped"
],
      "DeidentificationMethodCodeSequence": [
        {
          "CodeMeaning": "Basic Application Confidentiality Profile",
          "CodeValue": "113100",
          "CodingSchemeDesignator": "DCM"
        },
        {
          "CodeMeaning": "Remove all descriptors except Series Description & Protocol Name",
          "CodeValue": "210008",
          "CodingSchemeDesignator": "99PMP"
        },
        {
          "CodeMeaning": "Retain Device Identity Option",
          "CodeValue": "113109",
          "CodingSchemeDesignator": "DCM"
        },
        {
          "CodeMeaning": "Retain Longitudinal Temporal Information Full Dates Option",
          "CodeValue": "113106",
          "CodingSchemeDesignator": "DCM"
        },
        {
          "CodeMeaning": "Clean Structured Content Option",
          "CodeValue": "113104",
          "CodingSchemeDesignator": "DCM"
        },
        {
          "CodeMeaning": "Retain Safe Private Option",
          "CodeValue": "113111",
          "CodingSchemeDesignator": "DCM"
        },
        {
          "CodeMeaning": "Remap UIDs",
          "CodeValue": "210001",
          "CodingSchemeDesignator": "99PMP"
        }
],
      "EchoNumbers": 2,
      "EchoTime": 7.38,
      "EchoTrainLength": 0,
      "FlipAngle": 60.0,
      "HighBit": 11,
      "ImageOrientationPatient": [0.99182393959124, 0.11230409748671, -0.0606057962691, -0.1147579382919, 0.99264162008468, -0.0386423300882],
      "ImageType": [
        "ORIGINAL",
        "PRIMARY",
        "P",
        "ND"
],
      "ImagedNucleus": "1H",
      "ImagingFrequency": 123.18181,
      "InPlanePhaseEncodingDirection": "ROW",
      "MRAcquisitionType": "2D",
      "MagneticFieldStrength": 3.0,
      "Manufacturer": "SIEMENS",
      "ManufacturerModelName": "Skyra",
      "Modality": "MR",
      "NumberOfAverages": 1.0,
      "NumberOfPhaseEncodingSteps": 72,
      "PercentPhaseFieldOfView": 100.0,
      "PercentSampling": 100.0,
      "PerformedProcedureStepStartTime": "203006.451000",
      "PhotometricInterpretation": "MONOCHROME2",
      "PixelBandwidth": 290.0,
      "PixelRepresentation": 0,
      "PixelSpacing": [3.0, 3.0],
      "ProcedureCodeSequence": [
        {
          "CodeMeaning": "MRI BRAIN WITHOUT IV CONTRAST",
          "CodeValue": "IMG269",
          "CodingSchemeDesignator": "L"
        }
],
      "ProtocolName": "gre_fm_bold",
      "RepetitionTime": 444.0,
      "RequestedProcedureCodeSequence": [
        {
          "CodeMeaning": "MRI BRAIN WITHOUT IV CONTRAST",
          "CodeValue": "IMG269",
          "CodingSchemeDesignator": "L"
        }
],
      "RescaleIntercept": -4096.0,
      "RescaleSlope": 2.0,
      "RescaleType": "US",
      "Rows": 72,
      "SAR": 0.16743183809655,
      "SamplesPerPixel": 1,
      "ScanningSequence": "GR",
      "SequenceName": "*fm2d2r",
      "SequenceVariant": "SP",
      "SeriesDescription": "gre_fm_bold",
      "SeriesNumber": 5,
      "SeriesTime": "203808.672000",
      "SliceThickness": 3.0,
      "SoftwareVersions": "syngo MR E11",
      "SpacingBetweenSlices": 3.0,
      "StudyTime": "203006.297000",
      "TransmitCoilName": "Body",
      "VariableFlipAngleFlag": "N",
      "WindowCenterWidthExplanation": "Algo1",
      "dBdt": 0.0},
