{
  "AcquisitionMatrixPE": 72,
  "AcquisitionNumber": 1,
  "AcquisitionTime": "16:20:6.440000",
  "BodyPartExamined": "HEAD",
  "ConversionSoftware": "dcm2niix",
  "ConversionSoftwareVersion": "v1.0.20220720",
  "DeviceSerialNumber": "67041",
  "EchoNumber": 2,
  "EchoTime": 0.00738,
  "EchoTime1": 0.00492,
  "EchoTime2": 0.00738,
  "FlipAngle": 60,
  "HeudiconvVersion": "1.1.6",
  "ImageOrientationPatientDICOM": [0.999962, -0.00685129, 0.00540328, 0.00698116, 0.999678, -0.0243954],
  "ImageType": [
    "ORIGINAL",
    "PRIMARY",
    "P",
    "ND",
    "PHASE"
],
  "ImagingFrequency": 123.262,
  "InPlanePhaseEncodingDirectionDICOM": "ROW",
  "MRAcquisitionType": "2D",
  "MagneticFieldStrength": 3,
  "Manufacturer": "Siemens",
  "ManufacturersModelName": "Prisma_fit",
  "Modality": "MR",
  "NonlinearGradientCorrection": false,
  "PatientPosition": "HFS",
  "PercentPhaseFOV": 100,
  "PercentSampling": 100,
  "PhaseEncodingAxis": "i",
  "PhaseEncodingSteps": 72,
  "PixelBandwidth": 290,
  "ProcedureStepDescription": "MRI BRAIN WITHOUT IV CONTRAST",
  "ProtocolName": "gre_fm_bold",
  "ReconMatrixPE": 72,
  "RepetitionTime": 0.444,
  "SAR": 0.101026,
  "ScanningSequence": "GR",
  "SequenceName": "*fm2d2r",
  "SequenceVariant": "SP",
  "SeriesDescription": "gre_fm_bold",
  "SeriesNumber": 4,
  "SliceThickness": 3,
  "SliceTiming": [0.21875, 0, 0.23438, 0.01562, 0.25, 0.01562, 0.25, 0.03125, 0.26562, 0.04688, 0.28125, 0.0625, 0.29688, 0.0625, 0.29688, 0.07812, 0.3125, 0.09375, 0.32812, 0.10938, 0.34375, 0.10938, 0.34375, 0.125, 0.35938, 0.14062, 0.375, 0.15625, 0.39062, 0.15625, 0.39062, 0.17188, 0.40625, 0.1875, 0.42188, 0.20312, 0.4375, 0.20312],
  "SoftwareVersions": "syngo MR E11",
  "SpacingBetweenSlices": 3,
  "dcmmeta_affine": [
    [-2.9998857975006104, 0.020943494513630867, 0.015703201293945312, 113.79594421386719],
    [0.020553870126605034, 2.9990339279174805, -0.07329654693603516, -99.9741439819336],
    [0.016209840774536133, 0.07318615913391113, 2.9990615844726562, -60.82337951660156],
    [0.0, 0.0, 0.0, 1.0]
],
  "dcmmeta_reorient_transform": [
    [0.0, -1.0, 0.0, 71.0],
    [1.0, 0.0, 0.0, 0.0],
    [0.0, 0.0, -1.0, 37.0],
    [0.0, 0.0, 0.0, 1.0]
],
  "dcmmeta_shape": [72, 72, 38],
  "dcmmeta_slice_dim": 2,
  "dcmmeta_version": 0.6,
  "global": {
    "const": {
      "AccessionNumber": "041de2ee",
      "AcquisitionMatrix": [0, 72, 72, 0],
      "AcquisitionNumber": 1,
      "AngioFlag": "N",
      "BitsAllocated": 16,
      "BitsStored": 12,
      "BodyPartExamined": "HEAD",
      "Columns": 72,
      "CountryOfResidence": "United States of America [1]",
      "EchoNumbers": 2,
      "EchoTime": 7.38,
      "EchoTrainLength": 0,
      "FlipAngle": 60.0,
      "HighBit": 11,
      "ImageOrientationPatient": [0.99996193147023, -0.0068512897757, 0.00540328036803, 0.00698116461783, 0.99967801240526, -0.0243953859172],
      "ImageType": [
        "ORIGINAL",
        "PRIMARY",
        "P",
        "ND"
],
      "ImagedNucleus": "1H",
      "ImagingFrequency": 123.262061,
      "InPlanePhaseEncodingDirection": "ROW",
      "MRAcquisitionType": "2D",
      "MagneticFieldStrength": 3.0,
      "Manufacturer": "SIEMENS",
      "ManufacturerModelName": "Prisma_fit",
      "Modality": "MR",
      "NumberOfAverages": 1.0,
      "NumberOfPhaseEncodingSteps": 72,
      "PercentPhaseFieldOfView": 100.0,
      "PercentSampling": 100.0,
      "PerformedProcedureStepStartTime": "153831.530000",
      "PhotometricInterpretation": "MONOCHROME2",
      "PixelBandwidth": 290.0,
      "PixelRepresentation": 0,
      "PixelSpacing": [3.0, 3.0],
      "PregnancyStatus": 4,
      "ProcedureCodeSequence": [
        {
          "CodeMeaning": "MRI BRAIN WITHOUT IV CONTRAST",
          "CodeValue": "IMG269",
          "CodingSchemeDesignator": "L"
        }
],
      "ProtocolName": "gre_fm_bold",
      "RepetitionTime": 444.0,
      "RequestAttributesSequence": [
        {}
],
      "RequestedProcedureCodeSequence": [
        {
          "CodeMeaning": "MRI BRAIN WITHOUT IV CONTRAST",
          "CodeValue": "IMG269",
          "CodingSchemeDesignator": "L"
        }
],
      "RescaleIntercept": -4096.0,
      "RescaleSlope": 2.0,
      "RescaleType": "US",
      "RetrieveAETitle": "ODD",
      "Rows": 72,
      "SAR": 0.10102638360042,
      "SamplesPerPixel": 1,
      "ScanningSequence": "GR",
      "SequenceName": "*fm2d2r",
      "SequenceVariant": "SP",
      "SeriesDescription": "gre_fm_bold",
      "SeriesNumber": 4,
      "SeriesTime": "162110.952000",
      "SliceThickness": 3.0,
      "SmokingStatus": "UNKNOWN",
      "SoftwareVersions": "syngo MR E11",
      "SpacingBetweenSlices": 3.0,
      "SpecificCharacterSet": "ISO_IR 100",
      "StudyID": "a725653c",
      "StudyTime": "153831.384000",
      "TransmitCoilName": "Body",
      "VariableFlipAngleFlag": "N",
      "WindowCenterWidthExplanation": "Algo1",
      "dBdt": 0.0},
    "slices": {
      "AcquisitionTime": ["162006.440000", "162006.217500", "162006.450000", "162006.230000", "162006.462500", "162006.240000", "162006.475000", "162006.252500", "162006.485000", "162006.265000", "162006.497500", "162006.275000", "162006.510000", "162006.287500", "162006.520000", "162006.300000", "162006.532500", "162006.310000", "162006.545000", "162006.322500", "162006.555000", "162006.335000", "162006.567500", "162006.345000", "162006.580000", "162006.357500", "162006.590000", "162006.370000", "162006.602500", "162006.380000", "162006.615000", "162006.392500", "162006.625000", "162006.405000", "162006.637500", "162006.415000", "162006.650000", "162006.427500"],
      "ContentTime": ["162110.994000", "162110.954000", "162110.996000", "162110.957000", "162111.000000", "162110.959000", "162111.002000", "162110.961000", "162111.004000", "162110.963000", "162111.006000", "162110.965000", "162111.008000", "162110.967000", "162111.010000", "162110.970000", "162111.012000", "162110.972000", "162111.015000", "162110.974000", "162111.017000", "162110.976000", "162111.019000", "162110.978000", "162111.021000", "162110.980000", "162111.023000", "162110.982000", "162111.038000", "162110.984000", "162111.040000", "162110.986000", "162111.042000", "162110.988000", "162111.044000", "162110.990000", "162111.046000", "162110.992000"],
      "ImagePositionPatient": [
        [-115.28292875648, -112.95726922881, -55.627227844832],
        [-115.29863195777, -112.88397268187, -52.62816626036],
        [-115.31433515907, -112.81067613494, -49.62910086119],
        [-115.33003836036, -112.737379588, -46.630039276717],
        [-115.34574156165, -112.66408304107, -43.630973877547],
        [-115.36144476295, -112.59078649413, -40.631912293075],
        [-115.37714796424, -112.51748994719, -37.632846893905],
        [-115.39285116554, -112.44419340026, -34.633785309432],
        [-115.40855436683, -112.37089685332, -31.634719910262],
        [-115.42425756812, -112.29760030639, -28.635658325789],
        [-115.43996076942, -112.22430375945, -25.636594833968],
        [-115.45566397071, -112.15100721251, -22.637531342147],
        [-115.47136717201, -112.07771066558, -19.638467850325],
        [-115.4870703733, -112.00441411864, -16.639404358504],
        [-115.50277357459, -111.93111757171, -13.640340866683],
        [-115.51847677589, -111.85782102477, -10.641277374862],
        [-115.53417997718, -111.78452447783, -7.6422138830403],
        [-115.54988317847, -111.7112279309, -4.6431508680562],
        [-115.56558637977, -111.63793138396, -1.6440873762349],
        [-115.58128958106, -111.56463483702, 1.3549760559817],
        [-115.59699278236, -111.49133829009, 4.3540393689891],
        [-115.61269598365, -111.41804174315, 7.3531026223918],
        [-115.62839918494, -111.34474519622, 10.352166114213],
        [-115.64410238624, -111.27144864928, 13.351229606034],
        [-115.65980558753, -111.19815234076, 16.350293097856],
        [-115.67550878883, -111.12485579383, 19.349355636003],
        [-115.69121199012, -111.05155924689, 22.348419127824],
        [-115.70691519141, -110.97826269996, 25.347482619645],
        [-115.72261839271, -110.90496615302, 28.346546111467],
        [-115.738321594, -110.83166960608, 31.345609603288],
        [-115.7540247953, -110.75837305915, 34.344673095109],
        [-115.76972799659, -110.68507651221, 37.343734679582],
        [-115.78543119788, -110.61177996528, 40.342800078752],
        [-115.80113439918, -110.53848341834, 43.341861663224],
        [-115.81683760047, -110.4651868714, 46.340927062394],
        [-115.83254080177, -110.39189032447, 49.339988646867],
        [-115.84824400306, -110.31859377753, 52.339054046037],
        [-115.86394720435, -110.24529723059, 55.338115630509]
],
      "InstanceCreationTime": ["162110.994000", "162110.954000", "162110.996000", "162110.957000", "162111.000000", "162110.959000", "162111.002000", "162110.961000", "162111.004000", "162110.963000", "162111.006000", "162110.965000", "162111.008000", "162110.967000", "162111.010000", "162110.970000", "162111.012000", "162110.972000", "162111.015000", "162110.974000", "162111.017000", "162110.976000", "162111.019000", "162110.978000", "162111.021000", "162110.980000", "162111.023000", "162110.982000", "162111.038000", "162110.984000", "162111.040000", "162110.986000", "162111.042000", "162110.988000", "162111.044000", "162110.990000", "162111.046000", "162110.992000"],
      "InstanceNumber": [1, 2, 3, 4, 5, 6, 7, 8, 9, 10, 11, 12, 13, 14, 15, 16, 17, 18, 19, 20, 21, 22, 23, 24, 25, 26, 27, 28, 29, 30, 31, 32, 33, 34, 35, 36, 37, 38],
      "LargestImagePixelValue": [4080, 4088, 4095, 4090, 4093, 4094, 4093, 4093, 4094, 4093, 4087, 4072, 4091, 4090, 4071, 4088, 4082, 4080, 4090, 4087, 4087, 4091, 4094, 4090, 4084, 4094, 4094, 4091, 4083, 4095, 4090, 4090, 4094, 4092, 4092, 4091, 4094, 4095],
      "SliceLocation": [-57.766215361096, -54.766217134133, -51.766215093663, -48.7662168667, -45.76621482623, -42.766216599267, -39.766214558797, -36.766216331834, -33.766214291364, -30.766216064401, -27.766215930684, -24.766215796968, -21.766215663252, -18.766215529535, -15.766215395819, -12.766215262102, -9.7662151283856, -6.7662154713574, -3.7662153376409, -0.7662152635104, 2.2337846914479, 5.2337845868203, 8.2337847205368, 11.233784854253, 14.233784982145, 17.233784162485, 20.233784296201, 23.233784429918, 26.233784563634, 29.233784697351, 32.233784831067, 35.23378305803, 38.2337850985, 41.233783325463, 44.233785365933, 47.233783592896, 50.233785633366, 53.233783860329],
      "SmallestImagePixelValue": [8, 1, 0, 0, 0, 16, 4, 0, 4, 0, 3, 7, 17, 5, 5, 2, 7, 12, 1, 1, 1, 2, 0, 0, 0, 2, 6, 0, 0, 0, 1, 0, 0, 0, 2, 0, 0, 0],
      "WindowCenter": [-264.0, -216.0, -260.0, -210.0, -224.0, -180.0, -196.0, -182.0, -298.0, -280.0, -270.0, -116.0, -244.0, -92.0, -110.0, -68.0, -68.0, -56.0, -70.0, -86.0, -36.0, -42.0, -70.0, -172.0, -210.0, -40.0, -132.0, -104.0, -292.0, -300.0, -220.0, -154.0, -218.0, -244.0, -260.0, -236.0, -244.0, -318.0],
      "WindowWidth": [5972.0, 5978.0, 5720.0, 5736.0, 5638.0, 5668.0, 5534.0, 5296.0, 4716.0, 4650.0, 4620.0, 4986.0, 4558.0, 5046.0, 5102.0, 5198.0, 5236.0, 5180.0, 5084.0, 5052.0, 5258.0, 5154.0, 5038.0, 4568.0, 4600.0, 5246.0, 4968.0, 5132.0, 4720.0, 4728.0, 5472.0, 5754.0, 5882.0, 5984.0, 6132.0, 6214.0, 6382.0, 6330.0]
    }
  }
}