{
  "AcquisitionMatrixPE": 72,
  "AcquisitionNumber": 1,
  "AcquisitionTime": "16:13:17.832500",
  "BandwidthPerPixelPhaseEncode": 24.366,
  "BaseResolution": 72,
  "BodyPartExamined": "BRAIN",
  "CoilCombinationMethod": "Sum of Squares",
  "ConsistencyInfo": "N4_VE11C_LATEST_20160120",
  "ConversionSoftware": "dcm2niix",
  "ConversionSoftwareVersion": "v1.0.20220720",
  "DerivedVendorReportedEchoSpacing": 0.000570011,
  "DeviceSerialNumber": "45219",
  "DwellTime": 3.5e-06,
  "EchoTime": 0.03,
  "EchoTrainLength": 72,
  "EffectiveEchoSpacing": 0.000570011,
  "FlipAngle": 80,
  "HeudiconvVersion": "1.1.6",
  "ImageOrientationPatientDICOM": [0.999724, -0.0195593, 0.0129866, 0.0174502, 0.989082, 0.146333],
  "ImageOrientationText": "Tra>Cor(8.4)>Sag(0.9)",
  "ImageType": [
    "ORIGINAL",
    "PRIMARY",
    "M",
    "ND",
    "NORM",
    "MOSAIC"
],
  "ImagingFrequency": 123.182,
  "InPlanePhaseEncodingDirectionDICOM": "COL",
  "InstitutionAddress": "First Avenue 660,New York,NYC,US,10016",
  "InstitutionName": "NYU LANGONE CBI",
  "InstitutionalDepartmentName": "Department",
  "MRAcquisitionType": "2D",
  "MagneticFieldStrength": 3,
  "Manufacturer": "Siemens",
  "ManufacturersModelName": "Skyra",
  "MatrixCoilMode": "SENSE",
  "Modality": "MR",
  "NonlinearGradientCorrection": false,
  "PartialFourier": 1,
  "PatientPosition": "HFS",
  "PercentPhaseFOV": 100,
  "PercentSampling": 100,
  "PhaseEncodingDirection": "j-",
  "PhaseEncodingSteps": 72,
  "PhaseResolution": 1,
  "PixelBandwidth": 1985,
  "ProcedureStepDescription": "MRI BRAIN WITHOUT IV CONTRAST",
  "ProtocolName": "REST_2",
  "PulseSequenceDetails": "%SiemensSeq%\\ep2d_bold",
  "ReceiveCoilActiveElements": "HE1-4",
  "ReceiveCoilName": "HeadNeck_20",
  "ReconMatrixPE": 72,
  "RepetitionTime": 2.5,
  "SAR": 0.111255,
  "ScanOptions": "FS",
  "ScanningSequence": "EP",
  "SequenceName": "*epfid2d1_72",
  "SequenceVariant": "SK",
  "SeriesDescription": "REST_2",
  "SeriesNumber": 12,
  "ShimSetting": [-855, -7005, 5029, 181, -160, 287, 357, -221],
  "SliceThickness": 3,
  "SliceTiming": [1.24, 0, 1.305, 0.065, 1.37, 0.13, 1.435, 0.195, 1.5, 0.26, 1.565, 0.325, 1.6325, 0.3925, 1.6975, 0.4575, 1.7625, 0.5225, 1.8275, 0.5875, 1.8925, 0.6525, 1.9575, 0.7175, 2.0225, 0.7825, 2.0875, 0.8475, 2.1525, 0.9125, 2.2175, 0.9775, 2.285, 1.045, 2.35, 1.11, 2.415, 1.175],
  "SoftwareVersions": "syngo MR E11",
  "SpacingBetweenSlices": 3,
  "StationName": "MRC45219",
  "TaskName": "rest",
  "TotalReadoutTime": 0.0404708,
  "TxRefAmp": 409.473,
  "dcmmeta_affine": [
    [-2.999173164367676, 0.052350714802742004, 0.04712079465389252, 105.2658920288086],
    [0.0586780346930027, 2.9672443866729736, 0.43819761276245117, -120.70707702636719],
    [0.038959652185440063, -0.4389984607696533, 2.9674506187438965, -30.46245574951172],
    [0.0, 0.0, 0.0, 1.0]
],
  "dcmmeta_reorient_transform": [
    [0.0, -1.0, 0.0, 71.0],
    [1.0, 0.0, 0.0, 0.0],
    [0.0, 0.0, 1.0, 0.0],
    [0.0, 0.0, 0.0, 1.0]
],
  "dcmmeta_shape": [72, 72, 38, 122],
  "dcmmeta_slice_dim": 2,
  "dcmmeta_version": 0.6,
  "global": {
    "const": {
      "AccessionNumber": "REMOVED",
      "AcquisitionMatrix": [72, 0, 0, 72],
      "AngioFlag": "N",
      "BitsAllocated": 16,
      "BitsStored": 12,
      "BodyPartExamined": "BRAIN",
      "Columns": 504,
      "CountryOfResidence": "REMOVED",
      "DeidentificationMethod": "anonymize.default",
      "DeidentificationMethodCodeSequence": [
        {
          "CodeMeaning": "Basic Anonymization",
          "CodeValue": "113199",
          "CodingSchemeDesignator": "2012CDX"
        }
],
      "EchoNumbers": 1,
      "EchoTime": 30.0,
      "EchoTrainLength": 72,
      "FlipAngle": 80.0,
      "HighBit": 11,
      "ImageOrientationPatient": [0.99972435276578, -0.0195593454338, 0.01298655047489, 0.01745023813633, 0.98908149096998, 0.14633281726799],
      "ImagePositionPatient": [-768.1119307211, -718.21763122368, -164.87029629218],
      "ImageType": [
        "ORIGINAL",
        "PRIMARY",
        "M",
        "ND",
        "NORM",
        "MOSAIC"
],
      "ImagedNucleus": "1H",
      "ImagingFrequency": 123.182179,
      "InPlanePhaseEncodingDirection": "COL",
      "MRAcquisitionType": "2D",
      "MagneticFieldStrength": 3.0,
      "Manufacturer": "SIEMENS",
      "ManufacturerModelName": "Skyra",
      "Modality": "MR",
      "NumberOfAverages": 1.0,
      "NumberOfPhaseEncodingSteps": 72,
      "PercentPhaseFieldOfView": 100.0,
      "PercentSampling": 100.0,
      "PerformedProcedureStepStartTime": "154639.913000",
      "PhotometricInterpretation": "MONOCHROME2",
      "PixelBandwidth": 1985.0,
      "PixelRepresentation": 0,
      "PixelSpacing": [3.0, 3.0],
      "PregnancyStatus": 0,
      "ProcedureCodeSequence": [
        {
          "CodeMeaning": "MRI BRAIN WITHOUT IV CONTRAST",
          "CodeValue": "IMG269",
          "CodingSchemeDesignator": "L"
        }
],
      "ProtocolName": "REST_2",
      "RepetitionTime": 2500.0,
      "RequestAttributesSequence": [
        {
          "RequestedProcedureID": "306547939",
          "ScheduledProcedureStepDescription": "MRI BRAIN WITHOUT IV CONTRAST",
          "ScheduledProcedureStepID": "E9367607",
          "ScheduledProtocolCodeSequence": [
            {
              "CodeMeaning": "MRI BRAIN WITHOUT IV CONTRAST",
              "CodeValue": "651061",
              "CodingSchemeDesignator": "L"
            }
]
        }
],
      "RequestedProcedureCodeSequence": [
        {
          "CodeMeaning": "MRI BRAIN WITHOUT IV CONTRAST",
          "CodeValue": "IMG269",
          "CodingSchemeDesignator": "L"
        }
],
      "Rows": 504,
      "SAR": 0.11125497791324,
      "SamplesPerPixel": 1,
      "ScanOptions": "FS",
      "ScanningSequence": "EP",
      "SequenceName": "*epfid2d1_72",
      "SequenceVariant": "SK",
      "SeriesDescription": "REST_2",
      "SeriesNumber": 12,
      "SeriesTime": "161408.943000",
      "SliceLocation": -46.109722552459,
      "SliceThickness": 3.0,
      "SmallestImagePixelValue": 0,
      "SmokingStatus": "REMOVED",
      "SoftwareVersions": "syngo MR E11",
      "SpacingBetweenSlices": 3.0000001220631,
      "SpecificCharacterSet": "ISO_IR 100",
      "StudyID": "REMOVED",
      "StudyTime": "154639.758000",
      "TransmitCoilName": "Body",
      "VariableFlipAngleFlag": "N",
      "WindowCenterWidthExplanation": "Algo1",
      "dBdt": 0.0},
