{
  "AcquisitionMatrixPE": 72,
  "AcquisitionNumber": 1,
  "AcquisitionTime": "18:14:15.485000",
  "BodyPartExamined": "BRAIN",
  "ConversionSoftware": "dcm2niix",
  "ConversionSoftwareVersion": "v1.0.20220720",
  "DeviceSerialNumber": "67041",
  "EchoNumber": 2,
  "EchoTime": 0.00738,
  "EchoTime1": 0.00492,
  "EchoTime2": 0.00738,
  "FlipAngle": 60,
  "HeudiconvVersion": "1.1.6",
  "ImageOrientationPatientDICOM": [0.9981, 0.0275342, 0.0551285, -0.0261362, 0.999322, -0.0259223],
  "ImageType": [
    "ORIGINAL",
    "PRIMARY",
    "P",
    "ND",
    "PHASE"
],
  "ImagingFrequency": 123.26,
  "InPlanePhaseEncodingDirectionDICOM": "ROW",
  "MRAcquisitionType": "2D",
  "MagneticFieldStrength": 3,
  "Manufacturer": "Siemens",
  "ManufacturersModelName": "Prisma_fit",
  "Modality": "MR",
  "NonlinearGradientCorrection": false,
  "PatientPosition": "HFS",
  "PercentPhaseFOV": 100,
  "PercentSampling": 100,
  "PhaseEncodingAxis": "i",
  "PhaseEncodingSteps": 72,
  "PixelBandwidth": 290,
  "ProcedureStepDescription": "MRI BRAIN WITHOUT IV CONTRAST",
  "ProtocolName": "gre_fm_bold",
  "ReconMatrixPE": 72,
  "RepetitionTime": 0.444,
  "SAR": 0.133048,
  "ScanningSequence": "GR",
  "SequenceName": "*fm2d2r",
  "SequenceVariant": "SP",
  "SeriesDescription": "gre_fm_bold",
  "SeriesNumber": 4,
  "SliceThickness": 3,
  "SliceTiming": [0.21875, 0, 0.23438, 0.01562, 0.25, 0.01562, 0.25, 0.03125, 0.26562, 0.04688, 0.28125, 0.0625, 0.29688, 0.0625, 0.29688, 0.07812, 0.3125, 0.09375, 0.32812, 0.10938, 0.34375, 0.10938, 0.34375, 0.125, 0.35938, 0.14062, 0.375, 0.15625, 0.39062, 0.15625, 0.39062, 0.17188, 0.40625, 0.1875, 0.42188, 0.20312, 0.42188, 0.20312],
  "SoftwareVersions": "syngo MR E11",
  "SpacingBetweenSlices": 3,
  "dcmmeta_affine": [
    [-2.9942986965179443, -0.07840846478939056, 0.16741442680358887, 107.92832946777344],
    [-0.0826026052236557, 2.997966766357422, -0.07329654693603516, -90.6567153930664],
    [0.16538536548614502, 0.07776686549186707, 2.994426727294922, -53.2729377746582],
    [0.0, 0.0, 0.0, 1.0]
],
  "dcmmeta_reorient_transform": [
    [0.0, -1.0, 0.0, 71.0],
    [1.0, 0.0, 0.0, 0.0],
    [0.0, 0.0, -1.0, 37.0],
    [0.0, 0.0, 0.0, 1.0]
],
  "dcmmeta_shape": [72, 72, 38],
  "dcmmeta_slice_dim": 2,
  "dcmmeta_version": 0.6,
  "global": {
    "const": {
      "AccessionNumber": "49b65c5c",
      "AcquisitionMatrix": [0, 72, 72, 0],
      "AcquisitionNumber": 1,
      "AngioFlag": "N",
      "BitsAllocated": 16,
      "BitsStored": 12,
      "BodyPartExamined": "BRAIN",
      "Columns": 72,
      "CountryOfResidence": "United States of America [1]",
      "EchoNumbers": 2,
      "EchoTime": 7.38,
      "EchoTrainLength": 0,
      "FlipAngle": 60.0,
      "HighBit": 11,
      "ImageOrientationPatient": [0.99809955477939, 0.02753420275313, 0.05512845388673, -0.0261361558037, 0.99932223849181, -0.0259222880072],
      "ImageType": [
        "ORIGINAL",
        "PRIMARY",
        "P",
        "ND"
],
      "ImagedNucleus": "1H",
      "ImagingFrequency": 123.260272,
      "InPlanePhaseEncodingDirection": "ROW",
      "MRAcquisitionType": "2D",
      "MagneticFieldStrength": 3.0,
      "Manufacturer": "SIEMENS",
      "ManufacturerModelName": "Prisma_fit",
      "Modality": "MR",
      "NumberOfAverages": 1.0,
      "NumberOfPhaseEncodingSteps": 72,
      "PercentPhaseFieldOfView": 100.0,
      "PercentSampling": 100.0,
      "PerformedProcedureStepStartTime": "180316.630000",
      "PhotometricInterpretation": "MONOCHROME2",
      "PixelBandwidth": 290.0,
      "PixelRepresentation": 0,
      "PixelSpacing": [3.0, 3.0],
      "PregnancyStatus": 4,
      "ProcedureCodeSequence": [
        {
          "CodeMeaning": "MRI BRAIN WITHOUT IV CONTRAST",
          "CodeValue": "IMG269",
          "CodingSchemeDesignator": "L"
        }
],
      "ProtocolName": "gre_fm_bold",
      "RepetitionTime": 444.0,
      "RequestAttributesSequence": [
        {
          "ScheduledProcedureStepDescription": "MRI BRAIN WITHOUT IV CONTRAST",
          "ScheduledProcedureStepID": "E19143359",
          "ScheduledProtocolCodeSequence": [
            {
              "CodeMeaning": "MRI BRAIN WITHOUT IV CONTRAST",
              "CodeValue": "651061",
              "CodingSchemeDesignator": "L"
            }
]
        }
],
      "RequestedProcedureCodeSequence": [
        {
          "CodeMeaning": "MRI BRAIN WITHOUT IV CONTRAST",
          "CodeValue": "IMG269",
          "CodingSchemeDesignator": "L"
        }
],
      "RescaleIntercept": -4096.0,
      "RescaleSlope": 2.0,
      "RescaleType": "US",
      "RetrieveAETitle": "ODD",
      "Rows": 72,
      "SAR": 0.13304832641358,
      "SamplesPerPixel": 1,
      "ScanningSequence": "GR",
      "SequenceName": "*fm2d2r",
      "SequenceVariant": "SP",
      "SeriesDescription": "gre_fm_bold",
      "SeriesNumber": 4,
      "SeriesTime": "181519.464000",
      "SliceThickness": 3.0,
      "SmokingStatus": "UNKNOWN",
      "SoftwareVersions": "syngo MR E11",
      "SpacingBetweenSlices": 3.0,
      "SpecificCharacterSet": "ISO_IR 100",
      "StudyID": "82bb1414",
      "StudyTime": "180316.463000",
      "TransmitCoilName": "Body",
      "VariableFlipAngleFlag": "N",
      "WindowCenterWidthExplanation": "Algo1",
      "dBdt": 0.0},
    "slices": {
      "AcquisitionTime": ["181415.485000", "181415.262500", "181415.497500", "181415.275000", "181415.510000", "181415.287500", "181415.520000", "181415.297500", "181415.532500", "181415.310000", "181415.545000", "181415.322500", "181415.555000", "181415.335000", "181415.567500", "181415.345000", "181415.580000", "181415.357500", "181415.590000", "181415.370000", "181415.602500", "181415.380000", "181415.615000", "181415.392500", "181415.625000", "181415.405000", "181415.637500", "181415.415000", "181415.650000", "181415.427500", "181415.660000", "181415.440000", "181415.672500", "181415.450000", "181415.685000", "181415.462500", "181415.695000", "181415.475000"],
      "ContentTime": ["181519.506000", "181519.466000", "181519.508000", "181519.469000", "181519.510000", "181519.471000", "181519.512000", "181519.473000", "181519.514000", "181519.475000", "181519.516000", "181519.477000", "181519.519000", "181519.479000", "181519.521000", "181519.481000", "181519.523000", "181519.483000", "181519.525000", "181519.485000", "181519.527000", "181519.487000", "181519.529000", "181519.489000", "181519.531000", "181519.491000", "181519.533000", "181519.493000", "181519.535000", "181519.496000", "181519.537000", "181519.498000", "181519.539000", "181519.500000", "181519.542000", "181519.502000", "181519.544000", "181519.504000"],
      "ImagePositionPatient": [
        [-102.36132526282, -122.19892132889, -47.751544509956],
        [-102.52873992805, -122.12562478196, -44.757113967964],
        [-102.69615435485, -122.05232918869, -41.762687240669],
        [-102.86356878165, -121.97903264176, -38.768256698676],
        [-103.03098344688, -121.90573609482, -35.773829971382],
        [-103.19839799289, -121.83243954789, -32.779401336738],
        [-103.36581241969, -121.75914300095, -29.784974609443],
        [-103.5332269657, -121.68584645401, -26.790545974799],
        [-103.70064151172, -121.61254990708, -23.796117340156],
        [-103.86805605773, -121.53925336014, -20.801688705512],
        [-104.03547054414, -121.46595681321, -17.807261024543],
        [-104.20288509015, -121.39266026627, -14.812833343574],
        [-104.37029963616, -121.31936371933, -11.81840470893],
        [-104.53771412257, -121.2460671724, -8.8239765511239],
        [-104.70512866859, -121.17277062546, -5.8295486317361],
        [-104.8725431848, -121.09947407853, -2.8351204143251],
        [-105.03995770846, -121.02617753159, 0.15930768387667],
        [-105.20737223212, -120.95288098465, 3.1537360801016],
        [-105.37478676323, -120.87958443772, 6.148164237908],
        [-105.54220127944, -120.80628789078, 9.1425919188773],
        [-105.70961582545, -120.73299134385, 12.137020553521],
        [-105.87703031186, -120.65969479691, 15.131449188164],
        [-106.04444491748, -120.58639824997, 18.125875915459],
        [-106.21185934428, -120.51310170304, 21.120304550103],
        [-106.3792738903, -120.4398051561, 24.114733184746],
        [-106.54668843631, -120.36650860916, 27.10916181939],
        [-106.71410298232, -120.29321206223, 30.103588546685],
        [-106.88151752833, -120.21991551529, 33.098019088677],
        [-107.04893207435, -120.14661896836, 36.092445815972],
        [-107.21634650115, -120.07332242142, 39.086872543267],
        [-107.38376116637, -120.00002587448, 42.081303085259],
        [-107.55117559318, -119.92672932755, 45.075729812554],
        [-107.71859001998, -119.85343278061, 48.070156539849],
        [-107.8860046852, -119.78013623368, 51.064587081841],
        [-108.05341911201, -119.70683968674, 54.059013809136],
        [-108.22083377723, -119.6335431398, 57.053444351128],
        [-108.38824820403, -119.56024659287, 60.047871078423],
        [-108.55566263084, -119.48695004593, 63.042297805718]
],
      "InstanceCreationTime": ["181519.506000", "181519.466000", "181519.508000", "181519.469000", "181519.510000", "181519.471000", "181519.512000", "181519.473000", "181519.514000", "181519.475000", "181519.516000", "181519.477000", "181519.519000", "181519.479000", "181519.521000", "181519.481000", "181519.523000", "181519.483000", "181519.525000", "181519.485000", "181519.527000", "181519.487000", "181519.529000", "181519.489000", "181519.531000", "181519.491000", "181519.533000", "181519.493000", "181519.535000", "181519.496000", "181519.537000", "181519.498000", "181519.539000", "181519.500000", "181519.542000", "181519.502000", "181519.544000", "181519.504000"],
      "InstanceNumber": [1, 2, 3, 4, 5, 6, 7, 8, 9, 10, 11, 12, 13, 14, 15, 16, 17, 18, 19, 20, 21, 22, 23, 24, 25, 26, 27, 28, 29, 30, 31, 32, 33, 34, 35, 36, 37, 38],
      "LargestImagePixelValue": [4089, 4093, 4092, 4083, 4092, 4090, 4092, 4094, 4085, 4092, 4091, 4090, 4089, 4087, 4070, 4080, 4095, 4060, 4089, 4090, 4093, 4090, 4090, 4087, 4083, 4095, 4085, 4090, 4089, 4094, 4094, 4095, 4087, 4092, 4091, 4094, 4094, 4094],
      "SliceLocation": [-44.936185003122, -41.936182615666, -38.936184072428, -35.936181698277, -32.936183118434, -29.936182641437, -26.936184074898, -23.936183597901, -20.936183120904, -17.936182643907, -14.936183122139, -11.936183597045, -8.936183120048, -5.9361831223287, -2.9361833592589, 0.06381669961745, 3.0638166399217, 6.0638168776957, 9.0638168779097, 12.063816401341, 15.063816878338, 18.063817352008, 21.063815928526, 24.06381639887, 27.063816875867, 30.063817352864, 33.063815926055, 36.063818306859, 39.06381688005, 42.063815446588, 45.063817834044, 48.063816400582, 51.063814967121, 54.063817354576, 57.063815921115, 60.06381830857, 63.063816875109, 66.063815441647],
      "SmallestImagePixelValue": [5, 3, 0, 7, 0, 2, 9, 2, 7, 17, 27, 14, 7, 1, 29, 10, 23, 38, 3, 12, 6, 1, 10, 24, 2, 11, 7, 0, 3, 3, 2, 5, 1, 1, 0, 1, 1, 0],
      "WindowCenter": [-246.0, -218.0, -228.0, -394.0, -192.0, -160.0, -150.0, -158.0, -270.0, -252.0, -272.0, -266.0, -138.0, -114.0, -100.0, -208.0, -34.0, -68.0, -194.0, -196.0, -198.0, -182.0, -196.0, -180.0, -232.0, -84.0, -260.0, -250.0, -272.0, -172.0, -168.0, -198.0, -188.0, -216.0, -244.0, -174.0, -160.0, -210.0],
      "WindowWidth": [5780.0, 5786.0, 5560.0, 4764.0, 5434.0, 5444.0, 5312.0, 5158.0, 4608.0, 4588.0, 4600.0, 4592.0, 5290.0, 5204.0, 5162.0, 4546.0, 5228.0, 4928.0, 4526.0, 4516.0, 4520.0, 4508.0, 4512.0, 4504.0, 4558.0, 5196.0, 4596.0, 4610.0, 4650.0, 5194.0, 5418.0, 5566.0, 5776.0, 5850.0, 5998.0, 6182.0, 6340.0, 6562.0]
    }
  }
}