{
  "AcquisitionMatrixPE": 72,
  "AcquisitionNumber": 1,
  "AcquisitionTime": "17:03:4.340000",
  "BodyPartExamined": "BRAIN",
  "ConversionSoftware": "dcm2niix",
  "ConversionSoftwareVersion": "v1.0.20220720",
  "DeviceSerialNumber": "45219",
  "EchoNumber": 2,
  "EchoTime": 0.00738,
  "EchoTime1": 0.00492,
  "EchoTime2": 0.00738,
  "FlipAngle": 60,
  "HeudiconvVersion": "1.1.6",
  "ImageOrientationPatientDICOM": [1, 4.896e-12, 3.4e-14, -4.897e-12, 0.999976, 0.00698126],
  "ImageType": [
    "ORIGINAL",
    "PRIMARY",
    "P",
    "ND",
    "PHASE"
],
  "ImagingFrequency": 123.187,
  "InPlanePhaseEncodingDirectionDICOM": "ROW",
  "MRAcquisitionType": "2D",
  "MagneticFieldStrength": 3,
  "Manufacturer": "Siemens",
  "ManufacturersModelName": "Skyra",
  "Modality": "MR",
  "NonlinearGradientCorrection": false,
  "PatientPosition": "HFS",
  "PercentPhaseFOV": 100,
  "PercentSampling": 100,
  "PhaseEncodingAxis": "i",
  "PhaseEncodingSteps": 72,
  "PixelBandwidth": 290,
  "ProcedureStepDescription": "MRI BRAIN WITHOUT IV CONTRAST",
  "ProtocolName": "gre_fm_bold",
  "ReconMatrixPE": 72,
  "RepetitionTime": 0.444,
  "SAR": 0.19817,
  "ScanningSequence": "GR",
  "SequenceName": "*fm2d2r",
  "SequenceVariant": "SP",
  "SeriesDescription": "gre_fm_bold",
  "SeriesNumber": 5,
  "SliceThickness": 3,
  "SliceTiming": [0.21875, 0, 0.23438, 0, 0.23438, 0.01562, 0.25, 0.03125, 0.26562, 0.04688, 0.26562, 0.04688, 0.28125, 0.0625, 0.29688, 0.07812, 0.3125, 0.09375, 0.3125, 0.09375, 0.32812, 0.10938, 0.34375, 0.125, 0.35938, 0.125, 0.375, 0.14062, 0.375, 0.15625, 0.39062, 0.17188, 0.40625, 0.1875, 0.40625, 0.1875, 0.42188, 0.20312],
  "SoftwareVersions": "syngo MR E11",
  "SpacingBetweenSlices": 3,
  "dcmmeta_affine": [
    [-3.0, -1.4691000152500244e-11, 0.0, 105.21141815185547],
    [-1.468800081561028e-11, 2.999926805496216, 0.020943880081176758, -108.03079223632812],
    [1.019999988876967e-13, -0.02094378136098385, 2.9999237060546875, -34.25804901123047],
    [0.0, 0.0, 0.0, 1.0]
],
  "dcmmeta_reorient_transform": [
    [0.0, -1.0, 0.0, 71.0],
    [1.0, 0.0, 0.0, 0.0],
    [0.0, 0.0, -1.0, 37.0],
    [0.0, 0.0, 0.0, 1.0]
],
  "dcmmeta_shape": [72, 72, 38],
  "dcmmeta_slice_dim": 2,
  "dcmmeta_version": 0.6,
  "global": {
    "const": {
      "AccessionNumber": "e1d6c545",
      "AcquisitionMatrix": [0, 72, 72, 0],
      "AcquisitionNumber": 1,
      "AngioFlag": "N",
      "BitsAllocated": 16,
      "BitsStored": 12,
      "BodyPartExamined": "BRAIN",
      "Columns": 72,
      "CountryOfResidence": "United States of America [1]",
      "EchoNumbers": 2,
      "EchoTime": 7.38,
      "EchoTrainLength": 0,
      "FlipAngle": 60.0,
      "HighBit": 11,
      "ImageOrientationPatient": [1.0, 4.896e-12, 3.4e-14, -4.897e-12, 0.99997563070494, 0.00698126036313],
      "ImageType": [
        "ORIGINAL",
        "PRIMARY",
        "P",
        "ND"
],
      "ImagedNucleus": "1H",
      "ImagingFrequency": 123.187097,
      "InPlanePhaseEncodingDirection": "ROW",
      "MRAcquisitionType": "2D",
      "MagneticFieldStrength": 3.0,
      "Manufacturer": "SIEMENS",
      "ManufacturerModelName": "Skyra",
      "Modality": "MR",
      "NumberOfAverages": 1.0,
      "NumberOfPhaseEncodingSteps": 72,
      "PercentPhaseFieldOfView": 100.0,
      "PercentSampling": 100.0,
      "PerformedProcedureStepStartTime": "165506.787000",
      "PhotometricInterpretation": "MONOCHROME2",
      "PixelBandwidth": 290.0,
      "PixelRepresentation": 0,
      "PixelSpacing": [3.0, 3.0],
      "PregnancyStatus": 4,
      "ProcedureCodeSequence": [
        {
          "CodeMeaning": "MRI BRAIN WITHOUT IV CONTRAST",
          "CodeValue": "IMG269",
          "CodingSchemeDesignator": "L"
        }
],
      "ProtocolName": "gre_fm_bold",
      "RepetitionTime": 444.0,
      "RequestAttributesSequence": [
        {
          "ScheduledProcedureStepDescription": "MRI BRAIN WITHOUT IV CONTRAST",
          "ScheduledProcedureStepID": "E12133348",
          "ScheduledProtocolCodeSequence": [
            {
              "CodeMeaning": "MRI BRAIN WITHOUT IV CONTRAST",
              "CodeValue": "651061",
              "CodingSchemeDesignator": "L"
            }
]
        }
],
      "RequestedProcedureCodeSequence": [
        {
          "CodeMeaning": "MRI BRAIN WITHOUT IV CONTRAST",
          "CodeValue": "IMG269",
          "CodingSchemeDesignator": "L"
        }
],
      "RescaleIntercept": -4096.0,
      "RescaleSlope": 2.0,
      "RescaleType": "US",
      "Rows": 72,
      "SAR": 0.1981696854014,
      "SamplesPerPixel": 1,
      "ScanningSequence": "GR",
      "SequenceName": "*fm2d2r",
      "SequenceVariant": "SP",
      "SeriesDescription": "gre_fm_bold",
      "SeriesNumber": 5,
      "SeriesTime": "170408.350000",
      "SliceThickness": 3.0,
      "SmokingStatus": "UNKNOWN",
      "SoftwareVersions": "syngo MR E11",
      "SpacingBetweenSlices": 3.0,
      "SpecificCharacterSet": "ISO_IR 100",
      "StudyID": "a9cba69c",
      "StudyTime": "165506.638000",
      "TransmitCoilName": "Body",
      "VariableFlipAngleFlag": "N",
      "WindowCenterWidthExplanation": "Algo1",
      "dBdt": 0.0},
    "slices": {
      "AcquisitionTime": ["170304.340000", "170304.117500", "170304.352500", "170304.130000", "170304.362500", "170304.140000", "170304.375000", "170304.152500", "170304.387500", "170304.165000", "170304.397500", "170304.175000", "170304.410000", "170304.187500", "170304.422500", "170304.200000", "170304.432500", "170304.212500", "170304.445000", "170304.222500", "170304.457500", "170304.235000", "170304.467500", "170304.247500", "170304.480000", "170304.257500", "170304.492500", "170304.270000", "170304.502500", "170304.282500", "170304.515000", "170304.292500", "170304.527500", "170304.305000", "170304.537500", "170304.317500", "170304.550000", "170304.327500"],
      "ContentTime": ["170408.396000", "170408.352000", "170408.398000", "170408.356000", "170408.403000", "170408.358000", "170408.409000", "170408.360000", "170408.411000", "170408.363000", "170408.413000", "170408.365000", "170408.415000", "170408.368000", "170408.417000", "170408.370000", "170408.419000", "170408.372000", "170408.421000", "170408.374000", "170408.423000", "170408.377000", "170408.426000", "170408.379000", "170408.428000", "170408.381000", "170408.430000", "170408.383000", "170408.433000", "170408.385000", "170408.435000", "170408.388000", "170408.437000", "170408.390000", "170408.439000", "170408.392000", "170408.441000", "170408.394000"],
      "ImagePositionPatient": [
        [-105.21142101235, -104.96402360944, -35.745171797932],
        [-105.21142101235, -104.98496748953, -32.745246184529],
        [-105.21142101235, -105.00591113119, -29.745320571126],
        [-105.21142101235, -105.02685501127, -26.745393050374],
        [-105.21142101235, -105.04779865293, -23.745465529622],
        [-105.21142101235, -105.06874253301, -20.745539916219],
        [-105.21142101235, -105.08968617468, -17.745612395467],
        [-105.21142101235, -105.11063005476, -14.745684874715],
        [-105.21142101235, -105.13157393484, -11.745758307637],
        [-105.21142101235, -105.1525175765, -8.7458312637222],
        [-105.21142101235, -105.17346145658, -5.7459046966446],
        [-105.21142101235, -105.19440509824, -2.7459776527298],
        [-105.21142101235, -105.21534897833, 0.25394927197571],
        [-105.21142101235, -105.23629285841, 3.2538759582626],
        [-105.21142101235, -105.25723650007, 6.2538030021774],
        [-105.21142101235, -105.27818038015, 9.2537295692551],
        [-105.21142101235, -105.29912402181, 12.253657090007],
        [-105.21142101235, -105.32006790189, 15.253584610759],
        [-105.21142101235, -105.34101154356, 18.253510224162],
        [-105.21142101235, -105.36195542364, 21.253437744914],
        [-105.21142101235, -105.38289930372, 24.253365265666],
        [-105.21142101235, -105.40384294538, 27.25329087907],
        [-105.21142101235, -105.42478682546, 30.253218399821],
        [-105.21142101235, -105.44573046713, 33.253145920573],
        [-105.21142101235, -105.46667434721, 36.253073441325],
        [-105.21142101235, -105.48761822729, 39.25299714738],
        [-105.21142101235, -105.50856186895, 42.252924668132],
        [-105.21142101235, -105.52950574903, 45.252852188884],
        [-105.21142101235, -105.55044939069, 48.252779709636],
        [-105.21142101235, -105.57139327078, 51.252707230388],
        [-105.21142101235, -105.59233691244, 54.25263475114],
        [-105.21142101235, -105.61328079252, 57.252558457195],
        [-105.21142101235, -105.6342246726, 60.252485977946],
        [-105.21142101235, -105.65516831426, 63.252417313396],
        [-105.21142101235, -105.67611219434, 66.25234101945],
        [-105.21142101235, -105.69705583601, 69.252264725505],
        [-105.21142101235, -105.71799971609, 72.252196060954],
        [-105.21142101235, -105.73894359617, 75.252119767009]
],
      "InstanceCreationTime": ["170408.396000", "170408.352000", "170408.398000", "170408.356000", "170408.403000", "170408.358000", "170408.409000", "170408.360000", "170408.411000", "170408.363000", "170408.413000", "170408.365000", "170408.415000", "170408.368000", "170408.417000", "170408.370000", "170408.419000", "170408.372000", "170408.421000", "170408.374000", "170408.423000", "170408.377000", "170408.426000", "170408.379000", "170408.428000", "170408.381000", "170408.430000", "170408.383000", "170408.433000", "170408.385000", "170408.435000", "170408.388000", "170408.437000", "170408.390000", "170408.439000", "170408.392000", "170408.441000", "170408.394000"],
      "InstanceNumber": [1, 2, 3, 4, 5, 6, 7, 8, 9, 10, 11, 12, 13, 14, 15, 16, 17, 18, 19, 20, 21, 22, 23, 24, 25, 26, 27, 28, 29, 30, 31, 32, 33, 34, 35, 36, 37, 38],
      "LargestImagePixelValue": [4094, 4055, 4080, 4090, 4087, 4094, 4090, 4095, 4093, 4087, 4092, 4091, 4088, 4089, 4091, 4085, 4082, 4087, 4085, 4084, 4047, 4050, 4089, 4086, 4086, 4075, 4083, 4093, 4084, 4085, 4095, 4086, 4093, 4087, 4088, 4094, 4089, 4095],
      "SliceLocation": [-35.011519535715, -32.011520813704, -29.011522093358, -26.011521464045, -23.011520836397, -20.011522114386, -17.011521486737, -14.011520857424, -11.011521181763, -8.0115210309397, -5.0115213552779, -2.011521204455, 0.98847882882602, 3.9884786236942, 6.9884787745171, 9.988478450179, 12.988479077827, 15.98847970714, 18.988478427487, 21.988479056799, 24.988479686112, 27.988478406459, 30.988479035772, 33.98847966342, 36.988480292733, 39.988477107442, 42.98847773509, 45.988478364403, 48.988478992051, 51.988479621364, 54.988480249013, 57.988477063721, 60.988477693034, 63.988482135287, 66.988478949995, 69.98847576304, 72.988480206957, 75.988477021665],
      "SmallestImagePixelValue": [6, 4, 2, 1, 0, 11, 16, 1, 1, 0, 2, 0, 23, 12, 22, 6, 23, 3, 0, 0, 6, 13, 2, 0, 18, 5, 76, 5, 2, 2, 1, 8, 0, 0, 0, 0, 0, 0],
      "WindowCenter": [-258.0, -280.0, -186.0, -188.0, -234.0, -208.0, -218.0, -246.0, -264.0, -326.0, -298.0, -270.0, -204.0, -194.0, -188.0, -112.0, -194.0, -194.0, -170.0, -158.0, -132.0, -146.0, -166.0, -184.0, -220.0, -264.0, -268.0, -262.0, -224.0, -280.0, -190.0, -170.0, -182.0, -168.0, -228.0, -272.0, -278.0, -252.0],
      "WindowWidth": [5774.0, 5756.0, 5614.0, 5552.0, 5442.0, 5694.0, 5564.0, 5604.0, 5568.0, 5590.0, 5452.0, 5252.0, 5120.0, 5222.0, 4874.0, 5216.0, 4504.0, 4518.0, 4480.0, 4486.0, 4448.0, 4476.0, 4474.0, 4488.0, 4508.0, 4546.0, 4560.0, 4580.0, 4588.0, 4640.0, 4970.0, 5342.0, 5418.0, 5538.0, 5444.0, 5410.0, 5790.0, 6156.0]
    }
  }
}