{
  "AcquisitionMatrixPE": 72,
  "AcquisitionNumber": 1,
  "AcquisitionTime": "20:27:18.612500",
  "BaseResolution": 72,
  "BodyPartExamined": "BRAIN",
  "CoilCombinationMethod": "Sum of Squares",
  "ConsistencyInfo": "N4_VE11C_LATEST_20160120",
  "ConversionSoftware": "dcm2niix",
  "ConversionSoftwareVersion": "v1.0.20220720",
  "DeviceSerialNumber": "45219",
  "DwellTime": 2.39e-05,
  "EchoNumber": 2,
  "EchoTime": 0.00738,
  "EchoTime1": 0.00492,
  "EchoTime2": 0.00738,
  "FlipAngle": 60,
  "HeudiconvVersion": "1.1.6",
  "ImageOrientationPatientDICOM": [1, 4.875e-12, 4.61e-13, -4.897e-12, 0.995562, 0.0941083],
  "ImageOrientationText": "Tra>Cor(5.4)",
  "ImageType": [
    "ORIGINAL",
    "PRIMARY",
    "P",
    "ND",
    "PHASE"
],
  "ImagingFrequency": 123.182,
  "InPlanePhaseEncodingDirectionDICOM": "ROW",
  "InstitutionAddress": "First Avenue 660,New York,NYC,US,10016",
  "InstitutionName": "NYU LANGONE CBI",
  "InstitutionalDepartmentName": "Department",
  "MRAcquisitionType": "2D",
  "MagneticFieldStrength": 3,
  "Manufacturer": "Siemens",
  "ManufacturersModelName": "Skyra",
  "MatrixCoilMode": "SENSE",
  "Modality": "MR",
  "MultibandAccelerationFactor": 2,
  "NonlinearGradientCorrection": false,
  "PartialFourier": 1,
  "PatientPosition": "HFS",
  "PercentPhaseFOV": 100,
  "PercentSampling": 100,
  "PhaseEncodingDirection": "i",
  "PhaseEncodingSteps": 72,
  "PhaseResolution": 1,
  "PixelBandwidth": 290,
  "ProcedureStepDescription": "MRI BRAIN WITHOUT IV CONTRAST",
  "ProtocolName": "gre_fm_bold",
  "PulseSequenceDetails": "%SiemensSeq%\\gre_field_mapping",
  "ReceiveCoilActiveElements": "HE1-4",
  "ReceiveCoilName": "HeadNeck_20",
  "ReconMatrixPE": 72,
  "RepetitionTime": 0.444,
  "SAR": 0.158275,
  "ScanningSequence": "GR",
  "SequenceName": "*fm2d2r",
  "SequenceVariant": "SP",
  "SeriesDescription": "gre_fm_bold",
  "SeriesNumber": 5,
  "ShimSetting": [-903, -7025, 5036, 239, -206, 418, 502, -213],
  "SliceThickness": 3,
  "SliceTiming": [0.21875, 0, 0.23438, 0.01562, 0.25, 0.03125, 0.25, 0.03125, 0.26562, 0.04688, 0.28125, 0.0625, 0.29688, 0.07812, 0.29688, 0.07812, 0.3125, 0.09375, 0.32812, 0.10938, 0.34375, 0.10938, 0.35938, 0.125, 0.35938, 0.14062, 0.375, 0.15625, 0.39062, 0.17188, 0.39062, 0.17188, 0.40625, 0.1875, 0.42188, 0.20312, 0.4375, 0.21875],
  "SoftwareVersions": "syngo MR E11",
  "SpacingBetweenSlices": 3,
  "StationName": "MRC45219",
  "TxRefAmp": 406.508,
  "dcmmeta_affine": [
    [-3.0, -1.4691000152500244e-11, 0.0, 108.0],
    [-1.462500086313323e-11, 2.9866859912872314, 0.28232502937316895, -112.11309814453125],
    [1.3830000512859986e-12, -0.2823249399662018, 2.9866867065429688, -30.659910202026367],
    [0.0, 0.0, 0.0, 1.0]
],
  "dcmmeta_reorient_transform": [
    [0.0, -1.0, 0.0, 71.0],
    [1.0, 0.0, 0.0, 0.0],
    [0.0, 0.0, -1.0, 37.0],
    [0.0, 0.0, 0.0, 1.0]
],
  "dcmmeta_shape": [72, 72, 38],
  "dcmmeta_slice_dim": 2,
  "dcmmeta_version": 0.6,
  "global": {
    "const": {
      "AcquisitionMatrix": [0, 72, 72, 0],
      "AcquisitionNumber": 1,
      "AngioFlag": "N",
      "BitsAllocated": 16,
      "BitsStored": 12,
      "BodyPartExamined": "BRAIN",
      "Columns": 72,
      "CountryOfResidence": "United States of America [1]",
      "EchoNumbers": 2,
      "EchoTime": 7.38,
      "EchoTrainLength": 0,
      "FlipAngle": 60.0,
      "HighBit": 11,
      "ImageOrientationPatient": [1.0, 4.875e-12, 4.61e-13, -4.897e-12, 0.99556196420496, 0.09410831753015],
      "ImageType": [
        "ORIGINAL",
        "PRIMARY",
        "P",
        "ND"
],
      "ImagedNucleus": "1H",
      "ImagingFrequency": 123.182159,
      "InPlanePhaseEncodingDirection": "ROW",
      "MRAcquisitionType": "2D",
      "MagneticFieldStrength": 3.0,
      "Manufacturer": "SIEMENS",
      "ManufacturerModelName": "Skyra",
      "Modality": "MR",
      "NumberOfAverages": 1.0,
      "NumberOfPhaseEncodingSteps": 72,
      "PercentPhaseFieldOfView": 100.0,
      "PercentSampling": 100.0,
      "PerformedProcedureStepStartTime": "201929.639000",
      "PhotometricInterpretation": "MONOCHROME2",
      "PixelBandwidth": 290.0,
      "PixelRepresentation": 0,
      "PixelSpacing": [3.0, 3.0],
      "PregnancyStatus": 4,
      "ProcedureCodeSequence": [
        {
          "CodeMeaning": "MRI BRAIN WITHOUT IV CONTRAST",
          "CodeValue": "IMG269",
          "CodingSchemeDesignator": "L"
        }
],
      "ProtocolName": "gre_fm_bold",
      "RepetitionTime": 444.0,
      "RequestAttributesSequence": [
        {
          "RequestedProcedureID": "293873043",
          "ScheduledProcedureStepDescription": "MRI BRAIN WITHOUT IV CONTRAST",
          "ScheduledProcedureStepID": "E9004129",
          "ScheduledProtocolCodeSequence": [
            {
              "CodeMeaning": "MRI BRAIN WITHOUT IV CONTRAST",
              "CodeValue": "651061",
              "CodingSchemeDesignator": "L"
            }
]
        }
],
      "RequestedProcedureCodeSequence": [
        {
          "CodeMeaning": "MRI BRAIN WITHOUT IV CONTRAST",
          "CodeValue": "IMG269",
          "CodingSchemeDesignator": "L"
        }
],
      "RescaleIntercept": -4096.0,
      "RescaleSlope": 2.0,
      "RescaleType": "US",
      "Rows": 72,
      "SAR": 0.15827451571538,
      "SamplesPerPixel": 1,
      "ScanningSequence": "GR",
      "SequenceName": "*fm2d2r",
      "SequenceVariant": "SP",
      "SeriesDescription": "gre_fm_bold",
      "SeriesNumber": 5,
      "SeriesTime": "202822.922000",
      "SliceThickness": 3.0,
      "SmokingStatus": "UNKNOWN",
      "SoftwareVersions": "syngo MR E11",
      "SpacingBetweenSlices": 3.0,
      "SpecificCharacterSet": "ISO_IR 100",
      "StudyID": "293873043",
      "StudyTime": "201929.485000",
      "TransmitCoilName": "Body",
      "VariableFlipAngleFlag": "N",
      "WindowCenterWidthExplanation": "Algo1",
      "dBdt": 0.0},
