{
  "AcquisitionMatrixPE": 72,
  "AcquisitionNumber": 1,
  "AcquisitionTime": "17:31:19.472500",
  "BodyPartExamined": "BRAIN",
  "ConversionSoftware": "dcm2niix",
  "ConversionSoftwareVersion": "v1.0.20220720",
  "DeviceSerialNumber": "67041",
  "EchoNumber": 2,
  "EchoTime": 0.00738,
  "EchoTime1": 0.00492,
  "EchoTime2": 0.00738,
  "FlipAngle": 60,
  "HeudiconvVersion": "1.1.6",
  "ImageOrientationPatientDICOM": [0.999071, -0.041106, 0.0129242, 0.0401268, 0.996838, 0.0685862],
  "ImageType": [
    "ORIGINAL",
    "PRIMARY",
    "P",
    "ND",
    "PHASE"
],
  "ImagingFrequency": 123.261,
  "InPlanePhaseEncodingDirectionDICOM": "ROW",
  "MRAcquisitionType": "2D",
  "MagneticFieldStrength": 3,
  "Manufacturer": "Siemens",
  "ManufacturersModelName": "Prisma_fit",
  "Modality": "MR",
  "NonlinearGradientCorrection": false,
  "PatientPosition": "HFS",
  "PercentPhaseFOV": 100,
  "PercentSampling": 100,
  "PhaseEncodingAxis": "i",
  "PhaseEncodingSteps": 72,
  "PixelBandwidth": 290,
  "ProcedureStepDescription": "MRI BRAIN WITHOUT IV CONTRAST",
  "ProtocolName": "gre_fm_bold",
  "ReconMatrixPE": 72,
  "RepetitionTime": 0.444,
  "SAR": 0.107327,
  "ScanningSequence": "GR",
  "SequenceName": "*fm2d2r",
  "SequenceVariant": "SP",
  "SeriesDescription": "gre_fm_bold",
  "SeriesNumber": 4,
  "SliceThickness": 3,
  "SliceTiming": [0.21875, 0, 0.23438, 0.01562, 0.25, 0.03125, 0.25, 0.03125, 0.26562, 0.04688, 0.28125, 0.0625, 0.29688, 0.0625, 0.3125, 0.07812, 0.3125, 0.09375, 0.32812, 0.10938, 0.34375, 0.125, 0.35938, 0.125, 0.35938, 0.14062, 0.375, 0.15625, 0.39062, 0.17188, 0.39062, 0.17188, 0.40625, 0.1875, 0.42188, 0.20312, 0.4375, 0.20312],
  "SoftwareVersions": "syngo MR E11",
  "SpacingBetweenSlices": 3,
  "dcmmeta_affine": [
    [-2.99721360206604, 0.12038054317235947, 0.047107696533203125, 110.3310317993164],
    [0.12331794202327728, 2.990513563156128, 0.2040119171142578, -111.25532531738281],
    [0.0387725792825222, -0.20575863122940063, 2.9926834106445312, -48.28304672241211],
    [0.0, 0.0, 0.0, 1.0]
],
  "dcmmeta_reorient_transform": [
    [0.0, -1.0, 0.0, 71.0],
    [1.0, 0.0, 0.0, 0.0],
    [0.0, 0.0, -1.0, 37.0],
    [0.0, 0.0, 0.0, 1.0]
],
  "dcmmeta_shape": [72, 72, 38],
  "dcmmeta_slice_dim": 2,
  "dcmmeta_version": 0.6,
  "global": {
    "const": {
      "AccessionNumber": "ce15b707",
      "AcquisitionMatrix": [0, 72, 72, 0],
      "AcquisitionNumber": 1,
      "AngioFlag": "N",
      "BitsAllocated": 16,
      "BitsStored": 12,
      "BodyPartExamined": "BRAIN",
      "Columns": 72,
      "CountryOfResidence": "United States of America [1]",
      "EchoNumbers": 2,
      "EchoTime": 7.38,
      "EchoTrainLength": 0,
      "FlipAngle": 60.0,
      "HighBit": 11,
      "ImageOrientationPatient": [0.99907120047366, -0.0411059803047, 0.01292419310073, 0.0401268467779, 0.99683788430632, 0.06858621274981],
      "ImageType": [
        "ORIGINAL",
        "PRIMARY",
        "P",
        "ND"
],
      "ImagedNucleus": "1H",
      "ImagingFrequency": 123.260903,
      "InPlanePhaseEncodingDirection": "ROW",
      "MRAcquisitionType": "2D",
      "MagneticFieldStrength": 3.0,
      "Manufacturer": "SIEMENS",
      "ManufacturerModelName": "Prisma_fit",
      "Modality": "MR",
      "NumberOfAverages": 1.0,
      "NumberOfPhaseEncodingSteps": 72,
      "PercentPhaseFieldOfView": 100.0,
      "PercentSampling": 100.0,
      "PerformedProcedureStepStartTime": "172327.629000",
      "PhotometricInterpretation": "MONOCHROME2",
      "PixelBandwidth": 290.0,
      "PixelRepresentation": 0,
      "PixelSpacing": [3.0, 3.0],
      "PregnancyStatus": 4,
      "ProcedureCodeSequence": [
        {
          "CodeMeaning": "MRI BRAIN WITHOUT IV CONTRAST",
          "CodeValue": "IMG269",
          "CodingSchemeDesignator": "L"
        }
],
      "ProtocolName": "gre_fm_bold",
      "RepetitionTime": 444.0,
      "RequestAttributesSequence": [
        {
          "ScheduledProcedureStepDescription": "MRI BRAIN WITHOUT IV CONTRAST",
          "ScheduledProcedureStepID": "E19051241",
          "ScheduledProtocolCodeSequence": [
            {
              "CodeMeaning": "MRI BRAIN WITHOUT IV CONTRAST",
              "CodeValue": "651061",
              "CodingSchemeDesignator": "L"
            }
]
        }
],
      "RequestedProcedureCodeSequence": [
        {
          "CodeMeaning": "MRI BRAIN WITHOUT IV CONTRAST",
          "CodeValue": "IMG269",
          "CodingSchemeDesignator": "L"
        }
],
      "RescaleIntercept": -4096.0,
      "RescaleSlope": 2.0,
      "RescaleType": "US",
      "RetrieveAETitle": "ODD",
      "Rows": 72,
      "SAR": 0.10732698366433,
      "SamplesPerPixel": 1,
      "ScanningSequence": "GR",
      "SequenceName": "*fm2d2r",
      "SequenceVariant": "SP",
      "SeriesDescription": "gre_fm_bold",
      "SeriesNumber": 4,
      "SeriesTime": "173223.712000",
      "SliceThickness": 3.0,
      "SmokingStatus": "UNKNOWN",
      "SoftwareVersions": "syngo MR E11",
      "SpacingBetweenSlices": 3.0,
      "SpecificCharacterSet": "ISO_IR 100",
      "StudyID": "b7821e58",
      "StudyTime": "172327.479000",
      "TransmitCoilName": "Body",
      "VariableFlipAngleFlag": "N",
      "WindowCenterWidthExplanation": "Algo1",
      "dBdt": 0.0},
    "slices": {
      "AcquisitionTime": ["173119.472500", "173119.250000", "173119.485000", "173119.262500", "173119.495000", "173119.275000", "173119.507500", "173119.285000", "173119.520000", "173119.297500", "173119.532500", "173119.310000", "173119.542500", "173119.320000", "173119.555000", "173119.332500", "173119.567500", "173119.345000", "173119.577500", "173119.355000", "173119.590000", "173119.367500", "173119.602500", "173119.380000", "173119.612500", "173119.390000", "173119.625000", "173119.402500", "173119.637500", "173119.415000", "173119.647500", "173119.425000", "173119.660000", "173119.437500", "173119.672500", "173119.450000", "173119.682500", "173119.460000"],
      "ContentTime": ["173223.762000", "173223.714000", "173223.764000", "173223.716000", "173223.770000", "173223.718000", "173223.773000", "173223.728000", "173223.775000", "173223.730000", "173223.777000", "173223.733000", "173223.779000", "173223.735000", "173223.782000", "173223.737000", "173223.786000", "173223.739000", "173223.788000", "173223.741000", "173223.790000", "173223.743000", "173223.793000", "173223.745000", "173223.796000", "173223.747000", "173223.799000", "173223.749000", "173223.802000", "173223.751000", "173223.806000", "173223.754000", "173223.809000", "173223.756000", "173223.811000", "173223.758000", "173223.813000", "173223.760000"],
      "ImagePositionPatient": [
        [-118.87804719185, -101.0711512497, -62.891949057689],
        [-118.92515536522, -101.2751629284, -59.899265647044],
        [-118.97226306176, -101.47917460709, -56.906578421703],
        [-119.01937123513, -101.68318628579, -53.913895011058],
        [-119.06647893166, -101.88719796448, -50.921211600413],
        [-119.11358662819, -102.09120964318, -47.928528189769],
        [-119.16069480156, -102.29522138148, -44.935840964427],
        [-119.2078024981, -102.49923306018, -41.943157553783],
        [-119.25491067147, -102.70324479848, -38.950474143138],
        [-119.302018368, -102.90725647717, -35.957788825145],
        [-119.34912606453, -103.11126817077, -32.965103507152],
        [-119.3962342379, -103.31527987182, -29.972420096507],
        [-119.44334193444, -103.51929157286, -26.979734778514],
        [-119.49044963097, -103.72330325156, -23.987051367869],
        [-119.53755780434, -103.92731493025, -20.994367003551],
        [-119.58466550087, -104.13132666855, -18.001682639232],
        [-119.63177367424, -104.33533834725, -15.008997798076],
        [-119.67888137078, -104.53935002595, -12.016313433757],
        [-119.72598906731, -104.74336170464, -9.0236289502288],
        [-119.77309724068, -104.94737338334, -6.0309444667007],
        [-119.82020493721, -105.15138518124, -3.0382603408004],
        [-119.86731311058, -105.35539674073, -0.0455754996444],
        [-119.91442080712, -105.55940841942, 2.9471088646745],
        [-119.96152850365, -105.76342033654, 5.9397932289933],
        [-120.00863667702, -105.96743201523, 8.9324775933121],
        [-120.05574437355, -106.17144369393, 11.925162911305],
        [-120.10285254692, -106.37545537263, 14.91784632195],
        [-120.14996024346, -106.57946705132, 17.910531639943],
        [-120.19706793999, -106.78347873002, 20.903215050588],
        [-120.24417611336, -106.98749040871, 23.895900368581],
        [-120.29128380989, -107.19150208741, 26.888583779225],
        [-120.33839150643, -107.39551400452, 29.88126718987],
        [-120.38550015664, -107.5995254448, 32.873954415212],
        [-120.43260785317, -107.80353736191, 35.866637825856],
        [-120.4797155497, -108.00754880219, 38.859321236501],
        [-120.52682324624, -108.21156071931, 41.852004647145],
        [-120.57393094277, -108.41557215958, 44.844691872487],
        [-120.6210386393, -108.6195840767, 47.837375283131]
],
      "InstanceCreationTime": ["173223.762000", "173223.714000", "173223.764000", "173223.716000", "173223.770000", "173223.718000", "173223.773000", "173223.728000", "173223.775000", "173223.730000", "173223.777000", "173223.733000", "173223.779000", "173223.735000", "173223.782000", "173223.737000", "173223.786000", "173223.739000", "173223.788000", "173223.741000", "173223.790000", "173223.743000", "173223.793000", "173223.745000", "173223.796000", "173223.747000", "173223.799000", "173223.749000", "173223.802000", "173223.751000", "173223.806000", "173223.754000", "173223.809000", "173223.756000", "173223.811000", "173223.758000", "173223.813000", "173223.760000"],
      "InstanceNumber": [1, 2, 3, 4, 5, 6, 7, 8, 9, 10, 11, 12, 13, 14, 15, 16, 17, 18, 19, 20, 21, 22, 23, 24, 25, 26, 27, 28, 29, 30, 31, 32, 33, 34, 35, 36, 37, 38],
      "LargestImagePixelValue": [4091, 4091, 4085, 4086, 4090, 4094, 4085, 4095, 4064, 4072, 4068, 4077, 4083, 4006, 4086, 4087, 4046, 4051, 4088, 4057, 4085, 4090, 4075, 4087, 4078, 4076, 4091, 4085, 4089, 4090, 4093, 4082, 4094, 4091, 4091, 4095, 4095, 4094],
      "SliceLocation": [-53.998654881259, -50.998655891027, -47.998653102888, -44.998654112657, -41.998655129913, -38.998656147169, -35.99865334749, -32.998654364746, -29.998655370461, -26.99865448502, -23.998653598565, -20.998654606814, -17.998653719852, -14.998654737109, -11.998654795529, -8.9986548573826, -5.9986544401281, -2.9986545060355, 0.00134554697566, 3.0013456074744, 6.0013453118365, 9.0013457209843, 12.001345655077, 15.001345605383, 18.001345546963, 21.001346432404, 24.001345422636, 27.001346308077, 30.001345290821, 33.00134618375, 36.001345166494, 39.001344165451, 42.001346952351, 45.001345951309, 48.001344917839, 51.001343916796, 54.001346688722, 57.001345687679],
      "SmallestImagePixelValue": [4, 4, 7, 3, 0, 6, 16, 6, 22, 0, 1, 6, 57, 4, 66, 3, 49, 7, 8, 35, 27, 11, 14, 2, 43, 0, 0, 6, 0, 3, 0, 3, 10, 2, 3, 0, 0, 0],
      "WindowCenter": [-282.0, -312.0, -408.0, -384.0, -348.0, -304.0, -286.0, -280.0, -256.0, -242.0, -100.0, -78.0, -174.0, -38.0, -60.0, -40.0, -192.0, -178.0, -48.0, -172.0, -156.0, -184.0, -192.0, -100.0, -198.0, -208.0, -238.0, -144.0, -274.0, -156.0, -188.0, -184.0, -202.0, -228.0, -220.0, -202.0, -220.0, -156.0],
      "WindowWidth": [5526.0, 5336.0, 4738.0, 4722.0, 4696.0, 4662.0, 4626.0, 4612.0, 4590.0, 4582.0, 4884.0, 4992.0, 4494.0, 5110.0, 5074.0, 5190.0, 4486.0, 4478.0, 4922.0, 4472.0, 4456.0, 4482.0, 4474.0, 4916.0, 4518.0, 4536.0, 4572.0, 5060.0, 4622.0, 5326.0, 5588.0, 5578.0, 5714.0, 5820.0, 6014.0, 6206.0, 6398.0, 6514.0]
    }
  }
}