{
  "AcquisitionMatrixPE": 72,
  "AcquisitionNumber": 1,
  "AcquisitionTime": "17:07:34.317500",
  "BodyPartExamined": "BRAIN",
  "ConversionSoftware": "dcm2niix",
  "ConversionSoftwareVersion": "v1.0.20220720",
  "DeviceSerialNumber": "45219",
  "EchoNumber": 2,
  "EchoTime": 0.00738,
  "EchoTime1": 0.00492,
  "EchoTime2": 0.00738,
  "FlipAngle": 60,
  "HeudiconvVersion": "1.1.6",
  "ImageOrientationPatientDICOM": [1, 4.876e-12, -4.52e-13, -4.897e-12, 0.995725, -0.0923706],
  "ImageType": [
    "ORIGINAL",
    "PRIMARY",
    "P",
    "ND",
    "PHASE"
],
  "ImagingFrequency": 123.187,
  "InPlanePhaseEncodingDirectionDICOM": "ROW",
  "MRAcquisitionType": "2D",
  "MagneticFieldStrength": 3,
  "Manufacturer": "Siemens",
  "ManufacturersModelName": "Skyra",
  "Modality": "MR",
  "MultibandAccelerationFactor": 2,
  "NonlinearGradientCorrection": false,
  "PatientPosition": "HFS",
  "PercentPhaseFOV": 100,
  "PercentSampling": 100,
  "PhaseEncodingAxis": "i",
  "PhaseEncodingSteps": 72,
  "PixelBandwidth": 290,
  "ProcedureStepDescription": "MRI BRAIN WITHOUT IV CONTRAST",
  "ProtocolName": "gre_fm_bold",
  "ReconMatrixPE": 72,
  "RepetitionTime": 0.444,
  "SAR": 0.19022,
  "ScanningSequence": "GR",
  "SequenceName": "*fm2d2r",
  "SequenceVariant": "SP",
  "SeriesDescription": "gre_fm_bold",
  "SeriesNumber": 5,
  "SliceThickness": 3,
  "SliceTiming": [0.21875, 0, 0.23438, 0.01562, 0.25, 0.03125, 0.26562, 0.03125, 0.26562, 0.04688, 0.28125, 0.0625, 0.29688, 0.07812, 0.29688, 0.07812, 0.3125, 0.09375, 0.32812, 0.10938, 0.34375, 0.125, 0.34375, 0.125, 0.35938, 0.14062, 0.375, 0.15625, 0.39062, 0.15625, 0.40625, 0.17188, 0.40625, 0.1875, 0.42188, 0.20312, 0.4375, 0.21875],
  "SoftwareVersions": "syngo MR E11",
  "SpacingBetweenSlices": 3,
  "dcmmeta_affine": [
    [-3.0, -1.4691000152500244e-11, 0.0, 103.6871566772461],
    [-1.4628000200023195e-11, 2.9871740341186523, -0.2771120071411133, -105.92242431640625],
    [-1.3559999477441576e-12, 0.2771117687225342, 2.9871749877929688, -45.99029541015625],
    [0.0, 0.0, 0.0, 1.0]
],
  "dcmmeta_reorient_transform": [
    [0.0, -1.0, 0.0, 71.0],
    [1.0, 0.0, 0.0, 0.0],
    [0.0, 0.0, -1.0, 37.0],
    [0.0, 0.0, 0.0, 1.0]
],
  "dcmmeta_shape": [72, 72, 38],
  "dcmmeta_slice_dim": 2,
  "dcmmeta_version": 0.6,
  "global": {
    "const": {
      "AccessionNumber": "1efdde4f",
      "AcquisitionMatrix": [0, 72, 72, 0],
      "AcquisitionNumber": 1,
      "AngioFlag": "N",
      "BitsAllocated": 16,
      "BitsStored": 12,
      "BodyPartExamined": "BRAIN",
      "Columns": 72,
      "CountryOfResidence": "United States of America [1]",
      "EchoNumbers": 2,
      "EchoTime": 7.38,
      "EchoTrainLength": 0,
      "FlipAngle": 60.0,
      "HighBit": 11,
      "ImageOrientationPatient": [1.0, 4.876e-12, -4.52e-13, -4.897e-12, 0.99572469773938, -0.0923705922457],
      "ImageType": [
        "ORIGINAL",
        "PRIMARY",
        "P",
        "ND"
],
      "ImagedNucleus": "1H",
      "ImagingFrequency": 123.187035,
      "InPlanePhaseEncodingDirection": "ROW",
      "MRAcquisitionType": "2D",
      "MagneticFieldStrength": 3.0,
      "Manufacturer": "SIEMENS",
      "ManufacturerModelName": "Skyra",
      "Modality": "MR",
      "NumberOfAverages": 1.0,
      "NumberOfPhaseEncodingSteps": 72,
      "PercentPhaseFieldOfView": 100.0,
      "PercentSampling": 100.0,
      "PerformedProcedureStepStartTime": "165452.447000",
      "PhotometricInterpretation": "MONOCHROME2",
      "PixelBandwidth": 290.0,
      "PixelRepresentation": 0,
      "PixelSpacing": [3.0, 3.0],
      "PregnancyStatus": 4,
      "ProcedureCodeSequence": [
        {
          "CodeMeaning": "MRI BRAIN WITHOUT IV CONTRAST",
          "CodeValue": "IMG269",
          "CodingSchemeDesignator": "L"
        }
],
      "ProtocolName": "gre_fm_bold",
      "RepetitionTime": 444.0,
      "RequestAttributesSequence": [
        {
          "ScheduledProcedureStepDescription": "MRI BRAIN WITHOUT IV CONTRAST",
          "ScheduledProcedureStepID": "E12060033",
          "ScheduledProtocolCodeSequence": [
            {
              "CodeMeaning": "MRI BRAIN WITHOUT IV CONTRAST",
              "CodeValue": "651061",
              "CodingSchemeDesignator": "L"
            }
]
        }
],
      "RequestedProcedureCodeSequence": [
        {
          "CodeMeaning": "MRI BRAIN WITHOUT IV CONTRAST",
          "CodeValue": "IMG269",
          "CodingSchemeDesignator": "L"
        }
],
      "RescaleIntercept": -4096.0,
      "RescaleSlope": 2.0,
      "RescaleType": "US",
      "Rows": 72,
      "SAR": 0.19022033703157,
      "SamplesPerPixel": 1,
      "ScanningSequence": "GR",
      "SequenceName": "*fm2d2r",
      "SequenceVariant": "SP",
      "SeriesDescription": "gre_fm_bold",
      "SeriesNumber": 5,
      "SeriesTime": "170847.770000",
      "SliceThickness": 3.0,
      "SmokingStatus": "UNKNOWN",
      "SoftwareVersions": "syngo MR E11",
      "SpacingBetweenSlices": 3.0,
      "SpecificCharacterSet": "ISO_IR 100",
      "StudyID": "d33b1600",
      "StudyTime": "165452.306000",
      "TransmitCoilName": "Body",
      "VariableFlipAngleFlag": "N",
      "WindowCenterWidthExplanation": "Algo1",
      "dBdt": 0.0},
    "slices": {
      "AcquisitionTime": ["170734.317500", "170734.095000", "170734.327500", "170734.107500", "170734.340000", "170734.117500", "170734.352500", "170734.130000", "170734.362500", "170734.142500", "170734.375000", "170734.152500", "170734.387500", "170734.165000", "170734.397500", "170734.177500", "170734.410000", "170734.187500", "170734.422500", "170734.200000", "170734.432500", "170734.212500", "170734.445000", "170734.222500", "170734.457500", "170734.235000", "170734.467500", "170734.247500", "170734.480000", "170734.257500", "170734.492500", "170734.270000", "170734.502500", "170734.282500", "170734.515000", "170734.292500", "170734.527500", "170734.305000"],
      "ContentTime": ["170847.813000", "170847.772000", "170847.815000", "170847.775000", "170847.825000", "170847.777000", "170847.828000", "170847.779000", "170847.832000", "170847.781000", "170847.834000", "170847.783000", "170847.836000", "170847.785000", "170847.838000", "170847.787000", "170847.841000", "170847.789000", "170847.844000", "170847.791000", "170847.846000", "170847.793000", "170847.848000", "170847.795000", "170847.850000", "170847.798000", "170847.852000", "170847.800000", "170847.854000", "170847.802000", "170847.857000", "170847.804000", "170847.859000", "170847.806000", "170847.861000", "170847.808000", "170847.863000", "170847.811000"],
      "ImagePositionPatient": [
        [-103.68715524621, -106.16693018101, -26.315327355776],
        [-103.68715524621, -105.88981841229, -23.328152367983],
        [-103.68715524621, -105.61270664357, -20.340979287538],
        [-103.68715524621, -105.33559487484, -17.353806207094],
        [-103.68715524621, -105.05848310612, -14.366631219301],
        [-103.68715524621, -104.7813713374, -11.379458138857],
        [-103.68715524621, -104.50425956868, -8.3922831510638],
        [-103.68715524621, -104.22714779995, -5.4051100706195],
        [-103.68715524621, -103.95003603123, -2.4179350828265],
        [-103.68715524621, -103.67292426251, 0.56923895129216],
        [-103.68715524621, -103.3958127322, 3.5564125085737],
        [-103.68715524621, -103.11870072506, 6.5435867811109],
        [-103.68715524621, -102.84158919476, 9.5307608152295],
        [-103.68715524621, -102.56447718762, 12.517934849348],
        [-103.68715524621, -102.28736565731, 15.505109121885],
        [-103.68715524621, -102.01025365017, 18.492283156004],
        [-103.68715524621, -101.73314211987, 21.479457190123],
        [-103.68715524621, -101.45603011273, 24.466631224241],
        [-103.68715524621, -101.17891858242, 27.45380525836],
        [-103.68715524621, -100.90180657528, 30.440980246153],
        [-103.68715524621, -100.62469504498, 33.428153326597],
        [-103.68715524621, -100.34758303784, 36.41532831439],
        [-103.68715524621, -100.07047150753, 39.402501394835],
        [-103.68715524621, -99.793359500392, 42.389674475279],
        [-103.68715524621, -99.516247970088, 45.376849463072],
        [-103.68715524621, -99.239135962947, 48.364024450865],
        [-103.68715524621, -98.962023955806, 51.351199438658],
        [-103.68715524621, -98.684912902339, 54.338370611754],
        [-103.68715524621, -98.407800895198, 57.325545599547],
        [-103.68715524621, -98.130688888057, 60.31272058734],
        [-103.68715524621, -97.853576880916, 63.299895575132],
        [-103.68715524621, -97.576465827449, 66.287066748228],
        [-103.68715524621, -97.299353820308, 69.274241736021],
        [-103.68715524621, -97.022241813167, 72.261416723814],
        [-103.68715524621, -96.745129806026, 75.248591711607],
        [-103.68715524621, -96.468018752559, 78.2357666994],
        [-103.68715524621, -96.190906745418, 81.222941687193],
        [-103.68715524621, -95.913794738277, 84.210116674986]
],
      "InstanceCreationTime": ["170847.813000", "170847.772000", "170847.815000", "170847.775000", "170847.825000", "170847.777000", "170847.828000", "170847.779000", "170847.832000", "170847.781000", "170847.834000", "170847.783000", "170847.836000", "170847.785000", "170847.838000", "170847.787000", "170847.841000", "170847.789000", "170847.844000", "170847.791000", "170847.846000", "170847.793000", "170847.848000", "170847.795000", "170847.850000", "170847.798000", "170847.852000", "170847.800000", "170847.854000", "170847.802000", "170847.857000", "170847.804000", "170847.859000", "170847.806000", "170847.861000", "170847.808000", "170847.863000", "170847.811000"],
      "InstanceNumber": [1, 2, 3, 4, 5, 6, 7, 8, 9, 10, 11, 12, 13, 14, 15, 16, 17, 18, 19, 20, 21, 22, 23, 24, 25, 26, 27, 28, 29, 30, 31, 32, 33, 34, 35, 36, 37, 38],
      "LargestImagePixelValue": [4092, 4092, 4088, 4092, 4093, 4089, 4088, 4089, 4093, 4095, 4094, 4094, 4093, 4094, 4073, 4091, 4066, 4087, 4085, 4080, 4093, 4082, 4091, 4068, 4090, 4086, 4090, 4092, 4095, 4094, 4093, 4094, 4093, 4091, 4093, 4095, 4095, 4095],
      "SliceLocation": [-36.00952359497, -33.00952270496, -30.009523714144, -27.009524723328, -24.009523833318, -21.009524842502, -18.009523952492, -15.009524961677, -12.009524071667, -9.0095241312538, -6.0095246876623, -3.0095244878273, -0.0095245694373, 2.9904753929984, 5.9904755487877, 8.9904755112234, 11.990475429613, 14.990475392049, 17.990475310439, 20.990476222472, 23.990475191265, 26.990476103298, 29.990475072091, 32.990474084929, 35.990474952916, 38.990475864949, 41.990476776982, 44.990473802535, 47.990474714568, 50.990475626601, 53.990476538634, 56.990473564187, 59.990474476219, 62.990475388252, 65.990476300285, 68.990477124226, 71.990478036259, 74.990478948292],
      "SmallestImagePixelValue": [5, 0, 11, 0, 3, 1, 4, 7, 1, 8, 1, 2, 10, 6, 5, 4, 22, 53, 22, 2, 8, 2, 6, 1, 25, 9, 51, 0, 8, 15, 2, 0, 4, 1, 2, 1, 0, 1],
      "WindowCenter": [-238.0, -206.0, -216.0, -158.0, -194.0, -156.0, -246.0, -218.0, -390.0, -356.0, -332.0, -276.0, -216.0, -214.0, -270.0, -108.0, -150.0, -188.0, -170.0, -146.0, -132.0, -158.0, -166.0, -204.0, -240.0, -262.0, -264.0, -238.0, -234.0, -268.0, -302.0, -180.0, -196.0, -174.0, -216.0, -244.0, -202.0, -214.0],
      "WindowWidth": [5884.0, 5950.0, 5826.0, 5770.0, 5608.0, 5618.0, 5246.0, 5592.0, 5358.0, 5550.0, 5494.0, 5412.0, 5338.0, 5136.0, 4530.0, 4978.0, 4482.0, 4520.0, 4500.0, 4496.0, 4466.0, 4494.0, 4492.0, 4532.0, 4528.0, 4568.0, 4556.0, 4606.0, 4592.0, 4646.0, 4662.0, 5382.0, 5544.0, 5768.0, 5586.0, 5764.0, 6040.0, 6130.0]
    }
  }
}