{
  "AcquisitionMatrixPE": 72,
  "AcquisitionNumber": 1,
  "AcquisitionTime": "17:13:34.932500",
  "BandwidthPerPixelPhaseEncode": 24.366,
  "BaseResolution": 72,
  "BodyPartExamined": "BRAIN",
  "CoilCombinationMethod": "Sum of Squares",
  "ConsistencyInfo": "N4_VE11C_LATEST_20160120",
  "ConversionSoftware": "dcm2niix",
  "ConversionSoftwareVersion": "v1.0.20220720",
  "DerivedVendorReportedEchoSpacing": 0.000570011,
  "DeviceSerialNumber": "45219",
  "DwellTime": 3.5e-06,
  "EchoTime": 0.03,
  "EchoTrainLength": 72,
  "EffectiveEchoSpacing": 0.000570011,
  "FlipAngle": 80,
  "HeudiconvVersion": "1.1.6",
  "ImageComments": "Reference volume for motion correction.",
  "ImageOrientationPatientDICOM": [1, 0, 0, 0, 0.986572, 0.163326],
  "ImageOrientationText": "Tra>Cor(9.4)",
  "ImageType": [
    "ORIGINAL",
    "PRIMARY",
    "M",
    "ND",
    "NORM",
    "MOCO",
    "MOSAIC"
],
  "ImagingFrequency": 123.182,
  "InPlanePhaseEncodingDirectionDICOM": "COL",
  "InstitutionAddress": "First Avenue 660,New York,NYC,US,10016",
  "InstitutionName": "NYU LANGONE CBI",
  "InstitutionalDepartmentName": "Department",
  "MRAcquisitionType": "2D",
  "MagneticFieldStrength": 3,
  "Manufacturer": "Siemens",
  "ManufacturersModelName": "Skyra",
  "MatrixCoilMode": "SENSE",
  "Modality": "MR",
  "NonlinearGradientCorrection": false,
  "PartialFourier": 1,
  "PatientPosition": "HFS",
  "PercentPhaseFOV": 100,
  "PercentSampling": 100,
  "PhaseEncodingDirection": "j-",
  "PhaseEncodingSteps": 72,
  "PhaseResolution": 1,
  "PixelBandwidth": 1985,
  "ProcedureStepDescription": "MRI BRAIN WITHOUT IV CONTRAST",
  "ProtocolName": "REST_2_MoCo",
  "PulseSequenceDetails": "%SiemensSeq%\\ep2d_bold",
  "ReceiveCoilActiveElements": "HE1-4",
  "ReceiveCoilName": "HeadNeck_20",
  "ReconMatrixPE": 72,
  "RepetitionTime": 2.5,
  "SAR": 0.143719,
  "ScanOptions": "FS",
  "ScanningSequence": "EP",
  "SequenceName": "*epfid2d1_72",
  "SequenceVariant": "SK",
  "SeriesDescription": "MoCoSeries",
  "SeriesNumber": 15,
  "ShimSetting": [-903, -7047, 5131, 480, -240, 169, 431, -188],
  "SliceThickness": 3,
  "SliceTiming": [1.24, 0, 1.305, 0.065, 1.37, 0.13, 1.435, 0.195, 1.5, 0.26, 1.5675, 0.3275, 1.6325, 0.3925, 1.6975, 0.4575, 1.7625, 0.5225, 1.8275, 0.5875, 1.8925, 0.6525, 1.9575, 0.7175, 2.0225, 0.7825, 2.0875, 0.8475, 2.1525, 0.915, 2.22, 0.98, 2.285, 1.045, 2.35, 1.11, 2.415, 1.175],
  "SoftwareVersions": "syngo MR E11",
  "SpacingBetweenSlices": 3,
  "StationName": "MRC45219",
  "TaskName": "rest",
  "TotalReadoutTime": 0.0404708,
  "TxRefAmp": 421.773,
  "dcmmeta_affine": [
    [-3.0, 0.0, 0.0, 108.0],
    [0.0, 2.959716558456421, 0.4899778664112091, -114.2078628540039],
    [0.0, -0.4899778664112091, 2.959716320037842, -10.376914024353027],
    [0.0, 0.0, 0.0, 1.0]
],
  "dcmmeta_reorient_transform": [
    [0.0, -1.0, 0.0, 71.0],
    [1.0, 0.0, 0.0, 0.0],
    [0.0, 0.0, 1.0, 0.0],
    [0.0, 0.0, 0.0, 1.0]
],
  "dcmmeta_shape": [72, 72, 38, 122],
  "dcmmeta_slice_dim": 2,
  "dcmmeta_version": 0.6,
  "global": {
    "const": {
      "AcquisitionMatrix": [72, 0, 0, 72],
      "AngioFlag": "N",
      "BitsAllocated": 16,
      "BitsStored": 12,
      "BodyPartExamined": "BRAIN",
      "Columns": 504,
      "CountryOfResidence": "United States of America [1]",
      "EchoNumbers": 1,
      "EchoTime": 30.0,
      "EchoTrainLength": 72,
      "FlipAngle": 80.0,
      "HighBit": 11,
      "ImageOrientationPatient": [1.0, 0.0, 0.0, 0.0, 0.98657216211243, 0.16332595918836],
      "ImagePositionPatient": [-756.0, -735.2307652885, -151.00056535941],
      "ImageType": [
        "ORIGINAL",
        "PRIMARY",
        "M",
        "ND",
        "NORM",
        "MOCO",
        "MOSAIC"
],
      "ImagedNucleus": "1H",
      "ImagingFrequency": 123.18195,
      "InPlanePhaseEncodingDirection": "COL",
      "MRAcquisitionType": "2D",
      "MagneticFieldStrength": 3.0,
      "Manufacturer": "SIEMENS",
      "ManufacturerModelName": "Skyra",
      "Modality": "MR",
      "NumberOfAverages": 1.0,
      "NumberOfPhaseEncodingSteps": 72,
      "PercentPhaseFieldOfView": 100.0,
      "PercentSampling": 100.0,
      "PerformedProcedureStepStartTime": "164247.712000",
      "PhotometricInterpretation": "MONOCHROME2",
      "PixelBandwidth": 1985.0,
      "PixelRepresentation": 0,
      "PixelSpacing": [3.0, 3.0],
      "PregnancyStatus": 4,
      "ProcedureCodeSequence": [
        {
          "CodeMeaning": "MRI BRAIN WITHOUT IV CONTRAST",
          "CodeValue": "IMG269",
          "CodingSchemeDesignator": "L"
        }
],
      "ProtocolName": "REST_2",
      "RepetitionTime": 2500.0,
      "RequestAttributesSequence": [
        {
          "RequestedProcedureID": "305297745",
          "ScheduledProcedureStepDescription": "MRI BRAIN WITHOUT IV CONTRAST",
          "ScheduledProcedureStepID": "E9130836",
          "ScheduledProtocolCodeSequence": [
            {
              "CodeMeaning": "MRI BRAIN WITHOUT IV CONTRAST",
              "CodeValue": "651061",
              "CodingSchemeDesignator": "L"
            }
]
        }
],
      "RequestedProcedureCodeSequence": [
        {
          "CodeMeaning": "MRI BRAIN WITHOUT IV CONTRAST",
          "CodeValue": "IMG269",
          "CodingSchemeDesignator": "L"
        }
],
      "Rows": 504,
      "SAR": 0.1437192982116,
      "SamplesPerPixel": 1,
      "ScanOptions": "FS",
      "ScanningSequence": "EP",
      "SequenceName": "*epfid2d1_72",
      "SequenceVariant": "SK",
      "SeriesDescription": "MoCoSeries",
      "SeriesNumber": 15,
      "SeriesTime": "171346.626000",
      "SliceLocation": -28.890684281299,
      "SliceThickness": 3.0,
      "SmallestImagePixelValue": 0,
      "SmokingStatus": "UNKNOWN",
      "SoftwareVersions": "syngo MR E11",
      "SpacingBetweenSlices": 2.9999999520938,
      "SpecificCharacterSet": "ISO_IR 100",
      "StudyTime": "164247.560000",
      "TransmitCoilName": "Body",
      "VariableFlipAngleFlag": "N",
      "WindowCenterWidthExplanation": "Algo1",
      "dBdt": 0.0},
