{
  "AcquisitionMatrixPE": 72,
  "AcquisitionNumber": 1,
  "AcquisitionTime": "18:54:18.482500",
  "BodyPartExamined": "BRAIN",
  "ConversionSoftware": "dcm2niix",
  "ConversionSoftwareVersion": "v1.0.20220720",
  "DeviceSerialNumber": "67041",
  "EchoNumber": 2,
  "EchoTime": 0.00738,
  "EchoTime1": 0.00492,
  "EchoTime2": 0.00738,
  "FlipAngle": 60,
  "HeudiconvVersion": "1.1.6",
  "ImageOrientationPatientDICOM": [0.999896, -0.00356372, -0.0139395, 0.00349031, 0.99998, -0.00528703],
  "ImageType": [
    "ORIGINAL",
    "PRIMARY",
    "P",
    "ND",
    "PHASE"
],
  "ImagingFrequency": 123.262,
  "InPlanePhaseEncodingDirectionDICOM": "ROW",
  "MRAcquisitionType": "2D",
  "MagneticFieldStrength": 3,
  "Manufacturer": "Siemens",
  "ManufacturersModelName": "Prisma_fit",
  "Modality": "MR",
  "NonlinearGradientCorrection": false,
  "PatientPosition": "HFS",
  "PercentPhaseFOV": 100,
  "PercentSampling": 100,
  "PhaseEncodingAxis": "i",
  "PhaseEncodingSteps": 72,
  "PixelBandwidth": 290,
  "ProcedureStepDescription": "MRI BRAIN WITHOUT IV CONTRAST",
  "ProtocolName": "gre_fm_bold",
  "ReconMatrixPE": 72,
  "RepetitionTime": 0.444,
  "SAR": 0.171185,
  "ScanningSequence": "GR",
  "SequenceName": "*fm2d2r",
  "SequenceVariant": "SP",
  "SeriesDescription": "gre_fm_bold",
  "SeriesNumber": 4,
  "SliceThickness": 3,
  "SliceTiming": [0.21875, 0, 0.23438, 0, 0.23438, 0.01562, 0.25, 0.03125, 0.26562, 0.04688, 0.28125, 0.04688, 0.28125, 0.0625, 0.29688, 0.07812, 0.3125, 0.09375, 0.32812, 0.09375, 0.32812, 0.10938, 0.34375, 0.125, 0.35938, 0.14062, 0.35938, 0.14062, 0.375, 0.15625, 0.39062, 0.17188, 0.40625, 0.1875, 0.42188, 0.1875, 0.42188, 0.20312],
  "SoftwareVersions": "syngo MR E11",
  "SpacingBetweenSlices": 3,
  "dcmmeta_affine": [
    [-2.9996895790100098, 0.01047093328088522, -0.041874051094055176, 108.15188598632812],
    [0.010691159404814243, 2.9999396800994873, -0.015712738037109375, -84.73625183105469],
    [-0.04181835055351257, 0.01586110331118107, 2.999664306640625, -37.60031509399414],
    [0.0, 0.0, 0.0, 1.0]
],
  "dcmmeta_reorient_transform": [
    [0.0, -1.0, 0.0, 71.0],
    [1.0, 0.0, 0.0, 0.0],
    [0.0, 0.0, -1.0, 37.0],
    [0.0, 0.0, 0.0, 1.0]
],
  "dcmmeta_shape": [72, 72, 38],
  "dcmmeta_slice_dim": 2,
  "dcmmeta_version": 0.6,
  "global": {
    "const": {
      "AccessionNumber": "6447179b",
      "AcquisitionMatrix": [0, 72, 72, 0],
      "AcquisitionNumber": 1,
      "AngioFlag": "N",
      "BitsAllocated": 16,
      "BitsStored": 12,
      "BodyPartExamined": "BRAIN",
      "Columns": 72,
      "CountryOfResidence": "United States of America [1]",
      "EchoNumbers": 2,
      "EchoTime": 7.38,
      "EchoTrainLength": 0,
      "FlipAngle": 60.0,
      "HighBit": 11,
      "ImageOrientationPatient": [0.9998964904525, -0.00356371982, -0.0139394505563, 0.00349031122542, 0.99997993229422, -0.0052870347445],
      "ImageType": [
        "ORIGINAL",
        "PRIMARY",
        "P",
        "ND"
],
      "ImagedNucleus": "1H",
      "ImagingFrequency": 123.26203,
      "InPlanePhaseEncodingDirection": "ROW",
      "MRAcquisitionType": "2D",
      "MagneticFieldStrength": 3.0,
      "Manufacturer": "SIEMENS",
      "ManufacturerModelName": "Prisma_fit",
      "Modality": "MR",
      "NumberOfAverages": 1.0,
      "NumberOfPhaseEncodingSteps": 72,
      "PercentPhaseFieldOfView": 100.0,
      "PercentSampling": 100.0,
      "PerformedProcedureStepStartTime": "184611.972000",
      "PhotometricInterpretation": "MONOCHROME2",
      "PixelBandwidth": 290.0,
      "PixelRepresentation": 0,
      "PixelSpacing": [3.0, 3.0],
      "PregnancyStatus": 4,
      "ProcedureCodeSequence": [
        {
          "CodeMeaning": "MRI BRAIN WITHOUT IV CONTRAST",
          "CodeValue": "IMG269",
          "CodingSchemeDesignator": "L"
        }
],
      "ProtocolName": "gre_fm_bold",
      "RepetitionTime": 444.0,
      "RequestAttributesSequence": [
        {
          "ScheduledProcedureStepDescription": "MRI BRAIN WITHOUT IV CONTRAST",
          "ScheduledProcedureStepID": "E19495208",
          "ScheduledProtocolCodeSequence": [
            {
              "CodeMeaning": "MRI BRAIN WITHOUT IV CONTRAST",
              "CodeValue": "651061",
              "CodingSchemeDesignator": "L"
            }
]
        }
],
      "RequestedProcedureCodeSequence": [
        {
          "CodeMeaning": "MRI BRAIN WITHOUT IV CONTRAST",
          "CodeValue": "IMG269",
          "CodingSchemeDesignator": "L"
        }
],
      "RescaleIntercept": -4096.0,
      "RescaleSlope": 2.0,
      "RescaleType": "US",
      "RetrieveAETitle": "EVEN",
      "Rows": 72,
      "SAR": 0.17118466970374,
      "SamplesPerPixel": 1,
      "ScanningSequence": "GR",
      "SequenceName": "*fm2d2r",
      "SequenceVariant": "SP",
      "SeriesDescription": "gre_fm_bold",
      "SeriesNumber": 4,
      "SeriesTime": "185522.115000",
      "SliceThickness": 3.0,
      "SmokingStatus": "UNKNOWN",
      "SoftwareVersions": "syngo MR E11",
      "SpacingBetweenSlices": 3.0,
      "SpecificCharacterSet": "ISO_IR 100",
      "StudyID": "08a3bbc8",
      "StudyTime": "184611.807000",
      "TransmitCoilName": "Body",
      "VariableFlipAngleFlag": "N",
      "WindowCenterWidthExplanation": "Algo1",
      "dBdt": 0.0},
    "slices": {
      "AcquisitionTime": ["185418.482500", "185418.260000", "185418.492500", "185418.270000", "185418.505000", "185418.282500", "185418.517500", "185418.295000", "185418.527500", "185418.305000", "185418.540000", "185418.317500", "185418.552500", "185418.330000", "185418.562500", "185418.340000", "185418.575000", "185418.352500", "185418.587500", "185418.365000", "185418.597500", "185418.377500", "185418.610000", "185418.387500", "185418.622500", "185418.400000", "185418.632500", "185418.412500", "185418.645000", "185418.422500", "185418.657500", "185418.435000", "185418.667500", "185418.447500", "185418.680000", "185418.457500", "185418.692500", "185418.470000"],
      "ContentTime": ["185522.158000", "185522.116000", "185522.160000", "185522.119000", "185522.162000", "185522.121000", "185522.164000", "185522.123000", "185522.166000", "185522.125000", "185522.168000", "185522.127000", "185522.170000", "185522.129000", "185522.172000", "185522.131000", "185522.174000", "185522.133000", "185522.176000", "185522.135000", "185522.178000", "185522.137000", "185522.180000", "185522.139000", "185522.182000", "185522.144000", "185522.184000", "185522.146000", "185522.186000", "185522.148000", "185522.188000", "185522.150000", "185522.190000", "185522.152000", "185522.192000", "185522.154000", "185522.194000", "185522.156000"],
      "ImagePositionPatient": [
        [-108.8953201864, -128.25950207942, -36.474259802354],
        [-108.85344616511, -128.24378743404, -33.474591681016],
        [-108.81157214381, -128.228074696, -30.474923559679],
        [-108.76969809272, -128.21236005061, -27.475257345689],
        [-108.72782404163, -128.19664731258, -24.4755911317],
        [-108.68595002033, -128.18093457454, -21.475924917711],
        [-108.64407596924, -128.16521992915, -18.476258703722],
        [-108.60220194795, -128.14950719112, -15.476592489732],
        [-108.56032789685, -128.13379254573, -12.476925322069],
        [-108.51845386066, -128.11807980769, -9.4772591080794],
        [-108.47657983192, -128.10236706966, -6.4775919404158],
        [-108.43470578828, -128.08665242427, -3.4779252495894],
        [-108.39283175395, -128.07093968623, -0.4782587971816],
        [-108.35095771682, -128.05522504085, 2.5214077148309],
        [-108.3090836797, -128.03951230281, 5.5210743460527],
        [-108.2672096435, -128.02379956477, 8.5207410368791],
        [-108.22533560731, -128.00808491939, 11.520407250868],
        [-108.18346157112, -127.99237218135, 14.520074418532],
        [-108.14158753493, -127.97665753596, 17.519740632521],
        [-108.09971348383, -127.96094479793, 20.519407800185],
        [-108.05783946254, -127.94523205989, 23.519074014174],
        [-108.01596541145, -127.9295174145, 26.518740228163],
        [-107.97409139015, -127.91380467647, 29.518406442153],
        [-107.93221733906, -127.89809003108, 32.51807456349],
        [-107.89034331777, -127.88237729304, 35.51774077748],
        [-107.84846926667, -127.86666455501, 38.51740508412],
        [-107.80659521558, -127.85094990962, 41.517073205458],
        [-107.76472116449, -127.83523717158, 44.516741326796],
        [-107.722847173, -127.8195225262, 47.516405633437],
        [-107.6809731219, -127.80380978816, 50.516073754775],
        [-107.63909907081, -127.78809705012, 53.515738061415],
        [-107.59722501971, -127.77238240474, 56.515406182753],
        [-107.55535102822, -127.7566696667, 59.515074304091],
        [-107.51347697713, -127.74095502132, 62.514738610732],
        [-107.47160292604, -127.72524228328, 65.514406732069],
        [-107.42972887494, -127.70952954524, 68.514074853407],
        [-107.38785488345, -127.69381489986, 71.513739160048],
        [-107.34598083236, -127.67810216182, 74.513403466689]
],
      "InstanceCreationTime": ["185522.158000", "185522.116000", "185522.160000", "185522.119000", "185522.162000", "185522.121000", "185522.164000", "185522.123000", "185522.166000", "185522.125000", "185522.168000", "185522.127000", "185522.170000", "185522.129000", "185522.172000", "185522.131000", "185522.174000", "185522.133000", "185522.176000", "185522.135000", "185522.178000", "185522.137000", "185522.180000", "185522.139000", "185522.182000", "185522.144000", "185522.184000", "185522.146000", "185522.186000", "185522.148000", "185522.188000", "185522.150000", "185522.190000", "185522.152000", "185522.192000", "185522.154000", "185522.194000", "185522.156000"],
      "InstanceNumber": [1, 2, 3, 4, 5, 6, 7, 8, 9, 10, 11, 12, 13, 14, 15, 16, 17, 18, 19, 20, 21, 22, 23, 24, 25, 26, 27, 28, 29, 30, 31, 32, 33, 34, 35, 36, 37, 38],
      "LargestImagePixelValue": [4095, 4085, 4078, 4089, 4091, 4092, 4093, 4080, 4087, 4086, 4063, 4089, 4094, 4094, 4093, 4068, 4090, 4081, 4075, 4086, 4082, 4075, 4086, 4072, 4094, 4080, 4092, 4078, 4092, 4089, 4095, 4081, 4092, 4091, 4090, 4094, 4094, 4090],
      "SliceLocation": [-38.661970436799, -35.661968899814, -32.66196737282, -29.661967742557, -26.661968122283, -23.661968502426, -20.661968872162, -17.661969252305, -14.661968668473, -11.661969048408, -8.6619684748783, -5.6619683679345, -2.6619685095032, 0.33803141855559, 3.33803145582, 6.3380315526694, 9.3380311827251, 12.338031756359, 15.338031386414, 18.338031960256, 21.338031580113, 24.338031210377, 27.338030830234, 30.338032367634, 33.338031987492, 36.338029700628, 39.338031238029, 42.338032765439, 45.338030487734, 48.338032015143, 51.33802972828, 54.33803126568, 57.338032792258, 60.338030515385, 63.338032042795, 66.338033570205, 69.3380312925, 72.338029005637],
      "SmallestImagePixelValue": [2, 0, 3, 0, 2, 1, 9, 13, 2, 1, 6, 5, 4, 12, 5, 21, 10, 2, 8, 8, 11, 3, 0, 14, 29, 18, 0, 0, 2, 4, 0, 0, 5, 2, 2, 0, 0, 4],
      "WindowCenter": [-336.0, -282.0, -222.0, -172.0, -164.0, -138.0, -94.0, -106.0, -136.0, -158.0, -130.0, -122.0, -94.0, -152.0, -56.0, -214.0, -60.0, -170.0, -162.0, -150.0, -150.0, -148.0, -182.0, -196.0, -184.0, -196.0, -210.0, -238.0, -264.0, -280.0, -258.0, -280.0, -352.0, -178.0, -208.0, -282.0, -268.0, -198.0],
      "WindowWidth": [5682.0, 5610.0, 5486.0, 5622.0, 5528.0, 5590.0, 5592.0, 5596.0, 5504.0, 5308.0, 5296.0, 5236.0, 5302.0, 4802.0, 5316.0, 4544.0, 5052.0, 4510.0, 4508.0, 4488.0, 4490.0, 4480.0, 4494.0, 4490.0, 4484.0, 4480.0, 4504.0, 4532.0, 4564.0, 4594.0, 4614.0, 4644.0, 4754.0, 5644.0, 5770.0, 5982.0, 6204.0, 6296.0]
    }
  }
}