{
  "AcquisitionMatrixPE": 72,
  "AcquisitionNumber": 1,
  "AcquisitionTime": "20:18:45.487500",
  "BodyPartExamined": "BRAIN",
  "ConversionSoftware": "dcm2niix",
  "ConversionSoftwareVersion": "v1.0.20220720",
  "DeviceSerialNumber": "67041",
  "EchoNumber": 2,
  "EchoTime": 0.00738,
  "EchoTime1": 0.00492,
  "EchoTime2": 0.00738,
  "FlipAngle": 60,
  "HeudiconvVersion": "1.1.6",
  "ImageOrientationPatientDICOM": [0.999901, 0.00624468, 0.0126056, -0.00698074, 0.998221, 0.059218],
  "ImageType": [
    "ORIGINAL",
    "PRIMARY",
    "P",
    "ND",
    "PHASE"
],
  "ImagingFrequency": 123.262,
  "InPlanePhaseEncodingDirectionDICOM": "ROW",
  "MRAcquisitionType": "2D",
  "MagneticFieldStrength": 3,
  "Manufacturer": "Siemens",
  "ManufacturersModelName": "Prisma_fit",
  "Modality": "MR",
  "NonlinearGradientCorrection": false,
  "PatientPosition": "HFS",
  "PercentPhaseFOV": 100,
  "PercentSampling": 100,
  "PhaseEncodingAxis": "i",
  "PhaseEncodingSteps": 72,
  "PixelBandwidth": 290,
  "ProcedureStepDescription": "MRI BRAIN WITHOUT IV CONTRAST",
  "ProtocolName": "gre_fm_bold",
  "ReconMatrixPE": 72,
  "RepetitionTime": 0.444,
  "SAR": 0.162516,
  "ScanningSequence": "GR",
  "SequenceName": "*fm2d2r",
  "SequenceVariant": "SP",
  "SeriesDescription": "gre_fm_bold",
  "SeriesNumber": 4,
  "SliceThickness": 3,
  "SliceTiming": [0.21875, 0, 0.23438, 0.01562, 0.25, 0.03125, 0.25, 0.03125, 0.26562, 0.04688, 0.28125, 0.0625, 0.29688, 0.0625, 0.29688, 0.07812, 0.3125, 0.09375, 0.32812, 0.10938, 0.34375, 0.10938, 0.34375, 0.125, 0.35938, 0.14062, 0.375, 0.15625, 0.39062, 0.17188, 0.39062, 0.17188, 0.40625, 0.1875, 0.42188, 0.20312, 0.4375, 0.20312],
  "SoftwareVersions": "syngo MR E11",
  "SpacingBetweenSlices": 3,
  "dcmmeta_affine": [
    [-2.9997031688690186, -0.020942218601703644, 0.03663992881774902, 109.38221740722656],
    [-0.018734047189354897, 2.994662046432495, 0.1779003143310547, -84.43073272705078],
    [0.037816744297742844, -0.1776539832353592, 2.9944992065429688, -18.262798309326172],
    [0.0, 0.0, 0.0, 1.0]
],
  "dcmmeta_reorient_transform": [
    [0.0, -1.0, 0.0, 71.0],
    [1.0, 0.0, 0.0, 0.0],
    [0.0, 0.0, -1.0, 37.0],
    [0.0, 0.0, 0.0, 1.0]
],
  "dcmmeta_shape": [72, 72, 38],
  "dcmmeta_slice_dim": 2,
  "dcmmeta_version": 0.6,
  "global": {
    "const": {
      "AccessionNumber": "7aacaec3",
      "AcquisitionMatrix": [0, 72, 72, 0],
      "AcquisitionNumber": 1,
      "AngioFlag": "N",
      "BitsAllocated": 16,
      "BitsStored": 12,
      "BodyPartExamined": "BRAIN",
      "Columns": 72,
      "CountryOfResidence": "United States of America [1]",
      "EchoNumbers": 2,
      "EchoTime": 7.38,
      "EchoTrainLength": 0,
      "FlipAngle": 60.0,
      "HighBit": 11,
      "ImageOrientationPatient": [0.99990104673176, 0.00624468269197, 0.01260558141487, -0.006980739319, 0.9982206662651, 0.05921799321001],
      "ImageType": [
        "ORIGINAL",
        "PRIMARY",
        "P",
        "ND"
],
      "ImagedNucleus": "1H",
      "ImagingFrequency": 123.261738,
      "InPlanePhaseEncodingDirection": "ROW",
      "MRAcquisitionType": "2D",
      "MagneticFieldStrength": 3.0,
      "Manufacturer": "SIEMENS",
      "ManufacturerModelName": "Prisma_fit",
      "Modality": "MR",
      "NumberOfAverages": 1.0,
      "NumberOfPhaseEncodingSteps": 72,
      "PercentPhaseFieldOfView": 100.0,
      "PercentSampling": 100.0,
      "PerformedProcedureStepStartTime": "201015.928000",
      "PhotometricInterpretation": "MONOCHROME2",
      "PixelBandwidth": 290.0,
      "PixelRepresentation": 0,
      "PixelSpacing": [3.0, 3.0],
      "PregnancyStatus": 4,
      "ProcedureCodeSequence": [
        {
          "CodeMeaning": "MRI BRAIN WITHOUT IV CONTRAST",
          "CodeValue": "IMG269",
          "CodingSchemeDesignator": "L"
        }
],
      "ProtocolName": "gre_fm_bold",
      "RepetitionTime": 444.0,
      "RequestAttributesSequence": [
        {
          "ScheduledProcedureStepDescription": "MRI BRAIN WITHOUT IV CONTRAST",
          "ScheduledProcedureStepID": "E19397437",
          "ScheduledProtocolCodeSequence": [
            {
              "CodeMeaning": "MRI BRAIN WITHOUT IV CONTRAST",
              "CodeValue": "651061",
              "CodingSchemeDesignator": "L"
            }
]
        }
],
      "RequestedProcedureCodeSequence": [
        {
          "CodeMeaning": "MRI BRAIN WITHOUT IV CONTRAST",
          "CodeValue": "IMG269",
          "CodingSchemeDesignator": "L"
        }
],
      "RescaleIntercept": -4096.0,
      "RescaleSlope": 2.0,
      "RescaleType": "US",
      "RetrieveAETitle": "EVEN",
      "Rows": 72,
      "SAR": 0.16251616446364,
      "SamplesPerPixel": 1,
      "ScanningSequence": "GR",
      "SequenceName": "*fm2d2r",
      "SequenceVariant": "SP",
      "SeriesDescription": "gre_fm_bold",
      "SeriesNumber": 4,
      "SeriesTime": "201949.620000",
      "SliceThickness": 3.0,
      "SmokingStatus": "UNKNOWN",
      "SoftwareVersions": "syngo MR E11",
      "SpacingBetweenSlices": 3.0,
      "SpecificCharacterSet": "ISO_IR 100",
      "StudyID": "2c26e4f3",
      "StudyTime": "201015.764000",
      "TransmitCoilName": "Body",
      "VariableFlipAngleFlag": "N",
      "WindowCenterWidthExplanation": "Algo1",
      "dBdt": 0.0},
    "slices": {
      "AcquisitionTime": ["201845.487500", "201845.265000", "201845.500000", "201845.277500", "201845.510000", "201845.290000", "201845.522500", "201845.300000", "201845.535000", "201845.312500", "201845.545000", "201845.325000", "201845.557500", "201845.335000", "201845.570000", "201845.347500", "201845.580000", "201845.360000", "201845.592500", "201845.370000", "201845.605000", "201845.382500", "201845.615000", "201845.395000", "201845.627500", "201845.405000", "201845.640000", "201845.417500", "201845.650000", "201845.430000", "201845.662500", "201845.440000", "201845.675000", "201845.452500", "201845.685000", "201845.465000", "201845.697500", "201845.475000"],
      "ContentTime": ["201949.668000", "201949.623000", "201949.671000", "201949.625000", "201949.673000", "201949.627000", "201949.675000", "201949.630000", "201949.677000", "201949.632000", "201949.680000", "201949.634000", "201949.682000", "201949.636000", "201949.684000", "201949.638000", "201949.686000", "201949.640000", "201949.688000", "201949.648000", "201949.690000", "201949.650000", "201949.692000", "201949.652000", "201949.694000", "201949.654000", "201949.696000", "201949.656000", "201949.698000", "201949.658000", "201949.701000", "201949.660000", "201949.703000", "201949.662000", "201949.705000", "201949.664000", "201949.707000", "201949.666000"],
      "ImagePositionPatient": [
        [-107.89531764811, -128.19026740721, -30.876130553506],
        [-107.93195769614, -128.36816772154, -27.881633254311],
        [-107.96859774417, -128.54606803587, -24.887137862466],
        [-108.0052377922, -128.72396835021, -21.892640563271],
        [-108.04187789983, -128.90186866454, -18.898144217751],
        [-108.07851794785, -129.07976897887, -15.903647872231],
        [-108.11515799588, -129.25767120055, -12.909151526711],
        [-108.15179804391, -129.43557151488, -9.9146549427726],
        [-108.18843815154, -129.61347182921, -6.9201584184386],
        [-108.22507819957, -129.79137214354, -3.9256620133139],
        [-108.2617183072, -129.96927245787, -0.9311656677939],
        [-108.29835835523, -130.1471727722, 2.0633311545633],
        [-108.33499840325, -130.32507308653, 5.0578275000833],
        [-108.37163845128, -130.50297340087, 8.0523238456033],
        [-108.40827849931, -130.6808737152, 11.046820191123],
        [-108.44491854733, -130.85877402953, 14.041317490318],
        [-108.48155859536, -131.03667434386, 17.035812882163],
        [-108.51819864339, -131.21457465819, 20.030310181358],
        [-108.55483869141, -131.39247497252, 23.024805573203],
        [-108.59147885865, -131.57037528685, 26.019302872398],
        [-108.62811890668, -131.74827560118, 29.013798264243],
        [-108.66475895471, -131.92617591551, 32.008293656089],
        [-108.70139900273, -132.10407622984, 35.002792862632],
        [-108.73803905076, -132.28197654418, 37.997288254478],
        [-108.77467909879, -132.45987685851, 40.991783646324],
        [-108.81131914681, -132.63777717284, 43.986282852866],
        [-108.84795919484, -132.81567748717, 46.980778244712],
        [-108.88459936208, -132.9935778015, 49.975273636558],
        [-108.9212394101, -133.17147811583, 52.969769028404],
        [-108.95787945813, -133.34937843016, 55.964268234947],
        [-108.99451950616, -133.52728065184, 58.958759812095],
        [-109.03115955419, -133.70518096617, 61.953259018638],
        [-109.06779960221, -133.8830812805, 64.947758225181],
        [-109.10443965024, -134.06098159483, 67.942249802329],
        [-109.14107969827, -134.23888190917, 70.936749008872],
        [-109.17771974629, -134.4167822235, 73.931248215415],
        [-109.21435991353, -134.59468253783, 76.925739792564],
        [-109.25099984235, -134.77258285216, 79.920238999107]
],
      "InstanceCreationTime": ["201949.668000", "201949.623000", "201949.671000", "201949.625000", "201949.673000", "201949.627000", "201949.675000", "201949.630000", "201949.677000", "201949.632000", "201949.680000", "201949.634000", "201949.682000", "201949.636000", "201949.684000", "201949.638000", "201949.686000", "201949.640000", "201949.688000", "201949.648000", "201949.690000", "201949.650000", "201949.692000", "201949.652000", "201949.694000", "201949.654000", "201949.696000", "201949.656000", "201949.698000", "201949.658000", "201949.701000", "201949.660000", "201949.703000", "201949.662000", "201949.705000", "201949.664000", "201949.707000", "201949.666000"],
      "InstanceNumber": [1, 2, 3, 4, 5, 6, 7, 8, 9, 10, 11, 12, 13, 14, 15, 16, 17, 18, 19, 20, 21, 22, 23, 24, 25, 26, 27, 28, 29, 30, 31, 32, 33, 34, 35, 36, 37, 38],
      "LargestImagePixelValue": [4094, 4091, 4083, 4091, 4093, 4091, 4095, 4094, 4077, 4090, 4079, 4084, 4091, 4074, 4093, 4071, 4064, 4081, 4078, 4091, 4064, 4094, 4091, 4088, 4083, 4085, 4082, 4085, 4091, 4089, 4094, 4095, 4094, 4094, 4094, 4092, 4093, 4093],
      "SliceLocation": [-21.900024500881, -18.900023652575, -15.900024708117, -12.900023859811, -9.900023962701, -6.9000240663191, -3.9000240568312, -0.9000239224681, 2.0999761531276, 5.0999761090048, 8.0999760061146, 11.099976378459, 14.099976274841, 17.099976171223, 20.099976067605, 23.099976915911, 26.099975860368, 29.099976708675, 32.099975653132, 35.099976502895, 38.099975447352, 41.099974391809, 44.099977143965, 47.099976088422, 50.099975032879, 53.099977785035, 56.099976729493, 59.099975675406, 62.099974619863, 65.099977372019, 68.099972621883, 71.099975374039, 74.099978126195, 77.099973262953, 80.099976015109, 83.099978767266, 86.09997390548, 89.09997665618],
      "SmallestImagePixelValue": [4, 0, 2, 0, 2, 4, 2, 3, 29, 1, 0, 12, 22, 2, 25, 30, 28, 25, 9, 31, 2, 7, 0, 8, 0, 3, 3, 1, 4, 11, 4, 3, 0, 10, 2, 0, 2, 0],
      "WindowCenter": [-314.0, -280.0, -284.0, -182.0, -114.0, -96.0, -74.0, -136.0, -128.0, -96.0, -114.0, -82.0, -52.0, -46.0, 2.0, -142.0, -6.0, -32.0, -156.0, -154.0, -160.0, -180.0, -178.0, -198.0, -212.0, -230.0, -214.0, -258.0, -282.0, -306.0, -198.0, -194.0, -170.0, -206.0, -258.0, -234.0, -152.0, -228.0],
      "WindowWidth": [5650.0, 5524.0, 5090.0, 5444.0, 5430.0, 5484.0, 5586.0, 5442.0, 5352.0, 5424.0, 5334.0, 5328.0, 5288.0, 5132.0, 5288.0, 4502.0, 5098.0, 5008.0, 4510.0, 4508.0, 4512.0, 4520.0, 4510.0, 4508.0, 4504.0, 4510.0, 4510.0, 4530.0, 4600.0, 4644.0, 5448.0, 5668.0, 5910.0, 6066.0, 6170.0, 6328.0, 6522.0, 6652.0]
    }
  }
}