{
  "AcquisitionMatrixPE": 72,
  "AcquisitionNumber": 1,
  "AcquisitionTime": "18:10:47.482500",
  "BodyPartExamined": "BRAIN",
  "ConversionSoftware": "dcm2niix",
  "ConversionSoftwareVersion": "v1.0.20220720",
  "DeviceSerialNumber": "67041",
  "EchoNumber": 2,
  "EchoTime": 0.00738,
  "EchoTime1": 0.00492,
  "EchoTime2": 0.00738,
  "FlipAngle": 60,
  "HeudiconvVersion": "1.1.6",
  "ImageOrientationPatientDICOM": [0.999694, 0.0201654, 0.0143506, -0.0191951, 0.997713, -0.064812],
  "ImageType": [
    "ORIGINAL",
    "PRIMARY",
    "P",
    "ND",
    "PHASE"
],
  "ImagingFrequency": 123.262,
  "InPlanePhaseEncodingDirectionDICOM": "ROW",
  "MRAcquisitionType": "2D",
  "MagneticFieldStrength": 3,
  "Manufacturer": "Siemens",
  "ManufacturersModelName": "Prisma_fit",
  "Modality": "MR",
  "NonlinearGradientCorrection": false,
  "PatientPosition": "HFS",
  "PercentPhaseFOV": 100,
  "PercentSampling": 100,
  "PhaseEncodingAxis": "i",
  "PhaseEncodingSteps": 72,
  "PixelBandwidth": 290,
  "ProcedureStepDescription": "MRI BRAIN WITHOUT IV CONTRAST",
  "ProtocolName": "gre_fm_bold",
  "ReconMatrixPE": 72,
  "RepetitionTime": 0.444,
  "SAR": 0.166507,
  "ScanningSequence": "GR",
  "SequenceName": "*fm2d2r",
  "SequenceVariant": "SP",
  "SeriesDescription": "gre_fm_bold",
  "SeriesNumber": 4,
  "SliceThickness": 3,
  "SliceTiming": [0.21875, 0, 0.23438, 0, 0.23438, 0.01562, 0.25, 0.03125, 0.26562, 0.04688, 0.28125, 0.04688, 0.29688, 0.0625, 0.29688, 0.07812, 0.3125, 0.09375, 0.32812, 0.10938, 0.32812, 0.10938, 0.34375, 0.125, 0.35938, 0.14062, 0.375, 0.14062, 0.375, 0.15625, 0.39062, 0.17188, 0.40625, 0.1875, 0.42188, 0.1875, 0.42188, 0.20312],
  "SoftwareVersions": "syngo MR E11",
  "SpacingBetweenSlices": 3,
  "dcmmeta_affine": [
    [-2.9990808963775635, -0.057585299015045166, 0.04687422513961792, 109.19996643066406],
    [-0.06049629673361778, 2.993138551712036, -0.19355010986328125, -86.11516571044922],
    [0.043051812797784805, 0.1944359540939331, 2.993377685546875, -17.546178817749023],
    [0.0, 0.0, 0.0, 1.0]
],
  "dcmmeta_reorient_transform": [
    [0.0, -1.0, 0.0, 71.0],
    [1.0, 0.0, 0.0, 0.0],
    [0.0, 0.0, -1.0, 37.0],
    [0.0, 0.0, 0.0, 1.0]
],
  "dcmmeta_shape": [72, 72, 38],
  "dcmmeta_slice_dim": 2,
  "dcmmeta_version": 0.6,
  "global": {
    "const": {
      "AccessionNumber": "eeb6d0ba",
      "AcquisitionMatrix": [0, 72, 72, 0],
      "AcquisitionNumber": 1,
      "AngioFlag": "N",
      "BitsAllocated": 16,
      "BitsStored": 12,
      "BodyPartExamined": "BRAIN",
      "Columns": 72,
      "CountryOfResidence": "United States of America [1]",
      "EchoNumbers": 2,
      "EchoTime": 7.38,
      "EchoTrainLength": 0,
      "FlipAngle": 60.0,
      "HighBit": 11,
      "ImageOrientationPatient": [0.99969366084006, 0.02016543165783, 0.01435060424708, -0.0191950996091, 0.99771286193878, -0.0648119840225],
      "ImageType": [
        "ORIGINAL",
        "PRIMARY",
        "P",
        "ND"
],
      "ImagedNucleus": "1H",
      "ImagingFrequency": 123.261921,
      "InPlanePhaseEncodingDirection": "ROW",
      "MRAcquisitionType": "2D",
      "MagneticFieldStrength": 3.0,
      "Manufacturer": "SIEMENS",
      "ManufacturerModelName": "Prisma_fit",
      "Modality": "MR",
      "NumberOfAverages": 1.0,
      "NumberOfPhaseEncodingSteps": 72,
      "PercentPhaseFieldOfView": 100.0,
      "PercentSampling": 100.0,
      "PerformedProcedureStepStartTime": "175950.558000",
      "PhotometricInterpretation": "MONOCHROME2",
      "PixelBandwidth": 290.0,
      "PixelRepresentation": 0,
      "PixelSpacing": [3.0, 3.0],
      "PregnancyStatus": 4,
      "ProcedureCodeSequence": [
        {
          "CodeMeaning": "MRI BRAIN WITHOUT IV CONTRAST",
          "CodeValue": "IMG269",
          "CodingSchemeDesignator": "L"
        }
],
      "ProtocolName": "gre_fm_bold",
      "RepetitionTime": 444.0,
      "RequestAttributesSequence": [
        {
          "ScheduledProcedureStepDescription": "MRI BRAIN WITHOUT IV CONTRAST",
          "ScheduledProcedureStepID": "E20063258",
          "ScheduledProtocolCodeSequence": [
            {
              "CodeMeaning": "MRI BRAIN WITHOUT IV CONTRAST",
              "CodeValue": "651061",
              "CodingSchemeDesignator": "L"
            }
]
        }
],
      "RequestedProcedureCodeSequence": [
        {
          "CodeMeaning": "MRI BRAIN WITHOUT IV CONTRAST",
          "CodeValue": "IMG269",
          "CodingSchemeDesignator": "L"
        }
],
      "RescaleIntercept": -4096.0,
      "RescaleSlope": 2.0,
      "RescaleType": "US",
      "RetrieveAETitle": "EVEN",
      "Rows": 72,
      "SAR": 0.166507199697,
      "SamplesPerPixel": 1,
      "ScanningSequence": "GR",
      "SequenceName": "*fm2d2r",
      "SequenceVariant": "SP",
      "SeriesDescription": "gre_fm_bold",
      "SeriesNumber": 4,
      "SeriesTime": "181151.776000",
      "SliceThickness": 3.0,
      "SmokingStatus": "UNKNOWN",
      "SoftwareVersions": "syngo MR E11",
      "SpacingBetweenSlices": 3.0,
      "SpecificCharacterSet": "ISO_IR 100",
      "StudyID": "1db012ab",
      "StudyTime": "175950.334000",
      "TransmitCoilName": "Body",
      "VariableFlipAngleFlag": "N",
      "WindowCenterWidthExplanation": "Algo1",
      "dBdt": 0.0},
    "slices": {
      "AcquisitionTime": ["181047.482500", "181047.262500", "181047.495000", "181047.272500", "181047.507500", "181047.285000", "181047.517500", "181047.297500", "181047.530000", "181047.307500", "181047.542500", "181047.320000", "181047.555000", "181047.332500", "181047.565000", "181047.342500", "181047.577500", "181047.355000", "181047.590000", "181047.367500", "181047.600000", "181047.377500", "181047.612500", "181047.390000", "181047.625000", "181047.402500", "181047.635000", "181047.412500", "181047.647500", "181047.425000", "181047.660000", "181047.437500", "181047.670000", "181047.447500", "181047.682500", "181047.460000", "181047.695000", "181047.472500"],
      "ContentTime": ["181151.818000", "181151.778000", "181151.820000", "181151.780000", "181151.822000", "181151.783000", "181151.824000", "181151.785000", "181151.826000", "181151.787000", "181151.828000", "181151.789000", "181151.830000", "181151.791000", "181151.832000", "181151.793000", "181151.834000", "181151.795000", "181151.836000", "181151.797000", "181151.838000", "181151.799000", "181151.840000", "181151.801000", "181151.842000", "181151.803000", "181151.844000", "181151.805000", "181151.847000", "181151.807000", "181151.849000", "181151.809000", "181151.851000", "181151.811000", "181151.853000", "181151.813000", "181151.855000", "181151.815000"],
      "ImagePositionPatient": [
        [-105.11141020905, -126.39767356427, -3.7414160632953],
        [-105.15828443419, -126.20412345441, -0.7480326557025],
        [-105.20515865933, -126.01057334454, 2.2453502750531],
        [-105.25203288447, -125.81702323468, 5.2387331015006],
        [-105.29890716921, -125.62347312482, 8.2321158981458],
        [-105.34578139435, -125.42992301495, 11.22549906732],
        [-105.39265561949, -125.23637385876, 14.218881521238],
        [-105.43952984463, -125.0428237489, 17.212264928831],
        [-105.48640406977, -124.84927363904, 20.20564738275],
        [-105.53327829491, -124.65572352917, 23.199029836668],
        [-105.58015252005, -124.46217341931, 26.192413244261],
        [-105.62702674519, -124.26862330945, 29.185796651854],
        [-105.67390098523, -124.07507319958, 32.179180059446],
        [-105.72077522527, -123.88152308972, 35.172561559691],
        [-105.76764945041, -123.68797297986, 38.165946874632],
        [-105.814523683, -123.49442382367, 41.159328374876],
        [-105.86139791187, -123.3008737138, 44.15270987512],
        [-105.90827214353, -123.10732360394, 47.146095190062],
        [-105.95514637332, -122.91377349408, 50.139476690306],
        [-106.00202060591, -122.72022338422, 53.13285819055],
        [-106.04889483105, -122.52667327435, 56.126243505491],
        [-106.09576907109, -122.33312316449, 59.119625005735],
        [-106.14264329623, -122.13957305463, 62.11300650598],
        [-106.18951753627, -121.94602294476, 65.106391820921],
        [-106.23639176141, -121.75247378857, 68.099773321165],
        [-106.28326598655, -121.55892367871, 71.093154821409],
        [-106.33014021169, -121.36537356885, 74.086540136351],
        [-106.37701443683, -121.17182345898, 77.079925451292],
        [-106.42388869177, -120.97827334912, 80.073303136839],
        [-106.47076291691, -120.78472323926, 83.06668845178],
        [-106.51763714205, -120.59117312939, 86.060073766722],
        [-106.56451136719, -120.39762301953, 89.053451452269],
        [-106.61138559233, -120.20407386334, 92.04683676721],
        [-106.65825981747, -120.01052375348, 95.040222082152],
        [-106.70513404261, -119.81697364361, 98.033599767698],
        [-106.75200832735, -119.62342353375, 101.02698508264],
        [-106.79888255249, -119.42987342389, 104.02037039758],
        [-106.84575677763, -119.23632331402, 107.01374808313]
],
      "InstanceCreationTime": ["181151.818000", "181151.778000", "181151.820000", "181151.780000", "181151.822000", "181151.783000", "181151.824000", "181151.785000", "181151.826000", "181151.787000", "181151.828000", "181151.789000", "181151.830000", "181151.791000", "181151.832000", "181151.793000", "181151.834000", "181151.795000", "181151.836000", "181151.797000", "181151.838000", "181151.799000", "181151.840000", "181151.801000", "181151.842000", "181151.803000", "181151.844000", "181151.805000", "181151.847000", "181151.807000", "181151.849000", "181151.809000", "181151.851000", "181151.811000", "181151.853000", "181151.813000", "181151.855000", "181151.815000"],
      "InstanceNumber": [1, 2, 3, 4, 5, 6, 7, 8, 9, 10, 11, 12, 13, 14, 15, 16, 17, 18, 19, 20, 21, 22, 23, 24, 25, 26, 27, 28, 29, 30, 31, 32, 33, 34, 35, 36, 37, 38],
      "LargestImagePixelValue": [4094, 4095, 4095, 4093, 4090, 4089, 4091, 4075, 4086, 4094, 4088, 4092, 4086, 4094, 4066, 4082, 4082, 4074, 4088, 4076, 4069, 4094, 4091, 4072, 4091, 4088, 4095, 4094, 4090, 4088, 4093, 4086, 4090, 4095, 4082, 4093, 4094, 4093],
      "SliceLocation": [-10.245581520736, -7.2455810102588, -4.2455809755672, -1.2455810449536, 1.7544188568546, 4.7544191294389, 7.7544186268173, 10.754419137294, 13.7544186962, 16.754418255107, 19.754418765584, 22.754419276061, 25.75441978677, 28.754418394339, 31.754420807957, 34.754419353881, 37.754417961275, 40.754420374995, 43.754418982403, 46.754417589855, 49.754420003474, 52.754418611042, 55.754417218377, 58.754419632229, 61.754418178036, 64.754416785372, 67.75441919899, 70.754421612609, 73.754416414127, 76.754418827745, 79.754421241364, 82.754416042416, 85.754418394507, 88.754420808126, 91.754415609178, 94.754418023728, 97.754420437346, 100.7544152384],
      "SmallestImagePixelValue": [1, 12, 3, 1, 6, 5, 2, 2, 11, 5, 14, 20, 0, 3, 1, 7, 21, 8, 17, 1, 1, 19, 49, 1, 1, 16, 1, 2, 5, 0, 7, 3, 4, 0, 2, 3, 0, 0],
      "WindowCenter": [-334.0, -280.0, -378.0, -212.0, -132.0, -168.0, -76.0, -106.0, -96.0, -112.0, -108.0, -108.0, -114.0, -112.0, -216.0, -206.0, -180.0, -170.0, -160.0, -152.0, -152.0, -162.0, -176.0, -148.0, -168.0, -168.0, -176.0, -220.0, -236.0, -266.0, -284.0, -184.0, -156.0, -222.0, -232.0, -194.0, -216.0, -224.0],
      "WindowWidth": [5574.0, 5540.0, 4660.0, 5578.0, 5568.0, 5562.0, 5646.0, 5554.0, 5482.0, 5486.0, 5368.0, 5336.0, 5142.0, 5042.0, 4548.0, 4538.0, 4524.0, 4508.0, 4496.0, 4480.0, 4478.0, 4478.0, 4482.0, 4476.0, 4484.0, 4484.0, 4496.0, 4550.0, 4574.0, 4636.0, 4666.0, 5312.0, 5662.0, 5820.0, 6020.0, 6132.0, 6364.0, 6458.0]
    }
  }
}