{
  "AcquisitionMatrixPE": 72,
  "AcquisitionNumber": 1,
  "AcquisitionTime": "19:15:37.602500",
  "BodyPartExamined": "BRAIN",
  "ConversionSoftware": "dcm2niix",
  "ConversionSoftwareVersion": "v1.0.20220720",
  "DeviceSerialNumber": "45219",
  "EchoNumber": 2,
  "EchoTime": 0.00738,
  "FlipAngle": 60,
  "HeudiconvVersion": "1.1.6",
  "ImageOrientationPatientDICOM": [
    0.999628,
    0.0200651,
    0.0184504,
    -0.0209392,
    0.998605,
    0.0484751
  ],
  "ImageType": [
    "ORIGINAL",
    "PRIMARY",
    "M",
    "ND",
    "NORM"
  ],
  "ImagingFrequency": 123.181,
  "InPlanePhaseEncodingDirectionDICOM": "ROW",
  "MRAcquisitionType": "2D",
  "MagneticFieldStrength": 3,
  "Manufacturer": "Siemens",
  "ManufacturersModelName": "DicomCleaner",
  "Modality": "MR",
  "MultibandAccelerationFactor": 2,
  "NonlinearGradientCorrection": false,
  "PatientPosition": "HFS",
  "PercentPhaseFOV": 100,
  "PercentSampling": 100,
  "PhaseEncodingAxis": "i",
  "PhaseEncodingSteps": 72,
  "PixelBandwidth": 290,
  "ProtocolName": "gre_fm_bold",
  "ReconMatrixPE": 72,
  "RepetitionTime": 0.444,
  "SAR": 0.160705,
  "ScanningSequence": "GR",
  "SequenceName": "*fm2d2r",
  "SequenceVariant": "SP",
  "SeriesDescription": "gre_fm_bold",
  "SeriesNumber": 4,
  "SliceThickness": 3,
  "SliceTiming": [
    0.23438,
    0,
    0.23438,
    0.01562,
    0.25,
    0.03125,
    0.26562,
    0.04688,
    0.26562,
    0.04688,
    0.28125,
    0.0625,
    0.29688,
    0.07812,
    0.3125,
    0.09375,
    0.3125,
    0.09375,
    0.32812,
    0.10938,
    0.34375,
    0.125,
    0.35938,
    0.125,
    0.375,
    0.14062,
    0.375,
    0.15625,
    0.39062,
    0.17188,
    0.40625,
    0.1875,
    0.40625,
    0.1875,
    0.42188,
    0.20312,
    0.4375,
    0.21875
  ],
  "SoftwareVersions": "Tue Feb 12 18:07:17 EST 2019",
  "SpacingBetweenSlices": 3,
  "StationName": "PIERRJ03PC"
}