{
  "AcquisitionMatrixPE": 72,
  "AcquisitionNumber": 1,
  "AcquisitionTime": "19:44:22.640000",
  "BodyPartExamined": "BRAIN",
  "ConversionSoftware": "dcm2niix",
  "ConversionSoftwareVersion": "v1.0.20220720",
  "DeviceSerialNumber": "67041",
  "EchoTime": 0.03,
  "EchoTrainLength": 72,
  "FlipAngle": 80,
  "HeudiconvVersion": "1.1.6",
  "ImageComments": "Reference volume for motion correction.",
  "ImageOrientationPatientDICOM": [0.99808, 0.0532952, 0.0315426, -0.0523072, 0.998139, -0.03136],
  "ImageType": [
    "ORIGINAL",
    "PRIMARY",
    "M",
    "ND",
    "NORM",
    "MOCO",
    "MOSAIC"
],
  "ImagingFrequency": 123.262,
  "InPlanePhaseEncodingDirectionDICOM": "COL",
  "MRAcquisitionType": "2D",
  "MagneticFieldStrength": 3,
  "Manufacturer": "Siemens",
  "ManufacturersModelName": "Prisma_fit",
  "Modality": "MR",
  "NonlinearGradientCorrection": false,
  "PatientPosition": "HFS",
  "PercentPhaseFOV": 100,
  "PercentSampling": 100,
  "PhaseEncodingAxis": "j",
  "PhaseEncodingSteps": 72,
  "PixelBandwidth": 1985,
  "ProcedureStepDescription": "MRI BRAIN WITHOUT IV CONTRAST",
  "ProtocolName": "REST_1_MoCo",
  "ReconMatrixPE": 72,
  "RepetitionTime": 2.5,
  "SAR": 0.0910758,
  "ScanOptions": "FS",
  "ScanningSequence": "EP",
  "SequenceName": "*epfid2d1_72",
  "SequenceVariant": "SK",
  "SeriesDescription": "MoCoSeries",
  "SeriesNumber": 6,
  "SliceThickness": 3,
  "SoftwareVersions": "syngo MR E11",
  "SpacingBetweenSlices": 3,
  "TaskName": "rest",
  "dcmmeta_affine": [
    [-2.99424147605896, -0.15692152082920074, 0.09946553409099579, 791.9774169921875],
    [-0.1598854511976242, 2.994415521621704, -0.08894980698823929, -693.3743286132812],
    [0.09462767094373703, 0.09408009052276611, 2.9970309734344482, -74.80323028564453],
    [0.0, 0.0, 0.0, 1.0]
],
  "dcmmeta_reorient_transform": [
    [0.0, -1.0, 0.0, 503.0],
    [1.0, 0.0, 0.0, 0.0],
    [0.0, 0.0, -1.0, 0.0],
    [0.0, 0.0, 0.0, 1.0]
],
  "dcmmeta_shape": [504, 504, 1, 122],
  "dcmmeta_slice_dim": 2,
  "dcmmeta_version": 0.6,
  "global": {
    "const": {
      "AccessionNumber": "e15dda32",
      "AcquisitionMatrix": [72, 0, 0, 72],
      "AngioFlag": "N",
      "BitsAllocated": 16,
      "BitsStored": 12,
      "BodyPartExamined": "BRAIN",
      "Columns": 504,
      "CountryOfResidence": "United States of America [1]",
      "EchoNumbers": 1,
      "EchoTime": 30.0,
      "EchoTrainLength": 72,
      "FlipAngle": 80.0,
      "HighBit": 11,
      "ImageOrientationPatient": [0.99808050476008, 0.05329515156303, 0.03154255597986, -0.052307171615, 0.99813852156925, -0.0313600312051],
      "ImagePositionPatient": [-713.04588913285, -812.81671821613, -27.480941457997],
      "ImageType": [
        "ORIGINAL",
        "PRIMARY",
        "M",
        "ND",
        "NORM",
        "MOCO",
        "MOSAIC"
],
      "ImagedNucleus": "1H",
      "ImagingFrequency": 123.262174,
      "InPlanePhaseEncodingDirection": "COL",
      "MRAcquisitionType": "2D",
      "MagneticFieldStrength": 3.0,
      "Manufacturer": "SIEMENS",
      "ManufacturerModelName": "Prisma_fit",
      "Modality": "MR",
      "NumberOfAverages": 1.0,
      "NumberOfPhaseEncodingSteps": 72,
      "PercentPhaseFieldOfView": 100.0,
      "PercentSampling": 100.0,
      "PerformedProcedureStepStartTime": "193404.317000",
      "PhotometricInterpretation": "MONOCHROME2",
      "PixelBandwidth": 1985.0,
      "PixelRepresentation": 0,
      "PixelSpacing": [3.0, 3.0],
      "PregnancyStatus": 4,
      "ProcedureCodeSequence": [
        {
          "CodeMeaning": "MRI BRAIN WITHOUT IV CONTRAST",
          "CodeValue": "IMG269",
          "CodingSchemeDesignator": "L"
        }
],
      "ProtocolName": "REST_1",
      "RepetitionTime": 2500.0,
      "RequestAttributesSequence": [
        {
          "ScheduledProcedureStepDescription": "MRI BRAIN WITHOUT IV CONTRAST",
          "ScheduledProcedureStepID": "E17796094",
          "ScheduledProtocolCodeSequence": [
            {
              "CodeMeaning": "MRI BRAIN WITHOUT IV CONTRAST",
              "CodeValue": "651061",
              "CodingSchemeDesignator": "L"
            }
]
        }
],
      "RequestedProcedureCodeSequence": [
        {
          "CodeMeaning": "MRI BRAIN WITHOUT IV CONTRAST",
          "CodeValue": "IMG269",
          "CodingSchemeDesignator": "L"
        }
],
      "RetrieveAETitle": "ODD",
      "Rows": 504,
      "SAR": 0.09107576961177,
      "SamplesPerPixel": 1,
      "ScanOptions": "FS",
      "ScanningSequence": "EP",
      "SequenceName": "*epfid2d1_72",
      "SequenceVariant": "SK",
      "SeriesDescription": "MoCoSeries",
      "SeriesNumber": 6,
      "SeriesTime": "194524.112000",
      "SliceLocation": -27.912542783294,
      "SliceThickness": 3.0,
      "SmallestImagePixelValue": 0,
      "SmokingStatus": "UNKNOWN",
      "SoftwareVersions": "syngo MR E11",
      "SpacingBetweenSlices": 3.0000000770267,
      "SpecificCharacterSet": "ISO_IR 100",
      "StudyID": "8b7cc478",
      "StudyTime": "193404.162000",
      "TransmitCoilName": "Body",
      "VariableFlipAngleFlag": "N",
      "WindowCenterWidthExplanation": "Algo1",
      "dBdt": 0.0},
